{"BodyPartExamined": "BRAIN", "ConversionSoftware": "dcm2nii", "ConversionSoftwareVersion": "6-2013", "EchoTime": 0.025, "FlipAngle": 75.0, "ImageType": "ORIGINAL_PRIMARY_EPI_NONE", "MagneticFieldStrength": 3.0, "Manufacturer": "GE MEDICAL SYSTEMS", "ProcedureStepDescription": "Mattfeld_WMAZE", "ProtocolName": "Mattfeld_WMAZE", "RepetitionTime": 2.0, "ScanningSequence": "EP_GR", "SequenceVariant": "S_S", "TaskName": "condition visual associative learning task"}