{"AcquisitionDateTime": "1800-01-01T14:17:45", "BodyPartExamined": "BRAIN", "ConversionSoftware": "dcm2nii", "ConversionSoftwareVersion": "6-2013", "EchoTime": 0.025, "FlipAngle": 75.0, "ImageType": "ORIGINAL_PRIMARY_EPI_NONE", "MagneticFieldStrength": 3.0, "Manufacturer": "GE MEDICAL SYSTEMS", "ProcedureStepDescription": "Mattfeld_WMAZE", "ProtocolName": "Mattfeld_WMAZE", "RepetitionTime": 2.0, "ScanningSequence": "EP_GR", "SequenceVariant": "S_S", "SliceTiming": [0.0, 1.0, 0.047619047619047616, 1.0476190476190477, 0.09523809523809523, 1.0952380952380953, 0.14285714285714285, 1.1428571428571428, 0.19047619047619047, 1.1904761904761905, 0.23809523809523808, 1.2380952380952381, 0.2857142857142857, 1.2857142857142858, 0.3333333333333333, 1.3333333333333333, 0.38095238095238093, 1.380952380952381, 0.42857142857142855, 1.4285714285714286, 0.47619047619047616, 1.4761904761904763, 0.5238095238095238, 1.5238095238095237, 0.5714285714285714, 1.5714285714285714, 0.6190476190476191, 1.619047619047619, 0.6666666666666666, 1.6666666666666667, 0.7142857142857143, 1.7142857142857142, 0.7619047619047619, 1.7619047619047619, 0.8095238095238095, 1.8095238095238095, 0.8571428571428571, 1.8571428571428572, 0.9047619047619048, 1.9047619047619047, 0.9523809523809523, 1.9523809523809523], "TaskName": "conditional visual associative learning task"}