{
  "aor": 0.0019676,
  "aqi": 0.0018041729550000002,
  "bids_meta": {
    "AcquisitionDateTime": "2015-10-12T14:34:14",
    "BodyPartExamined": "BRAIN",
    "ConversionSoftware": "dcm2nii",
    "ConversionSoftwareVersion": "6-2013",
    "EchoTime": 0.025,
    "FlipAngle": 75.0,
    "ImageType": "ORIGINAL_PRIMARY_EPI_NONE",
    "MagneticFieldStrength": 3.0,
    "Manufacturer": "GE MEDICAL SYSTEMS",
    "ProcedureStepDescription": "Mattfeld_WMAZE",
    "ProtocolName": "Mattfeld_WMAZE",
    "RepetitionTime": 2.0,
    "ScanningSequence": "EP_GR",
    "SequenceVariant": "S_S",
    "SliceTiming": [
      0.0,
      1.0,
      0.047619047619047616,
      1.0476190476190477,
      0.09523809523809523,
      1.0952380952380953,
      0.14285714285714285,
      1.1428571428571428,
      0.19047619047619047,
      1.1904761904761905,
      0.23809523809523808,
      1.2380952380952381,
      0.2857142857142857,
      1.2857142857142858,
      0.3333333333333333,
      1.3333333333333333,
      0.38095238095238093,
      1.380952380952381,
      0.42857142857142855,
      1.4285714285714286,
      0.47619047619047616,
      1.4761904761904763,
      0.5238095238095238,
      1.5238095238095237,
      0.5714285714285714,
      1.5714285714285714,
      0.6190476190476191,
      1.619047619047619,
      0.6666666666666666,
      1.6666666666666667,
      0.7142857142857143,
      1.7142857142857142,
      0.7619047619047619,
      1.7619047619047619,
      0.8095238095238095,
      1.8095238095238095,
      0.8571428571428571,
      1.8571428571428572,
      0.9047619047619048,
      1.9047619047619047,
      0.9523809523809523,
      1.9523809523809523
    ],
    "TaskName": "TODO: full task name for condassoc",
    "modality": "bold",
    "run_id": "06",
    "subject_id": "017",
    "task_id": "condassoc"
  },
  "dummy_trs": 0,
  "dvars_nstd": 16.803400734924626,
  "dvars_std": 1.157804358944723,
  "dvars_vstd": 1.01747102120603,
  "efc": 0.4248132424819407,
  "fber": 63461.703125,
  "fd_mean": 0.0563480089889461,
  "fd_num": 1,
  "fd_perc": 0.5,
  "fwhm_avg": 3.094747649220603,
  "fwhm_x": 3.024716,
  "fwhm_y": 3.393324,
  "fwhm_z": 2.8662029476618107,
  "gcor": 0.0143646,
  "gsr_x": -0.011427998542785645,
  "gsr_y": 0.019363991916179657,
  "provenance": {
    "md5sum": "aaed376d823dc10f6056d7965c4d5298",
    "settings": {
      "fd_thres": 0.2,
      "hmc_fsl": false
    },
    "software": "mriqc",
    "version": "0.11.0",
    "webapi_port": null,
    "webapi_url": null
  },
  "size_t": 200,
  "size_x": 96,
  "size_y": 96,
  "size_z": 42,
  "snr": 3.5976165699842313,
  "spacing_tr": 2.0,
  "spacing_x": 2.5,
  "spacing_y": 2.5,
  "spacing_z": 3.0000736713409424,
  "summary_bg_k": 32.221197423146755,
  "summary_bg_mad": 10.867474555969238,
  "summary_bg_mean": 71.33097076416016,
  "summary_bg_median": 7.724999904632568,
  "summary_bg_n": 263613.0,
  "summary_bg_p05": 0.07999999821186066,
  "summary_bg_p95": 401.1999816894531,
  "summary_bg_stdv": 212.28602600097656,
  "summary_fg_k": 0.7459349105588906,
  "summary_fg_mad": 485.68560791015625,
  "summary_fg_mean": 2065.0341796875,
  "summary_fg_median": 2009.469970703125,
  "summary_fg_n": 64529.0,
  "summary_fg_p05": 1234.125,
  "summary_fg_p95": 3087.983935546875,
  "summary_fg_stdv": 558.5515747070312,
  "tsnr": 89.31133270263672
}