{
  "bids_meta": {
    "AcquisitionDateTime": "2015-10-22T16:04:45",
    "BodyPartExamined": "BRAIN",
    "ConversionSoftware": "dcm2nii",
    "ConversionSoftwareVersion": "6-2013",
    "EchoTime": 0.00368,
    "FlipAngle": 12.0,
    "ImageType": "ORIGINAL_PRIMARY_OTHER",
    "InversionTime": 0.65,
    "MagneticFieldStrength": 3.0,
    "Manufacturer": "GE MEDICAL SYSTEMS",
    "ProcedureStepDescription": "Mattfeld_WMAZE",
    "ProtocolName": "Mattfeld_WMAZE",
    "RepetitionTime": 0.009184,
    "ScanningSequence": "G_R",
    "SequenceVariant": "SS_SK",
    "modality": "T1w",
    "run_id": "01",
    "subject_id": "022"
  },
  "cjv": 0.4443656081742728,
  "cnr": 3.055535509798539,
  "efc": 0.5471216783891201,
  "fber": 314.673583984375,
  "fwhm_avg": 3.49423,
  "fwhm_x": 3.5245,
  "fwhm_y": 3.64565,
  "fwhm_z": 3.31254,
  "icvs_csf": 0.16695793967006847,
  "icvs_gm": 0.412359250729673,
  "icvs_wm": 0.4206828096002585,
  "inu_med": 1.077872395515442,
  "inu_range": 0.23778315782546988,
  "provenance": {
    "md5sum": "8734d1bf8f7ca548d2d31bb9f501e2c8",
    "settings": {
      "testing": false
    },
    "software": "mriqc",
    "version": "0.11.0",
    "warnings": {
      "large_rot_frame": true,
      "small_air_mask": false
    },
    "webapi_port": null,
    "webapi_url": "https://mriqc.nimh.nih.gov/api/v1"
  },
  "qi_1": 0.0008354800702310666,
  "qi_2": 0.0009266926319105783,
  "rpve_csf": 37.88734708154922,
  "rpve_gm": 16.038348609186826,
  "rpve_wm": 18.075009526371236,
  "size_x": 186,
  "size_y": 256,
  "size_z": 256,
  "snr_csf": 2.3183947693641875,
  "snr_gm": 17.95754712003821,
  "snr_total": 14.480815741065802,
  "snr_wm": 23.16650533379501,
  "snrd_csf": 42.68342047629444,
  "snrd_gm": 82.36372194720957,
  "snrd_total": 75.74890942888945,
  "snrd_wm": 102.19958586316433,
  "spacing_x": 1.0,
  "spacing_y": 1.0,
  "spacing_z": 1.0,
  "summary_bg_k": 19.809254222716994,
  "summary_bg_mad": 6.410491466522217,
  "summary_bg_mean": 44.33831787109375,
  "summary_bg_median": 42.02571487426758,
  "summary_bg_n": 3769913.0,
  "summary_bg_p05": 32.3239013671875,
  "summary_bg_p95": 66.64324951171875,
  "summary_bg_stdv": 12.55371379852295,
  "summary_csf_k": 11.073112956887119,
  "summary_csf_mad": 86.37290954589844,
  "summary_csf_mean": 468.81170654296875,
  "summary_csf_median": 417.6560974121094,
  "summary_csf_n": 22748.0,
  "summary_csf_p05": 322.49278259277344,
  "summary_csf_p95": 711.1035949707029,
  "summary_csf_stdv": 180.14486694335938,
  "summary_gm_k": 0.1858646961488355,
  "summary_gm_mad": 44.0823974609375,
  "summary_gm_mean": 807.8877563476562,
  "summary_gm_median": 805.9267578125,
  "summary_gm_n": 22928.0,
  "summary_gm_p05": 738.2399047851562,
  "summary_gm_p95": 884.6545013427734,
  "summary_gm_stdv": 44.878578186035156,
  "summary_wm_k": 0.4886057104297965,
  "summary_wm_mad": 42.1660270690918,
  "summary_wm_mean": 1003.1064453125,
  "summary_wm_median": 1000.0201416015625,
  "summary_wm_n": 171127.0,
  "summary_wm_p05": 938.5616210937501,
  "summary_wm_p95": 1078.795849609375,
  "summary_wm_stdv": 43.16651153564453,
  "tpm_overlap_csf": 0.21912074089050293,
  "tpm_overlap_gm": 0.4879283607006073,
  "tpm_overlap_wm": 0.5225929021835327,
  "wm2max": 0.5260993694376049
}