{
  "bids_meta": {
    "AcquisitionDateTime": "2015-10-21T15:15:03",
    "BodyPartExamined": "BRAIN",
    "ConversionSoftware": "dcm2nii",
    "ConversionSoftwareVersion": "6-2013",
    "EchoTime": 0.00368,
    "FlipAngle": 12.0,
    "ImageType": "ORIGINAL_PRIMARY_OTHER",
    "InversionTime": 0.65,
    "MagneticFieldStrength": 3.0,
    "Manufacturer": "GE MEDICAL SYSTEMS",
    "ProcedureStepDescription": "Mattfeld_WMAZE",
    "ProtocolName": "Mattfeld_WMAZE",
    "RepetitionTime": 0.009184,
    "ScanningSequence": "G_R",
    "SequenceVariant": "SS_SK",
    "modality": "T1w",
    "run_id": "01",
    "subject_id": "021"
  },
  "cjv": 0.4306430573709919,
  "cnr": 3.045650068984333,
  "efc": 0.5552288647149023,
  "fber": 241.03848266601562,
  "fwhm_avg": 3.5669566666666666,
  "fwhm_x": 3.66005,
  "fwhm_y": 3.65947,
  "fwhm_z": 3.38135,
  "icvs_csf": 0.16327470445752865,
  "icvs_gm": 0.42173483844766324,
  "icvs_wm": 0.41499045709480814,
  "inu_med": 1.103847622871399,
  "inu_range": 0.26228389739990243,
  "provenance": {
    "md5sum": "6978211c2e4118b529b7561e82ded7d5",
    "settings": {
      "testing": false
    },
    "software": "mriqc",
    "version": "0.11.0",
    "warnings": {
      "large_rot_frame": true,
      "small_air_mask": false
    },
    "webapi_port": null,
    "webapi_url": "https://mriqc.nimh.nih.gov/api/v1"
  },
  "qi_1": 0.0022412821428660357,
  "qi_2": 0.0011757996097955538,
  "rpve_csf": 37.92441664165666,
  "rpve_gm": 15.577911695978354,
  "rpve_wm": 17.761924562011835,
  "size_x": 186,
  "size_y": 256,
  "size_z": 256,
  "snr_csf": 3.0521891780332786,
  "snr_gm": 19.71964310712421,
  "snr_total": 14.331661402359659,
  "snr_wm": 20.22315192192149,
  "snrd_csf": 36.48318555581315,
  "snrd_gm": 69.5714343977628,
  "snrd_total": 64.30201882052248,
  "snrd_wm": 86.85143650799148,
  "spacing_x": 1.0,
  "spacing_y": 1.0,
  "spacing_z": 1.0,
  "summary_bg_k": 13.164179556228529,
  "summary_bg_mad": 7.543380260467529,
  "summary_bg_mean": 48.06486511230469,
  "summary_bg_median": 45.87236404418945,
  "summary_bg_n": 3366017.0,
  "summary_bg_p05": 34.20565338134766,
  "summary_bg_p95": 71.3751556396484,
  "summary_bg_stdv": 13.12904167175293,
  "summary_csf_k": 19.58369441258913,
  "summary_csf_mad": 70.79531860351562,
  "summary_csf_mean": 450.238037109375,
  "summary_csf_median": 420.0751953125,
  "summary_csf_n": 15704.0,
  "summary_csf_p05": 309.4285766601563,
  "summary_csf_p95": 645.0737854003904,
  "summary_csf_stdv": 137.62640380859375,
  "summary_gm_k": 0.23893624200328034,
  "summary_gm_mad": 39.361080169677734,
  "summary_gm_mean": 801.1517944335938,
  "summary_gm_median": 801.0603637695312,
  "summary_gm_n": 21256.0,
  "summary_gm_p05": 734.6335754394531,
  "summary_gm_p95": 868.6124114990234,
  "summary_gm_stdv": 40.62150192260742,
  "summary_wm_k": 0.9087971794474083,
  "summary_wm_mad": 46.32209014892578,
  "summary_wm_mean": 1006.7564086914062,
  "summary_wm_median": 1000.0260009765625,
  "summary_wm_n": 162315.0,
  "summary_wm_p05": 940.0395568847656,
  "summary_wm_p95": 1099.5777221679687,
  "summary_wm_stdv": 49.44940948486328,
  "tpm_overlap_csf": 0.21809476613998413,
  "tpm_overlap_gm": 0.4965505003929138,
  "tpm_overlap_wm": 0.5240330100059509,
  "wm2max": 0.5370945415693414
}