{
  "aor": 0.015910249999999997,
  "aqi": 0.0039763678,
  "bids_meta": {
    "AcquisitionDateTime": "2015-09-17T18:16:18",
    "BodyPartExamined": "BRAIN",
    "ConversionSoftware": "dcm2nii",
    "ConversionSoftwareVersion": "6-2013",
    "EchoTime": 0.025,
    "FlipAngle": 75.0,
    "ImageType": "ORIGINAL_PRIMARY_EPI_NONE",
    "MagneticFieldStrength": 3.0,
    "Manufacturer": "GE MEDICAL SYSTEMS",
    "ProcedureStepDescription": "Mattfeld_WMAZE",
    "ProtocolName": "Mattfeld_WMAZE",
    "RepetitionTime": 2.0,
    "ScanningSequence": "EP_GR",
    "SequenceVariant": "S_S",
    "SliceTiming": [
      0.0,
      1.0,
      0.047619047619047616,
      1.0476190476190477,
      0.09523809523809523,
      1.0952380952380953,
      0.14285714285714285,
      1.1428571428571428,
      0.19047619047619047,
      1.1904761904761905,
      0.23809523809523808,
      1.2380952380952381,
      0.2857142857142857,
      1.2857142857142858,
      0.3333333333333333,
      1.3333333333333333,
      0.38095238095238093,
      1.380952380952381,
      0.42857142857142855,
      1.4285714285714286,
      0.47619047619047616,
      1.4761904761904763,
      0.5238095238095238,
      1.5238095238095237,
      0.5714285714285714,
      1.5714285714285714,
      0.6190476190476191,
      1.619047619047619,
      0.6666666666666666,
      1.6666666666666667,
      0.7142857142857143,
      1.7142857142857142,
      0.7619047619047619,
      1.7619047619047619,
      0.8095238095238095,
      1.8095238095238095,
      0.8571428571428571,
      1.8571428571428572,
      0.9047619047619048,
      1.9047619047619047,
      0.9523809523809523,
      1.9523809523809523
    ],
    "TaskName": "TODO: full task name for condassoc",
    "modality": "bold",
    "run_id": "06",
    "subject_id": "002",
    "task_id": "condassoc"
  },
  "dummy_trs": 0,
  "dvars_nstd": 23.966998565226135,
  "dvars_std": 1.155507031105528,
  "dvars_vstd": 1.0674936302512563,
  "efc": 0.47290744203625684,
  "fber": 64058.9375,
  "fd_mean": 0.23097187601505445,
  "fd_num": 52,
  "fd_perc": 26.0,
  "fwhm_avg": 3.2113975520110025,
  "fwhm_x": 3.0899840000000003,
  "fwhm_y": 3.385132,
  "fwhm_z": 3.159076656033009,
  "gcor": 0.0965085,
  "gsr_x": -0.011929216794669628,
  "gsr_y": 0.01982942782342434,
  "provenance": {
    "md5sum": "fb6f73bd848572340a1a0a357c403c91",
    "settings": {
      "fd_thres": 0.2,
      "hmc_fsl": false
    },
    "software": "mriqc",
    "version": "0.11.0",
    "webapi_port": null,
    "webapi_url": null
  },
  "size_t": 200,
  "size_x": 96,
  "size_y": 96,
  "size_z": 42,
  "snr": 2.9411454652324847,
  "spacing_tr": 2.0,
  "spacing_x": 2.5,
  "spacing_y": 2.5,
  "spacing_z": 3.000170946121216,
  "summary_bg_k": 30.264308235142956,
  "summary_bg_mad": 10.696974754333496,
  "summary_bg_mean": 73.2633285522461,
  "summary_bg_median": 7.679999828338623,
  "summary_bg_n": 241899.0,
  "summary_bg_p05": 0.12999999523162842,
  "summary_bg_p95": 482.492990112304,
  "summary_bg_stdv": 218.00088500976562,
  "summary_fg_k": 0.9587232675139643,
  "summary_fg_mad": 568.941162109375,
  "summary_fg_mean": 2142.16943359375,
  "summary_fg_median": 2013.989990234375,
  "summary_fg_n": 84545.0,
  "summary_fg_p05": 1247.7660156250001,
  "summary_fg_p95": 3488.2810058593755,
  "summary_fg_stdv": 684.759765625,
  "tsnr": 53.66735076904297
}