{
  "aor": 0.00166775,
  "aqi": 0.00218984125,
  "bids_meta": {
    "AcquisitionDateTime": "2015-10-01T12:12:14",
    "BodyPartExamined": "BRAIN",
    "ConversionSoftware": "dcm2nii",
    "ConversionSoftwareVersion": "6-2013",
    "EchoTime": 0.025,
    "FlipAngle": 75.0,
    "ImageType": "ORIGINAL_PRIMARY_EPI_NONE",
    "MagneticFieldStrength": 3.0,
    "Manufacturer": "GE MEDICAL SYSTEMS",
    "ProcedureStepDescription": "Mattfeld_WMAZE",
    "ProtocolName": "Mattfeld_WMAZE",
    "RepetitionTime": 2.0,
    "ScanningSequence": "EP_GR",
    "SequenceVariant": "S_S",
    "SliceTiming": [
      0.0,
      1.0,
      0.047619047619047616,
      1.0476190476190477,
      0.09523809523809523,
      1.0952380952380953,
      0.14285714285714285,
      1.1428571428571428,
      0.19047619047619047,
      1.1904761904761905,
      0.23809523809523808,
      1.2380952380952381,
      0.2857142857142857,
      1.2857142857142858,
      0.3333333333333333,
      1.3333333333333333,
      0.38095238095238093,
      1.380952380952381,
      0.42857142857142855,
      1.4285714285714286,
      0.47619047619047616,
      1.4761904761904763,
      0.5238095238095238,
      1.5238095238095237,
      0.5714285714285714,
      1.5714285714285714,
      0.6190476190476191,
      1.619047619047619,
      0.6666666666666666,
      1.6666666666666667,
      0.7142857142857143,
      1.7142857142857142,
      0.7619047619047619,
      1.7619047619047619,
      0.8095238095238095,
      1.8095238095238095,
      0.8571428571428571,
      1.8571428571428572,
      0.9047619047619048,
      1.9047619047619047,
      0.9523809523809523,
      1.9523809523809523
    ],
    "TaskName": "TODO: full task name for condassoc",
    "modality": "bold",
    "run_id": "05",
    "subject_id": "010",
    "task_id": "condassoc"
  },
  "dummy_trs": 0,
  "dvars_nstd": 17.07023087211055,
  "dvars_std": 1.1307555704522614,
  "dvars_vstd": 1.0017226142713567,
  "efc": 0.40705643241858214,
  "fber": 57921.65625,
  "fd_mean": 0.06236447470342083,
  "fd_num": 5,
  "fd_perc": 2.5,
  "fwhm_avg": 3.0716506357502555,
  "fwhm_x": 2.9914560000000003,
  "fwhm_y": 3.232784,
  "fwhm_z": 2.990711907250766,
  "gcor": 0.0186762,
  "gsr_x": -0.01551125943660736,
  "gsr_y": 0.014847619459033012,
  "provenance": {
    "md5sum": "78123bfc86c56b976359b866a78e61ce",
    "settings": {
      "fd_thres": 0.2,
      "hmc_fsl": false
    },
    "software": "mriqc",
    "version": "0.11.0",
    "webapi_port": null,
    "webapi_url": null
  },
  "size_t": 200,
  "size_x": 96,
  "size_y": 96,
  "size_z": 42,
  "snr": 3.5756986272508873,
  "spacing_tr": 2.0,
  "spacing_x": 2.5,
  "spacing_y": 2.5,
  "spacing_z": 3.0000014305114746,
  "summary_bg_k": 49.09553812616978,
  "summary_bg_mad": 11.319668769836426,
  "summary_bg_mean": 52.438533782958984,
  "summary_bg_median": 8.170000076293945,
  "summary_bg_n": 269092.0,
  "summary_bg_p05": 0.10999999940395355,
  "summary_bg_p95": 266.06899261474575,
  "summary_bg_stdv": 159.44300842285156,
  "summary_fg_k": 1.0151144031316601,
  "summary_fg_mad": 469.8367919921875,
  "summary_fg_mean": 2077.80810546875,
  "summary_fg_median": 2017.007568359375,
  "summary_fg_n": 61072.0,
  "summary_fg_p05": 1240.965966796875,
  "summary_fg_p95": 3105.070959472656,
  "summary_fg_stdv": 564.0830688476562,
  "tsnr": 84.42984008789062
}