{
  "bids_meta": {
    "AcquisitionDateTime": "2015-11-12T17:28:06",
    "BodyPartExamined": "BRAIN",
    "ConversionSoftware": "dcm2nii",
    "ConversionSoftwareVersion": "6-2013",
    "EchoTime": 0.00368,
    "FlipAngle": 12.0,
    "ImageType": "ORIGINAL_PRIMARY_OTHER",
    "InversionTime": 0.65,
    "MagneticFieldStrength": 3.0,
    "Manufacturer": "GE MEDICAL SYSTEMS",
    "ProcedureStepDescription": "Mattfeld_WMAZE",
    "ProtocolName": "Mattfeld_WMAZE",
    "RepetitionTime": 0.009184,
    "ScanningSequence": "G_R",
    "SequenceVariant": "SS_SK",
    "modality": "T1w",
    "run_id": "01",
    "subject_id": "027"
  },
  "cjv": 0.4166830605145636,
  "cnr": 3.1308828396471107,
  "efc": 0.6810188190643104,
  "fber": 26349.205078125,
  "fwhm_avg": 4.1198500000000005,
  "fwhm_x": 4.3372,
  "fwhm_y": 4.18316,
  "fwhm_z": 3.83919,
  "icvs_csf": 0.1943506302424591,
  "icvs_gm": 0.4424730284972771,
  "icvs_wm": 0.3631763412602638,
  "inu_med": 0.8426369428634644,
  "inu_range": 0.15864747762680054,
  "provenance": {
    "md5sum": "995faeddd5e06fdc1107553155805c56",
    "settings": {
      "testing": false
    },
    "software": "mriqc",
    "version": "0.11.0",
    "warnings": {
      "large_rot_frame": true,
      "small_air_mask": false
    },
    "webapi_port": null,
    "webapi_url": "https://mriqc.nimh.nih.gov/api/v1"
  },
  "qi_1": 0.0,
  "qi_2": 0.0015580271744934757,
  "rpve_csf": 27.691597296270704,
  "rpve_gm": 13.366493858297137,
  "rpve_wm": 18.988747516220045,
  "size_x": 186,
  "size_y": 256,
  "size_z": 256,
  "snr_csf": 3.7716039233359546,
  "snr_gm": 14.175694384982538,
  "snr_total": 14.37877210037369,
  "snr_wm": 25.189017992802576,
  "snrd_csf": 76.49213526552276,
  "snrd_gm": 151.33923656183052,
  "snrd_total": 140.4941765705487,
  "snrd_wm": 193.65115788429281,
  "spacing_x": 1.0,
  "spacing_y": 1.0,
  "spacing_z": 1.0,
  "summary_bg_k": 4.229093142661573,
  "summary_bg_mad": 3.383091449737549,
  "summary_bg_mean": 11.267098426818848,
  "summary_bg_median": 3.1073389053344727,
  "summary_bg_n": 876950.0,
  "summary_bg_p05": 0.7448197573423385,
  "summary_bg_p95": 46.845886421203616,
  "summary_bg_stdv": 15.96772289276123,
  "summary_csf_k": 0.5174914591674296,
  "summary_csf_mad": 87.55687713623047,
  "summary_csf_mean": 418.711181640625,
  "summary_csf_median": 395.0015563964844,
  "summary_csf_n": 26821.0,
  "summary_csf_p05": 285.4210205078125,
  "summary_csf_p95": 621.9835815429688,
  "summary_csf_stdv": 104.72843933105469,
  "summary_gm_k": 0.012035629913110135,
  "summary_gm_mad": 55.37606430053711,
  "summary_gm_mean": 784.2328491210938,
  "summary_gm_median": 781.5082397460938,
  "summary_gm_n": 35499.0,
  "summary_gm_p05": 698.940625,
  "summary_gm_p95": 879.8304809570312,
  "summary_gm_stdv": 55.12937927246094,
  "summary_wm_k": 1.091527738532588,
  "summary_wm_mad": 35.66778564453125,
  "summary_wm_mean": 999.7697143554688,
  "summary_wm_median": 1000.0048828125,
  "summary_wm_n": 218284.0,
  "summary_wm_p05": 933.3842132568359,
  "summary_wm_p95": 1063.130126953125,
  "summary_wm_stdv": 39.69994354248047,
  "tpm_overlap_csf": 0.23189657926559448,
  "tpm_overlap_gm": 0.5330761671066284,
  "tpm_overlap_wm": 0.5713891386985779,
  "wm2max": 0.6178579736667513
}