{
  "bids_meta": {
    "AcquisitionDateTime": "2015-11-12T16:02:02",
    "BodyPartExamined": "BRAIN",
    "ConversionSoftware": "dcm2nii",
    "ConversionSoftwareVersion": "6-2013",
    "EchoTime": 0.00368,
    "FlipAngle": 12.0,
    "ImageType": "ORIGINAL_PRIMARY_OTHER",
    "InversionTime": 0.65,
    "MagneticFieldStrength": 3.0,
    "Manufacturer": "GE MEDICAL SYSTEMS",
    "ProcedureStepDescription": "Mattfeld_WMAZE",
    "ProtocolName": "Mattfeld_WMAZE",
    "RepetitionTime": 0.009184,
    "ScanningSequence": "G_R",
    "SequenceVariant": "SS_SK",
    "modality": "T1w",
    "run_id": "01",
    "subject_id": "026"
  },
  "cjv": 0.36002175992749064,
  "cnr": 3.4397108461583987,
  "efc": 0.6908329818827377,
  "fber": 30350.904296875,
  "fwhm_avg": 4.2678433333333325,
  "fwhm_x": 4.48302,
  "fwhm_y": 4.37727,
  "fwhm_z": 3.94324,
  "icvs_csf": 0.17581563707715592,
  "icvs_gm": 0.4459067543938401,
  "icvs_wm": 0.378277608529004,
  "inu_med": 0.7210564613342285,
  "inu_range": 0.12769813537597652,
  "provenance": {
    "md5sum": "7c8190b6219e13c4eb8a05a86208eff2",
    "settings": {
      "testing": false
    },
    "software": "mriqc",
    "version": "0.11.0",
    "warnings": {
      "large_rot_frame": true,
      "small_air_mask": false
    },
    "webapi_port": null,
    "webapi_url": "https://mriqc.nimh.nih.gov/api/v1"
  },
  "qi_1": 0.0,
  "qi_2": 0.002482236879756033,
  "rpve_csf": 28.181491703056768,
  "rpve_gm": 12.686783132453785,
  "rpve_wm": 17.511785130423462,
  "size_x": 186,
  "size_y": 256,
  "size_z": 256,
  "snr_csf": 3.692369747039925,
  "snr_gm": 13.05547427166514,
  "snr_total": 14.670199476420834,
  "snr_wm": 27.262754410557438,
  "snrd_csf": 94.55437263266265,
  "snrd_gm": 177.22585661153883,
  "snrd_total": 168.35171971601207,
  "snrd_wm": 233.27492990383476,
  "spacing_x": 1.0,
  "spacing_y": 1.0,
  "spacing_z": 1.0,
  "summary_bg_k": 3.836094554908825,
  "summary_bg_mad": 2.8084323406219482,
  "summary_bg_mean": 8.624011993408203,
  "summary_bg_median": 2.553894519805908,
  "summary_bg_n": 863243.0,
  "summary_bg_p05": 0.6180310070514679,
  "summary_bg_p95": 36.28677177429198,
  "summary_bg_stdv": 12.148855209350586,
  "summary_csf_k": 0.1219457127234862,
  "summary_csf_mad": 102.34228515625,
  "summary_csf_mean": 428.4452209472656,
  "summary_csf_median": 405.33477783203125,
  "summary_csf_n": 24442.0,
  "summary_csf_p05": 274.22762298583984,
  "summary_csf_p95": 619.7693969726564,
  "summary_csf_stdv": 109.77407836914062,
  "summary_gm_k": 0.6948908549951307,
  "summary_gm_mad": 53.68379211425781,
  "summary_gm_mean": 765.3008422851562,
  "summary_gm_median": 759.7301025390625,
  "summary_gm_n": 41455.0,
  "summary_gm_p05": 681.3642822265625,
  "summary_gm_p95": 872.0586120605469,
  "summary_gm_stdv": 58.19175338745117,
  "summary_wm_k": 1.1233708898968198,
  "summary_wm_mad": 32.81886291503906,
  "summary_wm_mean": 999.22705078125,
  "summary_wm_median": 1000.000732421875,
  "summary_wm_n": 255581.0,
  "summary_wm_p05": 937.5933837890625,
  "summary_wm_p95": 1056.4832763671875,
  "summary_wm_stdv": 36.68003463745117,
  "tpm_overlap_csf": 0.2349018156528473,
  "tpm_overlap_gm": 0.5378416180610657,
  "tpm_overlap_wm": 0.5786176919937134,
  "wm2max": 0.6291331999483993
}