{
  "aor": 0.007731557788944726,
  "aqi": 0.004486288241206031,
  "bids_meta": {
    "AcquisitionDateTime": "2015-10-21T14:35:03",
    "BodyPartExamined": "BRAIN",
    "ConversionSoftware": "dcm2nii",
    "ConversionSoftwareVersion": "6-2013",
    "EchoTime": 0.025,
    "FlipAngle": 75.0,
    "ImageType": "ORIGINAL_PRIMARY_EPI_NONE",
    "MagneticFieldStrength": 3.0,
    "Manufacturer": "GE MEDICAL SYSTEMS",
    "ProcedureStepDescription": "Mattfeld_WMAZE",
    "ProtocolName": "Mattfeld_WMAZE",
    "RepetitionTime": 2.0,
    "ScanningSequence": "EP_GR",
    "SequenceVariant": "S_S",
    "SliceTiming": [
      0.0,
      1.0,
      0.047619047619047616,
      1.0476190476190477,
      0.09523809523809523,
      1.0952380952380953,
      0.14285714285714285,
      1.1428571428571428,
      0.19047619047619047,
      1.1904761904761905,
      0.23809523809523808,
      1.2380952380952381,
      0.2857142857142857,
      1.2857142857142858,
      0.3333333333333333,
      1.3333333333333333,
      0.38095238095238093,
      1.380952380952381,
      0.42857142857142855,
      1.4285714285714286,
      0.47619047619047616,
      1.4761904761904763,
      0.5238095238095238,
      1.5238095238095237,
      0.5714285714285714,
      1.5714285714285714,
      0.6190476190476191,
      1.619047619047619,
      0.6666666666666666,
      1.6666666666666667,
      0.7142857142857143,
      1.7142857142857142,
      0.7619047619047619,
      1.7619047619047619,
      0.8095238095238095,
      1.8095238095238095,
      0.8571428571428571,
      1.8571428571428572,
      0.9047619047619048,
      1.9047619047619047,
      0.9523809523809523,
      1.9523809523809523
    ],
    "TaskName": "TODO: full task name for condassoc",
    "modality": "bold",
    "run_id": "05",
    "subject_id": "020",
    "task_id": "condassoc"
  },
  "dummy_trs": 1,
  "dvars_nstd": 15.424162248080808,
  "dvars_std": 1.0285081839898993,
  "dvars_vstd": 0.9852374850505055,
  "efc": 0.42894252750215367,
  "fber": 84202.40625,
  "fd_mean": 0.0786321456123699,
  "fd_num": 5,
  "fd_perc": 2.512562814070352,
  "fwhm_avg": 3.2044524214701426,
  "fwhm_x": 3.0890999999999997,
  "fwhm_y": 3.5185079999999997,
  "fwhm_z": 3.0057492644104284,
  "gcor": 0.0152357,
  "gsr_x": -0.019671067595481873,
  "gsr_y": 0.01828734576702118,
  "provenance": {
    "md5sum": "5f8fdfd5d1020711aa748d2c97279102",
    "settings": {
      "fd_thres": 0.2,
      "hmc_fsl": false
    },
    "software": "mriqc",
    "version": "0.11.0",
    "webapi_port": null,
    "webapi_url": null
  },
  "size_t": 199,
  "size_x": 96,
  "size_y": 96,
  "size_z": 42,
  "snr": 3.154309513856462,
  "spacing_tr": 2.0,
  "spacing_x": 2.5,
  "spacing_y": 2.5,
  "spacing_z": 2.999861001968384,
  "summary_bg_k": 30.337904520373925,
  "summary_bg_mad": 9.648090362548828,
  "summary_bg_mean": 69.10647583007812,
  "summary_bg_median": 6.864321708679199,
  "summary_bg_n": 261389.0,
  "summary_bg_p05": 0.10552763938903809,
  "summary_bg_p95": 422.37185058593695,
  "summary_bg_stdv": 203.50059509277344,
  "summary_fg_k": 1.0145315613678676,
  "summary_fg_mad": 534.332763671875,
  "summary_fg_mean": 2134.5927734375,
  "summary_fg_median": 2034.06787109375,
  "summary_fg_n": 67282.0,
  "summary_fg_p05": 1240.050964355469,
  "summary_fg_p95": 3366.4319702148437,
  "summary_fg_stdv": 644.8488159179688,
  "tsnr": 59.708160400390625
}