{
  "aor": 0.0026276500000000005,
  "aqi": 0.0021698659,
  "bids_meta": {
    "AcquisitionDateTime": "2015-10-21T15:29:15",
    "BodyPartExamined": "BRAIN",
    "ConversionSoftware": "dcm2nii",
    "ConversionSoftwareVersion": "6-2013",
    "EchoTime": 0.025,
    "FlipAngle": 75.0,
    "ImageType": "ORIGINAL_PRIMARY_EPI_NONE",
    "MagneticFieldStrength": 3.0,
    "Manufacturer": "GE MEDICAL SYSTEMS",
    "ProcedureStepDescription": "Mattfeld_WMAZE",
    "ProtocolName": "Mattfeld_WMAZE",
    "RepetitionTime": 2.0,
    "ScanningSequence": "EP_GR",
    "SequenceVariant": "S_S",
    "SliceTiming": [
      0.0,
      1.0,
      0.047619047619047616,
      1.0476190476190477,
      0.09523809523809523,
      1.0952380952380953,
      0.14285714285714285,
      1.1428571428571428,
      0.19047619047619047,
      1.1904761904761905,
      0.23809523809523808,
      1.2380952380952381,
      0.2857142857142857,
      1.2857142857142858,
      0.3333333333333333,
      1.3333333333333333,
      0.38095238095238093,
      1.380952380952381,
      0.42857142857142855,
      1.4285714285714286,
      0.47619047619047616,
      1.4761904761904763,
      0.5238095238095238,
      1.5238095238095237,
      0.5714285714285714,
      1.5714285714285714,
      0.6190476190476191,
      1.619047619047619,
      0.6666666666666666,
      1.6666666666666667,
      0.7142857142857143,
      1.7142857142857142,
      0.7619047619047619,
      1.7619047619047619,
      0.8095238095238095,
      1.8095238095238095,
      0.8571428571428571,
      1.8571428571428572,
      0.9047619047619048,
      1.9047619047619047,
      0.9523809523809523,
      1.9523809523809523
    ],
    "TaskName": "TODO: full task name for condassoc",
    "modality": "bold",
    "run_id": "01",
    "subject_id": "021",
    "task_id": "condassoc"
  },
  "dummy_trs": 0,
  "dvars_nstd": 20.747443822060312,
  "dvars_std": 1.3645218410552762,
  "dvars_vstd": 1.003965126331658,
  "efc": 0.41632321410619905,
  "fber": 72649.7734375,
  "fd_mean": 0.06172774762158027,
  "fd_num": 4,
  "fd_perc": 2.0,
  "fwhm_avg": 3.114763182964133,
  "fwhm_x": 3.110792,
  "fwhm_y": 3.2984720000000003,
  "fwhm_z": 2.935025548892399,
  "gcor": 0.0231119,
  "gsr_x": -0.021001942455768585,
  "gsr_y": 0.018201559782028198,
  "provenance": {
    "md5sum": "90f61b79129631cd512345e9a0379ef6",
    "settings": {
      "fd_thres": 0.2,
      "hmc_fsl": false
    },
    "software": "mriqc",
    "version": "0.11.0",
    "webapi_port": null,
    "webapi_url": null
  },
  "size_t": 200,
  "size_x": 96,
  "size_y": 96,
  "size_z": 42,
  "snr": 3.4204601787324327,
  "spacing_tr": 2.0,
  "spacing_x": 2.5,
  "spacing_y": 2.5,
  "spacing_z": 3.0002498626708984,
  "summary_bg_k": 29.541012040467344,
  "summary_bg_mad": 10.33373737335205,
  "summary_bg_mean": 64.79530334472656,
  "summary_bg_median": 7.494999885559082,
  "summary_bg_n": 266557.0,
  "summary_bg_p05": 0.1550000011920929,
  "summary_bg_p95": 383.3369873046869,
  "summary_bg_stdv": 197.30364990234375,
  "summary_fg_k": 1.4551287314098094,
  "summary_fg_mad": 471.6934814453125,
  "summary_fg_mean": 2156.037841796875,
  "summary_fg_median": 2052.35986328125,
  "summary_fg_n": 62864.0,
  "summary_fg_p05": 1346.0380004882813,
  "summary_fg_p95": 3315.126147460937,
  "summary_fg_stdv": 600.0197143554688,
  "tsnr": 95.60379028320312
}