{
  "aor": 0.0137426,
  "aqi": 0.0036703143000000006,
  "bids_meta": {
    "AcquisitionDateTime": "2015-09-17T18:08:20",
    "BodyPartExamined": "BRAIN",
    "ConversionSoftware": "dcm2nii",
    "ConversionSoftwareVersion": "6-2013",
    "EchoTime": 0.025,
    "FlipAngle": 75.0,
    "ImageType": "ORIGINAL_PRIMARY_EPI_NONE",
    "MagneticFieldStrength": 3.0,
    "Manufacturer": "GE MEDICAL SYSTEMS",
    "ProcedureStepDescription": "Mattfeld_WMAZE",
    "ProtocolName": "Mattfeld_WMAZE",
    "RepetitionTime": 2.0,
    "ScanningSequence": "EP_GR",
    "SequenceVariant": "S_S",
    "SliceTiming": [
      0.0,
      1.0,
      0.047619047619047616,
      1.0476190476190477,
      0.09523809523809523,
      1.0952380952380953,
      0.14285714285714285,
      1.1428571428571428,
      0.19047619047619047,
      1.1904761904761905,
      0.23809523809523808,
      1.2380952380952381,
      0.2857142857142857,
      1.2857142857142858,
      0.3333333333333333,
      1.3333333333333333,
      0.38095238095238093,
      1.380952380952381,
      0.42857142857142855,
      1.4285714285714286,
      0.47619047619047616,
      1.4761904761904763,
      0.5238095238095238,
      1.5238095238095237,
      0.5714285714285714,
      1.5714285714285714,
      0.6190476190476191,
      1.619047619047619,
      0.6666666666666666,
      1.6666666666666667,
      0.7142857142857143,
      1.7142857142857142,
      0.7619047619047619,
      1.7619047619047619,
      0.8095238095238095,
      1.8095238095238095,
      0.8571428571428571,
      1.8571428571428572,
      0.9047619047619048,
      1.9047619047619047,
      0.9523809523809523,
      1.9523809523809523
    ],
    "TaskName": "TODO: full task name for condassoc",
    "modality": "bold",
    "run_id": "05",
    "subject_id": "002",
    "task_id": "condassoc"
  },
  "dummy_trs": 0,
  "dvars_nstd": 24.82589918673367,
  "dvars_std": 1.2012346014070352,
  "dvars_vstd": 1.0792504266331655,
  "efc": 0.47180071801285434,
  "fber": 66836.1875,
  "fd_mean": 0.2668579058753307,
  "fd_num": 54,
  "fd_perc": 27.0,
  "fwhm_avg": 3.2139836206437216,
  "fwhm_x": 3.096716,
  "fwhm_y": 3.3780720000000004,
  "fwhm_z": 3.1671628619311645,
  "gcor": 0.0623153,
  "gsr_x": -0.011778190732002258,
  "gsr_y": 0.019040120765566826,
  "provenance": {
    "md5sum": "0187d2390396f4e2495b76b676134269",
    "settings": {
      "fd_thres": 0.2,
      "hmc_fsl": false
    },
    "software": "mriqc",
    "version": "0.11.0",
    "webapi_port": null,
    "webapi_url": null
  },
  "size_t": 200,
  "size_x": 96,
  "size_y": 96,
  "size_z": 42,
  "snr": 2.94333521808347,
  "spacing_tr": 2.0,
  "spacing_x": 2.5,
  "spacing_y": 2.5,
  "spacing_z": 3.000170946121216,
  "summary_bg_k": 31.41673076888432,
  "summary_bg_mad": 10.556127548217773,
  "summary_bg_mean": 72.87844848632812,
  "summary_bg_median": 7.589999675750732,
  "summary_bg_n": 242249.0,
  "summary_bg_p05": 0.13499999046325684,
  "summary_bg_p95": 480.4469909667964,
  "summary_bg_stdv": 216.90061950683594,
  "summary_fg_k": 0.9638611903326599,
  "summary_fg_mad": 569.860595703125,
  "summary_fg_mean": 2150.144775390625,
  "summary_fg_median": 2020.2999267578125,
  "summary_fg_n": 84271.0,
  "summary_fg_p05": 1258.8949584960938,
  "summary_fg_p95": 3498.6973876953125,
  "summary_fg_stdv": 686.3941040039062,
  "tsnr": 58.65609359741211
}