{
  "aor": 0.0007218999999999999,
  "aqi": 0.00211799965,
  "bids_meta": {
    "AcquisitionDateTime": "2015-10-15T13:04:30",
    "BodyPartExamined": "BRAIN",
    "ConversionSoftware": "dcm2nii",
    "ConversionSoftwareVersion": "6-2013",
    "EchoTime": 0.025,
    "FlipAngle": 75.0,
    "ImageType": "ORIGINAL_PRIMARY_EPI_NONE",
    "MagneticFieldStrength": 3.0,
    "Manufacturer": "GE MEDICAL SYSTEMS",
    "ProcedureStepDescription": "Mattfeld_WMAZE",
    "ProtocolName": "Mattfeld_WMAZE",
    "RepetitionTime": 2.0,
    "ScanningSequence": "EP_GR",
    "SequenceVariant": "S_S",
    "SliceTiming": [
      0.0,
      1.0,
      0.047619047619047616,
      1.0476190476190477,
      0.09523809523809523,
      1.0952380952380953,
      0.14285714285714285,
      1.1428571428571428,
      0.19047619047619047,
      1.1904761904761905,
      0.23809523809523808,
      1.2380952380952381,
      0.2857142857142857,
      1.2857142857142858,
      0.3333333333333333,
      1.3333333333333333,
      0.38095238095238093,
      1.380952380952381,
      0.42857142857142855,
      1.4285714285714286,
      0.47619047619047616,
      1.4761904761904763,
      0.5238095238095238,
      1.5238095238095237,
      0.5714285714285714,
      1.5714285714285714,
      0.6190476190476191,
      1.619047619047619,
      0.6666666666666666,
      1.6666666666666667,
      0.7142857142857143,
      1.7142857142857142,
      0.7619047619047619,
      1.7619047619047619,
      0.8095238095238095,
      1.8095238095238095,
      0.8571428571428571,
      1.8571428571428572,
      0.9047619047619048,
      1.9047619047619047,
      0.9523809523809523,
      1.9523809523809523
    ],
    "TaskName": "TODO: full task name for condassoc",
    "modality": "bold",
    "run_id": "04",
    "subject_id": "018",
    "task_id": "condassoc"
  },
  "dummy_trs": 0,
  "dvars_nstd": 17.76383351060302,
  "dvars_std": 1.1730494062311556,
  "dvars_vstd": 0.9794279978894472,
  "efc": 0.44279717999596424,
  "fber": 62221.15234375,
  "fd_mean": 0.029986325247450995,
  "fd_num": 0,
  "fd_perc": 0.0,
  "fwhm_avg": 3.0368745154521632,
  "fwhm_x": 3.003496,
  "fwhm_y": 3.296456,
  "fwhm_z": 2.8106715463564895,
  "gcor": 0.0282173,
  "gsr_x": -0.008941447362303734,
  "gsr_y": 0.017098350450396538,
  "provenance": {
    "md5sum": "bed537c3812e0fe19911bd20567833a7",
    "settings": {
      "fd_thres": 0.2,
      "hmc_fsl": false
    },
    "software": "mriqc",
    "version": "0.11.0",
    "webapi_port": null,
    "webapi_url": null
  },
  "size_t": 200,
  "size_x": 96,
  "size_y": 96,
  "size_z": 42,
  "snr": 3.3965421968902,
  "spacing_tr": 2.0,
  "spacing_x": 2.5,
  "spacing_y": 2.5,
  "spacing_z": 3.000001907348633,
  "summary_bg_k": 17.760245270181823,
  "summary_bg_mad": 10.77110481262207,
  "summary_bg_mean": 106.22391510009766,
  "summary_bg_median": 7.690000057220459,
  "summary_bg_n": 263833.0,
  "summary_bg_p05": 0.125,
  "summary_bg_p95": 773.1089843749999,
  "summary_bg_stdv": 305.8255920410156,
  "summary_fg_k": 0.950390271041833,
  "summary_fg_mad": 471.1600341796875,
  "summary_fg_mean": 2038.5582275390625,
  "summary_fg_median": 1959.8798828125,
  "summary_fg_n": 64798.0,
  "summary_fg_p05": 1213.2635131835937,
  "summary_fg_p95": 3131.201684570312,
  "summary_fg_stdv": 577.0176391601562,
  "tsnr": 85.33097076416016
}