{
  "bids_meta": {
    "AcquisitionDateTime": "2015-09-17T17:21:34",
    "BodyPartExamined": "BRAIN",
    "ConversionSoftware": "dcm2nii",
    "ConversionSoftwareVersion": "6-2013",
    "EchoTime": 0.00368,
    "FlipAngle": 12.0,
    "ImageType": "ORIGINAL_PRIMARY_OTHER",
    "InversionTime": 0.65,
    "MagneticFieldStrength": 3.0,
    "Manufacturer": "GE MEDICAL SYSTEMS",
    "ProcedureStepDescription": "Mattfeld_WMAZE",
    "ProtocolName": "Mattfeld_WMAZE",
    "RepetitionTime": 0.009184,
    "ScanningSequence": "G_R",
    "SequenceVariant": "SS_SK",
    "modality": "T1w",
    "run_id": "01",
    "subject_id": "002"
  },
  "cjv": 0.43885009629561694,
  "cnr": 2.8980889733838535,
  "efc": 0.6126130468299968,
  "fber": 214.02383422851562,
  "fwhm_avg": 3.551636666666667,
  "fwhm_x": 3.63443,
  "fwhm_y": 3.65322,
  "fwhm_z": 3.36726,
  "icvs_csf": 0.16496895139782833,
  "icvs_gm": 0.4123634045475113,
  "icvs_wm": 0.42266764405466034,
  "inu_med": 1.0913920402526855,
  "inu_range": 0.3038106560707091,
  "provenance": {
    "md5sum": "c11d01d3d90a405c41af520123556e9f",
    "settings": {
      "testing": false
    },
    "software": "mriqc",
    "version": "0.11.0",
    "warnings": {
      "large_rot_frame": true,
      "small_air_mask": false
    },
    "webapi_port": null,
    "webapi_url": "https://mriqc.nimh.nih.gov/api/v1"
  },
  "qi_1": 0.0018983807580948088,
  "qi_2": 0.0016888786454559723,
  "rpve_csf": 28.710802731796125,
  "rpve_gm": 11.885236303881225,
  "rpve_wm": 13.249818604773882,
  "size_x": 186,
  "size_y": 256,
  "size_z": 256,
  "snr_csf": 4.357536794297386,
  "snr_gm": 16.687795578136658,
  "snr_total": 12.970238994056524,
  "snr_wm": 17.865384609735532,
  "snrd_csf": 29.057060476006072,
  "snrd_gm": 56.201478506726254,
  "snrd_total": 52.32344252101947,
  "snrd_wm": 71.7117885803261,
  "spacing_x": 1.0,
  "spacing_y": 1.0,
  "spacing_z": 1.0,
  "summary_bg_k": 4.2200135817137685,
  "summary_bg_mad": 9.136028289794922,
  "summary_bg_mean": 50.38894271850586,
  "summary_bg_median": 47.140342712402344,
  "summary_bg_n": 2951852.0,
  "summary_bg_p05": 33.878520011901855,
  "summary_bg_p95": 82.48678550720209,
  "summary_bg_stdv": 15.205679893493652,
  "summary_csf_k": 12.808725026610425,
  "summary_csf_mad": 71.97163391113281,
  "summary_csf_mean": 419.50604248046875,
  "summary_csf_median": 405.2074279785156,
  "summary_csf_n": 28783.0,
  "summary_csf_p05": 301.6600433349609,
  "summary_csf_p95": 589.2831298828123,
  "summary_csf_stdv": 92.9884033203125,
  "summary_gm_k": 0.28773606376320515,
  "summary_gm_mad": 44.865821838378906,
  "summary_gm_mean": 783.9075927734375,
  "summary_gm_median": 783.7426147460938,
  "summary_gm_n": 28955.0,
  "summary_gm_p05": 707.08837890625,
  "summary_gm_p95": 862.1650695800781,
  "summary_gm_stdv": 46.96420669555664,
  "summary_wm_k": 0.9649797090886434,
  "summary_wm_mad": 50.055198669433594,
  "summary_wm_mean": 1008.4652099609375,
  "summary_wm_median": 1000.0374755859375,
  "summary_wm_n": 212011.0,
  "summary_wm_p05": 932.5573425292969,
  "summary_wm_p95": 1116.6338500976562,
  "summary_wm_stdv": 55.976131439208984,
  "tpm_overlap_csf": 0.21538594365119934,
  "tpm_overlap_gm": 0.479809045791626,
  "tpm_overlap_wm": 0.5147891640663147,
  "wm2max": 0.5832665006222502
}