{
  "aor": 0.0014757000000000001,
  "aqi": 0.00298988355,
  "bids_meta": {
    "AcquisitionDateTime": "2015-09-29T15:38:03",
    "BodyPartExamined": "BRAIN",
    "ConversionSoftware": "dcm2nii",
    "ConversionSoftwareVersion": "6-2013",
    "EchoTime": 0.025,
    "FlipAngle": 75.0,
    "ImageType": "ORIGINAL_PRIMARY_EPI_NONE",
    "MagneticFieldStrength": 3.0,
    "Manufacturer": "GE MEDICAL SYSTEMS",
    "ProcedureStepDescription": "Mattfeld_WMAZE",
    "ProtocolName": "Mattfeld_WMAZE",
    "RepetitionTime": 2.0,
    "ScanningSequence": "EP_GR",
    "SequenceVariant": "S_S",
    "SliceTiming": [
      0.0,
      1.0,
      0.047619047619047616,
      1.0476190476190477,
      0.09523809523809523,
      1.0952380952380953,
      0.14285714285714285,
      1.1428571428571428,
      0.19047619047619047,
      1.1904761904761905,
      0.23809523809523808,
      1.2380952380952381,
      0.2857142857142857,
      1.2857142857142858,
      0.3333333333333333,
      1.3333333333333333,
      0.38095238095238093,
      1.380952380952381,
      0.42857142857142855,
      1.4285714285714286,
      0.47619047619047616,
      1.4761904761904763,
      0.5238095238095238,
      1.5238095238095237,
      0.5714285714285714,
      1.5714285714285714,
      0.6190476190476191,
      1.619047619047619,
      0.6666666666666666,
      1.6666666666666667,
      0.7142857142857143,
      1.7142857142857142,
      0.7619047619047619,
      1.7619047619047619,
      0.8095238095238095,
      1.8095238095238095,
      0.8571428571428571,
      1.8571428571428572,
      0.9047619047619048,
      1.9047619047619047,
      0.9523809523809523,
      1.9523809523809523
    ],
    "TaskName": "TODO: full task name for condassoc",
    "modality": "bold",
    "run_id": "01",
    "subject_id": "008",
    "task_id": "condassoc"
  },
  "dummy_trs": 0,
  "dvars_nstd": 19.00749373331658,
  "dvars_std": 1.1597681777386941,
  "dvars_vstd": 0.9772815879899494,
  "efc": 0.4353677608718505,
  "fber": 51365.2421875,
  "fd_mean": 0.08498437787108291,
  "fd_num": 11,
  "fd_perc": 5.5,
  "fwhm_avg": 3.109196521258895,
  "fwhm_x": 3.034792,
  "fwhm_y": 3.2608759999999997,
  "fwhm_z": 3.0319215637766868,
  "gcor": 0.0312628,
  "gsr_x": -0.025210104882717133,
  "gsr_y": 0.023111697286367416,
  "provenance": {
    "md5sum": "18e25939c3619459f23f86b73a0de32c",
    "settings": {
      "fd_thres": 0.2,
      "hmc_fsl": false
    },
    "software": "mriqc",
    "version": "0.11.0",
    "webapi_port": null,
    "webapi_url": null
  },
  "size_t": 200,
  "size_x": 96,
  "size_y": 96,
  "size_z": 42,
  "snr": 3.4452263551979687,
  "spacing_tr": 2.0,
  "spacing_x": 2.5,
  "spacing_y": 2.5,
  "spacing_z": 2.999929189682007,
  "summary_bg_k": 38.21128840837864,
  "summary_bg_mad": 11.482754707336426,
  "summary_bg_mean": 62.872310638427734,
  "summary_bg_median": 8.3149995803833,
  "summary_bg_n": 260073.0,
  "summary_bg_p05": 0.13499999046325684,
  "summary_bg_p95": 363.27399291992185,
  "summary_bg_stdv": 188.5469207763672,
  "summary_fg_k": 1.0685516887064352,
  "summary_fg_mad": 465.4703369140625,
  "summary_fg_mean": 2018.737548828125,
  "summary_fg_median": 1944.0899658203125,
  "summary_fg_n": 68586.0,
  "summary_fg_p05": 1228.6162109375,
  "summary_fg_p95": 3088.4036865234375,
  "summary_fg_stdv": 564.281005859375,
  "tsnr": 74.92781066894531
}