{
  "aor": 0.00580055,
  "aqi": 0.002911939,
  "bids_meta": {
    "AcquisitionDateTime": "2015-09-17T16:43:33",
    "BodyPartExamined": "BRAIN",
    "ConversionSoftware": "dcm2nii",
    "ConversionSoftwareVersion": "6-2013",
    "EchoTime": 0.025,
    "FlipAngle": 75.0,
    "ImageType": "ORIGINAL_PRIMARY_EPI_NONE",
    "MagneticFieldStrength": 3.0,
    "Manufacturer": "GE MEDICAL SYSTEMS",
    "ProcedureStepDescription": "Mattfeld_WMAZE",
    "ProtocolName": "Mattfeld_WMAZE",
    "RepetitionTime": 2.0,
    "ScanningSequence": "EP_GR",
    "SequenceVariant": "S_S",
    "SliceTiming": [
      0.0,
      1.0,
      0.047619047619047616,
      1.0476190476190477,
      0.09523809523809523,
      1.0952380952380953,
      0.14285714285714285,
      1.1428571428571428,
      0.19047619047619047,
      1.1904761904761905,
      0.23809523809523808,
      1.2380952380952381,
      0.2857142857142857,
      1.2857142857142858,
      0.3333333333333333,
      1.3333333333333333,
      0.38095238095238093,
      1.380952380952381,
      0.42857142857142855,
      1.4285714285714286,
      0.47619047619047616,
      1.4761904761904763,
      0.5238095238095238,
      1.5238095238095237,
      0.5714285714285714,
      1.5714285714285714,
      0.6190476190476191,
      1.619047619047619,
      0.6666666666666666,
      1.6666666666666667,
      0.7142857142857143,
      1.7142857142857142,
      0.7619047619047619,
      1.7619047619047619,
      0.8095238095238095,
      1.8095238095238095,
      0.8571428571428571,
      1.8571428571428572,
      0.9047619047619048,
      1.9047619047619047,
      0.9523809523809523,
      1.9523809523809523
    ],
    "TaskName": "TODO: full task name for condassoc",
    "modality": "bold",
    "run_id": "05",
    "subject_id": "001",
    "task_id": "condassoc"
  },
  "dummy_trs": 0,
  "dvars_nstd": 17.143003243165833,
  "dvars_std": 1.1597396423115582,
  "dvars_vstd": 1.012235616834171,
  "efc": 0.4208315735301067,
  "fber": 77530.90625,
  "fd_mean": 0.05081957416745805,
  "fd_num": 4,
  "fd_perc": 2.0,
  "fwhm_avg": 3.2696651785392454,
  "fwhm_x": 3.2147759999999996,
  "fwhm_y": 3.46568,
  "fwhm_z": 3.128539535617736,
  "gcor": 0.0167049,
  "gsr_x": -0.021714603528380394,
  "gsr_y": 0.014605296775698662,
  "provenance": {
    "md5sum": "899e8fa5c2a00ecce7f5d8f8992ca470",
    "settings": {
      "fd_thres": 0.2,
      "hmc_fsl": false
    },
    "software": "mriqc",
    "version": "0.11.0",
    "webapi_port": null,
    "webapi_url": null
  },
  "size_t": 200,
  "size_x": 96,
  "size_y": 96,
  "size_z": 42,
  "snr": 3.008567761772247,
  "spacing_tr": 2.0,
  "spacing_x": 2.5,
  "spacing_y": 2.5,
  "spacing_z": 2.9997735023498535,
  "summary_bg_k": 37.227861215347566,
  "summary_bg_mad": 9.748109817504883,
  "summary_bg_mean": 64.63580322265625,
  "summary_bg_median": 7.179999828338623,
  "summary_bg_n": 264486.0,
  "summary_bg_p05": 0.1850000023841858,
  "summary_bg_p95": 396.3212432861328,
  "summary_bg_stdv": 200.46336364746094,
  "summary_fg_k": 1.8290481821952387,
  "summary_fg_mad": 492.283203125,
  "summary_fg_mean": 2121.978271484375,
  "summary_fg_median": 2001.7149658203125,
  "summary_fg_n": 65228.0,
  "summary_fg_p05": 1244.0002075195312,
  "summary_fg_p95": 3467.7936767578094,
  "summary_fg_stdv": 665.3330688476562,
  "tsnr": 74.00049591064453
}