{
  "aor": 0.0016596,
  "aqi": 0.001544444165,
  "bids_meta": {
    "AcquisitionDateTime": "2015-10-01T15:09:58",
    "BodyPartExamined": "BRAIN",
    "ConversionSoftware": "dcm2nii",
    "ConversionSoftwareVersion": "6-2013",
    "EchoTime": 0.025,
    "FlipAngle": 75.0,
    "ImageType": "ORIGINAL_PRIMARY_EPI_NONE",
    "MagneticFieldStrength": 3.0,
    "Manufacturer": "GE MEDICAL SYSTEMS",
    "ProcedureStepDescription": "Mattfeld_WMAZE",
    "ProtocolName": "Mattfeld_WMAZE",
    "RepetitionTime": 2.0,
    "ScanningSequence": "EP_GR",
    "SequenceVariant": "S_S",
    "SliceTiming": [
      0.0,
      1.0,
      0.047619047619047616,
      1.0476190476190477,
      0.09523809523809523,
      1.0952380952380953,
      0.14285714285714285,
      1.1428571428571428,
      0.19047619047619047,
      1.1904761904761905,
      0.23809523809523808,
      1.2380952380952381,
      0.2857142857142857,
      1.2857142857142858,
      0.3333333333333333,
      1.3333333333333333,
      0.38095238095238093,
      1.380952380952381,
      0.42857142857142855,
      1.4285714285714286,
      0.47619047619047616,
      1.4761904761904763,
      0.5238095238095238,
      1.5238095238095237,
      0.5714285714285714,
      1.5714285714285714,
      0.6190476190476191,
      1.619047619047619,
      0.6666666666666666,
      1.6666666666666667,
      0.7142857142857143,
      1.7142857142857142,
      0.7619047619047619,
      1.7619047619047619,
      0.8095238095238095,
      1.8095238095238095,
      0.8571428571428571,
      1.8571428571428572,
      0.9047619047619048,
      1.9047619047619047,
      0.9523809523809523,
      1.9523809523809523
    ],
    "TaskName": "TODO: full task name for condassoc",
    "modality": "bold",
    "run_id": "02",
    "subject_id": "012",
    "task_id": "condassoc"
  },
  "dummy_trs": 0,
  "dvars_nstd": 15.279096085628137,
  "dvars_std": 1.115596280301508,
  "dvars_vstd": 0.9990375213567834,
  "efc": 0.43302389829851884,
  "fber": 100179.421875,
  "fd_mean": 0.05123585537500365,
  "fd_num": 2,
  "fd_perc": 1.0,
  "fwhm_avg": 3.1334846721866327,
  "fwhm_x": 3.1052,
  "fwhm_y": 3.389508,
  "fwhm_z": 2.905746016559899,
  "gcor": 0.00532147,
  "gsr_x": -0.003415331244468689,
  "gsr_y": 0.015507611446082592,
  "provenance": {
    "md5sum": "174bff7b09d27fc5d0d8a9748058d684",
    "settings": {
      "fd_thres": 0.2,
      "hmc_fsl": false
    },
    "software": "mriqc",
    "version": "0.11.0",
    "webapi_port": null,
    "webapi_url": null
  },
  "size_t": 200,
  "size_x": 96,
  "size_y": 96,
  "size_z": 42,
  "snr": 3.171488357172706,
  "spacing_tr": 2.0,
  "spacing_x": 2.5,
  "spacing_y": 2.5,
  "spacing_z": 2.999859571456909,
  "summary_bg_k": 40.76953014477805,
  "summary_bg_mad": 8.502723693847656,
  "summary_bg_mean": 60.110084533691406,
  "summary_bg_median": 6.029999732971191,
  "summary_bg_n": 255797.0,
  "summary_bg_p05": 0.05999999865889549,
  "summary_bg_p95": 330.14400024413897,
  "summary_bg_stdv": 198.65432739257812,
  "summary_fg_k": 0.9293903335223463,
  "summary_fg_mad": 515.663818359375,
  "summary_fg_mean": 2072.1806640625,
  "summary_fg_median": 1992.4349365234375,
  "summary_fg_n": 71337.0,
  "summary_fg_p05": 1150.0449462890624,
  "summary_fg_p95": 3255.316943359375,
  "summary_fg_stdv": 628.22900390625,
  "tsnr": 96.88391876220703
}