{
  "aor": 0.000877,
  "aqi": 0.00257244815,
  "bids_meta": {
    "AcquisitionDateTime": "2015-09-24T16:03:24",
    "BodyPartExamined": "BRAIN",
    "ConversionSoftware": "dcm2nii",
    "ConversionSoftwareVersion": "6-2013",
    "EchoTime": 0.025,
    "FlipAngle": 75.0,
    "ImageType": "ORIGINAL_PRIMARY_EPI_NONE",
    "MagneticFieldStrength": 3.0,
    "Manufacturer": "GE MEDICAL SYSTEMS",
    "ProcedureStepDescription": "Mattfeld_WMAZE",
    "ProtocolName": "Mattfeld_WMAZE",
    "RepetitionTime": 2.0,
    "ScanningSequence": "EP_GR",
    "SequenceVariant": "S_S",
    "SliceTiming": [
      0.0,
      1.0,
      0.047619047619047616,
      1.0476190476190477,
      0.09523809523809523,
      1.0952380952380953,
      0.14285714285714285,
      1.1428571428571428,
      0.19047619047619047,
      1.1904761904761905,
      0.23809523809523808,
      1.2380952380952381,
      0.2857142857142857,
      1.2857142857142858,
      0.3333333333333333,
      1.3333333333333333,
      0.38095238095238093,
      1.380952380952381,
      0.42857142857142855,
      1.4285714285714286,
      0.47619047619047616,
      1.4761904761904763,
      0.5238095238095238,
      1.5238095238095237,
      0.5714285714285714,
      1.5714285714285714,
      0.6190476190476191,
      1.619047619047619,
      0.6666666666666666,
      1.6666666666666667,
      0.7142857142857143,
      1.7142857142857142,
      0.7619047619047619,
      1.7619047619047619,
      0.8095238095238095,
      1.8095238095238095,
      0.8571428571428571,
      1.8571428571428572,
      0.9047619047619048,
      1.9047619047619047,
      0.9523809523809523,
      1.9523809523809523
    ],
    "TaskName": "TODO: full task name for condassoc",
    "modality": "bold",
    "run_id": "03",
    "subject_id": "006",
    "task_id": "condassoc"
  },
  "dummy_trs": 0,
  "dvars_nstd": 18.57010707623116,
  "dvars_std": 1.1707667857286426,
  "dvars_vstd": 0.9589143002010049,
  "efc": 0.46351250276200184,
  "fber": 40853.83984375,
  "fd_mean": 0.043737681464103784,
  "fd_num": 1,
  "fd_perc": 0.5,
  "fwhm_avg": 2.907757864177153,
  "fwhm_x": 2.8518879999999998,
  "fwhm_y": 3.181888,
  "fwhm_z": 2.689497592531459,
  "gcor": 0.00617485,
  "gsr_x": -0.016770480200648308,
  "gsr_y": 0.03478609025478363,
  "provenance": {
    "md5sum": "0db0816aa41ed420faaca28233b5e773",
    "settings": {
      "fd_thres": 0.2,
      "hmc_fsl": false
    },
    "software": "mriqc",
    "version": "0.11.0",
    "webapi_port": null,
    "webapi_url": null
  },
  "size_t": 200,
  "size_x": 96,
  "size_y": 96,
  "size_z": 42,
  "snr": 3.852907877330687,
  "spacing_tr": 2.0,
  "spacing_x": 2.5,
  "spacing_y": 2.5,
  "spacing_z": 3.0000510215759277,
  "summary_bg_k": 13.849309434738053,
  "summary_bg_mad": 12.12027359008789,
  "summary_bg_mean": 117.31599426269531,
  "summary_bg_median": 8.845000267028809,
  "summary_bg_n": 262596.0,
  "summary_bg_p05": 0.2199999988079071,
  "summary_bg_p95": 808.5337219238281,
  "summary_bg_stdv": 303.0955505371094,
  "summary_fg_k": 0.8866859024564855,
  "summary_fg_mad": 422.6676025390625,
  "summary_fg_mean": 1879.9676513671875,
  "summary_fg_median": 1847.594970703125,
  "summary_fg_n": 65710.0,
  "summary_fg_p05": 1153.9822326660155,
  "summary_fg_p95": 2712.1664062499995,
  "summary_fg_stdv": 479.5289611816406,
  "tsnr": 81.70967864990234
}