{
  "aor": 0.0069752,
  "aqi": 0.004508032750000001,
  "bids_meta": {
    "AcquisitionDateTime": "2015-10-15T14:47:40",
    "BodyPartExamined": "BRAIN",
    "ConversionSoftware": "dcm2nii",
    "ConversionSoftwareVersion": "6-2013",
    "EchoTime": 0.025,
    "FlipAngle": 75.0,
    "ImageType": "ORIGINAL_PRIMARY_EPI_NONE",
    "MagneticFieldStrength": 3.0,
    "Manufacturer": "GE MEDICAL SYSTEMS",
    "ProcedureStepDescription": "Mattfeld_WMAZE",
    "ProtocolName": "Mattfeld_WMAZE",
    "RepetitionTime": 2.0,
    "ScanningSequence": "EP_GR",
    "SequenceVariant": "S_S",
    "SliceTiming": [
      0.0,
      1.0,
      0.047619047619047616,
      1.0476190476190477,
      0.09523809523809523,
      1.0952380952380953,
      0.14285714285714285,
      1.1428571428571428,
      0.19047619047619047,
      1.1904761904761905,
      0.23809523809523808,
      1.2380952380952381,
      0.2857142857142857,
      1.2857142857142858,
      0.3333333333333333,
      1.3333333333333333,
      0.38095238095238093,
      1.380952380952381,
      0.42857142857142855,
      1.4285714285714286,
      0.47619047619047616,
      1.4761904761904763,
      0.5238095238095238,
      1.5238095238095237,
      0.5714285714285714,
      1.5714285714285714,
      0.6190476190476191,
      1.619047619047619,
      0.6666666666666666,
      1.6666666666666667,
      0.7142857142857143,
      1.7142857142857142,
      0.7619047619047619,
      1.7619047619047619,
      0.8095238095238095,
      1.8095238095238095,
      0.8571428571428571,
      1.8571428571428572,
      0.9047619047619048,
      1.9047619047619047,
      0.9523809523809523,
      1.9523809523809523
    ],
    "TaskName": "TODO: full task name for condassoc",
    "modality": "bold",
    "run_id": "06",
    "subject_id": "019",
    "task_id": "condassoc"
  },
  "dummy_trs": 0,
  "dvars_nstd": 18.425354900201008,
  "dvars_std": 1.1030642902512569,
  "dvars_vstd": 0.9967947157286434,
  "efc": 0.49523440287776604,
  "fber": 35687.91796875,
  "fd_mean": 0.07699329145802905,
  "fd_num": 7,
  "fd_perc": 3.5,
  "fwhm_avg": 3.2117207135514185,
  "fwhm_x": 3.02182,
  "fwhm_y": 3.44332,
  "fwhm_z": 3.1700221406542552,
  "gcor": 0.0293315,
  "gsr_x": -0.0008237484726123512,
  "gsr_y": 0.02418558858335018,
  "provenance": {
    "md5sum": "894571fad4036de4a215162c885d148b",
    "settings": {
      "fd_thres": 0.2,
      "hmc_fsl": false
    },
    "software": "mriqc",
    "version": "0.11.0",
    "webapi_port": null,
    "webapi_url": null
  },
  "size_t": 200,
  "size_x": 96,
  "size_y": 96,
  "size_z": 42,
  "snr": 3.0267408492208157,
  "spacing_tr": 2.0,
  "spacing_x": 2.5,
  "spacing_y": 2.5,
  "spacing_z": 3.000291347503662,
  "summary_bg_k": 13.980649659506842,
  "summary_bg_mad": 14.099547386169434,
  "summary_bg_mean": 129.34999084472656,
  "summary_bg_median": 9.869999885559082,
  "summary_bg_n": 242744.0,
  "summary_bg_p05": 0.04999999701976776,
  "summary_bg_p95": 877.3762512207024,
  "summary_bg_stdv": 339.2909851074219,
  "summary_fg_k": 0.9477412064717607,
  "summary_fg_mad": 561.7652587890625,
  "summary_fg_mean": 2052.0966796875,
  "summary_fg_median": 1959.5599365234375,
  "summary_fg_n": 82941.0,
  "summary_fg_p05": 1145.1500244140625,
  "summary_fg_p95": 3265.06494140625,
  "summary_fg_stdv": 647.4119262695312,
  "tsnr": 57.892295837402344
}