{
  "aor": 0.001227727272727273,
  "aqi": 0.002251321717171717,
  "bids_meta": {
    "AcquisitionDateTime": "2015-09-24T17:21:33",
    "BodyPartExamined": "BRAIN",
    "ConversionSoftware": "dcm2nii",
    "ConversionSoftwareVersion": "6-2013",
    "EchoTime": 0.025,
    "FlipAngle": 75.0,
    "ImageType": "ORIGINAL_PRIMARY_EPI_NONE",
    "MagneticFieldStrength": 3.0,
    "Manufacturer": "GE MEDICAL SYSTEMS",
    "ProcedureStepDescription": "Mattfeld_WMAZE",
    "ProtocolName": "Mattfeld_WMAZE",
    "RepetitionTime": 2.0,
    "ScanningSequence": "EP_GR",
    "SequenceVariant": "S_S",
    "SliceTiming": [
      0.0,
      1.0,
      0.047619047619047616,
      1.0476190476190477,
      0.09523809523809523,
      1.0952380952380953,
      0.14285714285714285,
      1.1428571428571428,
      0.19047619047619047,
      1.1904761904761905,
      0.23809523809523808,
      1.2380952380952381,
      0.2857142857142857,
      1.2857142857142858,
      0.3333333333333333,
      1.3333333333333333,
      0.38095238095238093,
      1.380952380952381,
      0.42857142857142855,
      1.4285714285714286,
      0.47619047619047616,
      1.4761904761904763,
      0.5238095238095238,
      1.5238095238095237,
      0.5714285714285714,
      1.5714285714285714,
      0.6190476190476191,
      1.619047619047619,
      0.6666666666666666,
      1.6666666666666667,
      0.7142857142857143,
      1.7142857142857142,
      0.7619047619047619,
      1.7619047619047619,
      0.8095238095238095,
      1.8095238095238095,
      0.8571428571428571,
      1.8571428571428572,
      0.9047619047619048,
      1.9047619047619047,
      0.9523809523809523,
      1.9523809523809523
    ],
    "TaskName": "TODO: full task name for condassoc",
    "modality": "bold",
    "run_id": "01",
    "subject_id": "007",
    "task_id": "condassoc"
  },
  "dummy_trs": 2,
  "dvars_nstd": 16.08697251243655,
  "dvars_std": 1.091315558477157,
  "dvars_vstd": 0.9972244060406084,
  "efc": 0.48451280993773643,
  "fber": 30568.234375,
  "fd_mean": 0.03150877700292341,
  "fd_num": 0,
  "fd_perc": 0.0,
  "fwhm_avg": 3.2477623603510395,
  "fwhm_x": 3.11008,
  "fwhm_y": 3.306188,
  "fwhm_z": 3.3270190810531175,
  "gcor": 0.00986338,
  "gsr_x": -0.02776932902634144,
  "gsr_y": 0.06729847192764282,
  "provenance": {
    "md5sum": "298026f0c34a9bd549edcb222a6d7b7f",
    "settings": {
      "fd_thres": 0.2,
      "hmc_fsl": false
    },
    "software": "mriqc",
    "version": "0.11.0",
    "webapi_port": null,
    "webapi_url": null
  },
  "size_t": 198,
  "size_x": 96,
  "size_y": 96,
  "size_z": 42,
  "snr": 3.0575227591668113,
  "spacing_tr": 2.0,
  "spacing_x": 2.5,
  "spacing_y": 2.5,
  "spacing_z": 2.9997904300689697,
  "summary_bg_k": 12.969709765839147,
  "summary_bg_mad": 15.148001670837402,
  "summary_bg_mean": 135.42420959472656,
  "summary_bg_median": 10.55555534362793,
  "summary_bg_n": 253741.0,
  "summary_bg_p05": 0.0555555559694767,
  "summary_bg_p95": 879.66162109375,
  "summary_bg_stdv": 330.0036315917969,
  "summary_fg_k": 0.3637866837584425,
  "summary_fg_mad": 584.5833740234375,
  "summary_fg_mean": 2011.7801513671875,
  "summary_fg_median": 1947.669189453125,
  "summary_fg_n": 73800.0,
  "summary_fg_p05": 1044.9669494628906,
  "summary_fg_p95": 3161.2595947265627,
  "summary_fg_stdv": 637.0045776367188,
  "tsnr": 82.98323059082031
}