{
  "aor": 0.0017325,
  "aqi": 0.0028515369499999997,
  "bids_meta": {
    "AcquisitionDateTime": "2015-10-21T15:37:24",
    "BodyPartExamined": "BRAIN",
    "ConversionSoftware": "dcm2nii",
    "ConversionSoftwareVersion": "6-2013",
    "EchoTime": 0.025,
    "FlipAngle": 75.0,
    "ImageType": "ORIGINAL_PRIMARY_EPI_NONE",
    "MagneticFieldStrength": 3.0,
    "Manufacturer": "GE MEDICAL SYSTEMS",
    "ProcedureStepDescription": "Mattfeld_WMAZE",
    "ProtocolName": "Mattfeld_WMAZE",
    "RepetitionTime": 2.0,
    "ScanningSequence": "EP_GR",
    "SequenceVariant": "S_S",
    "SliceTiming": [
      0.0,
      1.0,
      0.047619047619047616,
      1.0476190476190477,
      0.09523809523809523,
      1.0952380952380953,
      0.14285714285714285,
      1.1428571428571428,
      0.19047619047619047,
      1.1904761904761905,
      0.23809523809523808,
      1.2380952380952381,
      0.2857142857142857,
      1.2857142857142858,
      0.3333333333333333,
      1.3333333333333333,
      0.38095238095238093,
      1.380952380952381,
      0.42857142857142855,
      1.4285714285714286,
      0.47619047619047616,
      1.4761904761904763,
      0.5238095238095238,
      1.5238095238095237,
      0.5714285714285714,
      1.5714285714285714,
      0.6190476190476191,
      1.619047619047619,
      0.6666666666666666,
      1.6666666666666667,
      0.7142857142857143,
      1.7142857142857142,
      0.7619047619047619,
      1.7619047619047619,
      0.8095238095238095,
      1.8095238095238095,
      0.8571428571428571,
      1.8571428571428572,
      0.9047619047619048,
      1.9047619047619047,
      0.9523809523809523,
      1.9523809523809523
    ],
    "TaskName": "TODO: full task name for condassoc",
    "modality": "bold",
    "run_id": "02",
    "subject_id": "021",
    "task_id": "condassoc"
  },
  "dummy_trs": 0,
  "dvars_nstd": 18.52382281849246,
  "dvars_std": 1.2315980293467332,
  "dvars_vstd": 0.9767855954773869,
  "efc": 0.4181552393118579,
  "fber": 73327.296875,
  "fd_mean": 0.055636095060867294,
  "fd_num": 1,
  "fd_perc": 0.5,
  "fwhm_avg": 3.1220744386133883,
  "fwhm_x": 3.11196,
  "fwhm_y": 3.3244439999999997,
  "fwhm_z": 2.929819315840165,
  "gcor": 0.015138,
  "gsr_x": -0.021600723266601562,
  "gsr_y": 0.0202643945813179,
  "provenance": {
    "md5sum": "c0dd089a415fca6dfca44497d87b9c09",
    "settings": {
      "fd_thres": 0.2,
      "hmc_fsl": false
    },
    "software": "mriqc",
    "version": "0.11.0",
    "webapi_port": null,
    "webapi_url": null
  },
  "size_t": 200,
  "size_x": 96,
  "size_y": 96,
  "size_z": 42,
  "snr": 3.439287876385418,
  "spacing_tr": 2.0,
  "spacing_x": 2.5,
  "spacing_y": 2.5,
  "spacing_z": 3.0002498626708984,
  "summary_bg_k": 28.21900042856792,
  "summary_bg_mad": 10.25219440460205,
  "summary_bg_mean": 65.89873504638672,
  "summary_bg_median": 7.444999694824219,
  "summary_bg_n": 266163.0,
  "summary_bg_p05": 0.17000000178813934,
  "summary_bg_p95": 392.5544921875,
  "summary_bg_stdv": 198.41806030273438,
  "summary_fg_k": 1.4663890248874818,
  "summary_fg_mad": 469.2213439941406,
  "summary_fg_mean": 2147.216796875,
  "summary_fg_median": 2049.699951171875,
  "summary_fg_n": 63243.0,
  "summary_fg_p05": 1342.72998046875,
  "summary_fg_p95": 3283.857006835936,
  "summary_fg_stdv": 595.961669921875,
  "tsnr": 84.65576934814453
}