{
  "bids_meta": {
    "AcquisitionDateTime": "2015-11-02T13:49:33",
    "BodyPartExamined": "BRAIN",
    "ConversionSoftware": "dcm2nii",
    "ConversionSoftwareVersion": "6-2013",
    "EchoTime": 0.00368,
    "FlipAngle": 12.0,
    "ImageType": "ORIGINAL_PRIMARY_OTHER",
    "InversionTime": 0.65,
    "MagneticFieldStrength": 3.0,
    "Manufacturer": "GE MEDICAL SYSTEMS",
    "ProcedureStepDescription": "Mattfeld_WMAZE",
    "ProtocolName": "Mattfeld_WMAZE",
    "RepetitionTime": 0.009184,
    "ScanningSequence": "G_R",
    "SequenceVariant": "SS_SK",
    "modality": "T1w",
    "run_id": "01",
    "subject_id": "023"
  },
  "cjv": 0.44196378247027746,
  "cnr": 3.002484337170734,
  "efc": 0.5595959783988381,
  "fber": 234.75096130371094,
  "fwhm_avg": 3.7010133333333335,
  "fwhm_x": 3.80237,
  "fwhm_y": 3.84889,
  "fwhm_z": 3.45178,
  "icvs_csf": 0.1619478574703681,
  "icvs_gm": 0.4146036146445974,
  "icvs_wm": 0.4234485278850345,
  "inu_med": 1.0602984428405762,
  "inu_range": 0.32089906930923473,
  "provenance": {
    "md5sum": "6c1b4f73ecb9d863d445d1d37ac94b21",
    "settings": {
      "testing": false
    },
    "software": "mriqc",
    "version": "0.11.0",
    "warnings": {
      "large_rot_frame": true,
      "small_air_mask": false
    },
    "webapi_port": null,
    "webapi_url": "https://mriqc.nimh.nih.gov/api/v1"
  },
  "qi_1": 0.0023914097626141113,
  "qi_2": 0.0014382488139139647,
  "rpve_csf": 38.10689996387453,
  "rpve_gm": 15.614839796763482,
  "rpve_wm": 17.430242351868838,
  "size_x": 186,
  "size_y": 256,
  "size_z": 256,
  "snr_csf": 3.3894591008286428,
  "snr_gm": 18.93268120200656,
  "snr_total": 14.063017773832305,
  "snr_wm": 19.866913018661716,
  "snrd_csf": 35.823270194675025,
  "snrd_gm": 70.81997296333778,
  "snrd_total": 65.10813077268114,
  "snrd_wm": 88.6811491600306,
  "spacing_x": 1.0,
  "spacing_y": 1.0,
  "spacing_z": 1.0,
  "summary_bg_k": 20.083127556634377,
  "summary_bg_mad": 7.3878493309021,
  "summary_bg_mean": 48.018638610839844,
  "summary_bg_median": 45.20490264892578,
  "summary_bg_n": 3396243.0,
  "summary_bg_p05": 34.40397720336914,
  "summary_bg_p95": 75.67466506958007,
  "summary_bg_stdv": 13.67956256866455,
  "summary_csf_k": 15.184531146529874,
  "summary_csf_mad": 77.922607421875,
  "summary_csf_mean": 427.0430603027344,
  "summary_csf_median": 403.9722595214844,
  "summary_csf_n": 18600.0,
  "summary_csf_p05": 294.69274749755857,
  "summary_csf_p95": 618.8731964111328,
  "summary_csf_stdv": 119.18167114257812,
  "summary_gm_k": 0.28597002315263476,
  "summary_gm_mad": 40.52058410644531,
  "summary_gm_mean": 799.0009765625,
  "summary_gm_median": 798.6234741210938,
  "summary_gm_n": 22938.0,
  "summary_gm_p05": 729.4412658691406,
  "summary_gm_p95": 868.440640258789,
  "summary_gm_stdv": 42.18135070800781,
  "summary_wm_k": 0.4654786109593778,
  "summary_wm_mad": 48.49848556518555,
  "summary_wm_mean": 1005.2632446289062,
  "summary_wm_median": 1000.0405883789062,
  "summary_wm_n": 166076.0,
  "summary_wm_p05": 933.3448638916016,
  "summary_wm_p95": 1097.852294921875,
  "summary_wm_stdv": 50.33683776855469,
  "tpm_overlap_csf": 0.22564800083637238,
  "tpm_overlap_gm": 0.48580825328826904,
  "tpm_overlap_wm": 0.5243273973464966,
  "wm2max": 0.5059545786679028
}