{
  "aor": 0.006453500000000001,
  "aqi": 0.0030914856000000004,
  "bids_meta": {
    "AcquisitionDateTime": "2015-09-21T17:50:02",
    "BodyPartExamined": "BRAIN",
    "ConversionSoftware": "dcm2nii",
    "ConversionSoftwareVersion": "6-2013",
    "EchoTime": 0.025,
    "FlipAngle": 75.0,
    "ImageType": "ORIGINAL_PRIMARY_EPI_NONE",
    "MagneticFieldStrength": 3.0,
    "Manufacturer": "GE MEDICAL SYSTEMS",
    "ProcedureStepDescription": "Mattfeld_WMAZE",
    "ProtocolName": "Mattfeld_WMAZE",
    "RepetitionTime": 2.0,
    "ScanningSequence": "EP_GR",
    "SequenceVariant": "S_S",
    "SliceTiming": [
      0.0,
      1.0,
      0.047619047619047616,
      1.0476190476190477,
      0.09523809523809523,
      1.0952380952380953,
      0.14285714285714285,
      1.1428571428571428,
      0.19047619047619047,
      1.1904761904761905,
      0.23809523809523808,
      1.2380952380952381,
      0.2857142857142857,
      1.2857142857142858,
      0.3333333333333333,
      1.3333333333333333,
      0.38095238095238093,
      1.380952380952381,
      0.42857142857142855,
      1.4285714285714286,
      0.47619047619047616,
      1.4761904761904763,
      0.5238095238095238,
      1.5238095238095237,
      0.5714285714285714,
      1.5714285714285714,
      0.6190476190476191,
      1.619047619047619,
      0.6666666666666666,
      1.6666666666666667,
      0.7142857142857143,
      1.7142857142857142,
      0.7619047619047619,
      1.7619047619047619,
      0.8095238095238095,
      1.8095238095238095,
      0.8571428571428571,
      1.8571428571428572,
      0.9047619047619048,
      1.9047619047619047,
      0.9523809523809523,
      1.9523809523809523
    ],
    "TaskName": "TODO: full task name for condassoc",
    "modality": "bold",
    "run_id": "05",
    "subject_id": "005",
    "task_id": "condassoc"
  },
  "dummy_trs": 0,
  "dvars_nstd": 17.88696223914573,
  "dvars_std": 1.1667435728140712,
  "dvars_vstd": 1.0401899272361812,
  "efc": 0.45688862818293474,
  "fber": 78229.4296875,
  "fd_mean": 0.07656550016112557,
  "fd_num": 7,
  "fd_perc": 3.5,
  "fwhm_avg": 3.1742879166716675,
  "fwhm_x": 3.054708,
  "fwhm_y": 3.4293,
  "fwhm_z": 3.038855750015002,
  "gcor": 0.0318637,
  "gsr_x": -0.005770442541688681,
  "gsr_y": 0.01925145648419857,
  "provenance": {
    "md5sum": "6152e295c37f60f5845f062f5e6d2c05",
    "settings": {
      "fd_thres": 0.2,
      "hmc_fsl": false
    },
    "software": "mriqc",
    "version": "0.11.0",
    "webapi_port": null,
    "webapi_url": null
  },
  "size_t": 200,
  "size_x": 96,
  "size_y": 96,
  "size_z": 42,
  "snr": 3.1740349959721605,
  "spacing_tr": 2.0,
  "spacing_x": 2.5,
  "spacing_y": 2.5,
  "spacing_z": 2.9997146129608154,
  "summary_bg_k": 25.83729270768637,
  "summary_bg_mad": 9.318155288696289,
  "summary_bg_mean": 66.70567321777344,
  "summary_bg_median": 6.619999885559082,
  "summary_bg_n": 250136.0,
  "summary_bg_p05": 0.08999999612569809,
  "summary_bg_p95": 424.8012390136719,
  "summary_bg_stdv": 191.01954650878906,
  "summary_fg_k": 1.0123954752337232,
  "summary_fg_mad": 520.330322265625,
  "summary_fg_mean": 2051.76708984375,
  "summary_fg_median": 1957.449951171875,
  "summary_fg_n": 77368.0,
  "summary_fg_p05": 1204.143475341797,
  "summary_fg_p95": 3219.0689086914044,
  "summary_fg_stdv": 616.703125,
  "tsnr": 69.58122253417969
}