{
  "aor": 0.006887450000000001,
  "aqi": 0.0034156453,
  "bids_meta": {
    "AcquisitionDateTime": "2015-10-12T14:09:58",
    "BodyPartExamined": "BRAIN",
    "ConversionSoftware": "dcm2nii",
    "ConversionSoftwareVersion": "6-2013",
    "EchoTime": 0.025,
    "FlipAngle": 75.0,
    "ImageType": "ORIGINAL_PRIMARY_EPI_NONE",
    "MagneticFieldStrength": 3.0,
    "Manufacturer": "GE MEDICAL SYSTEMS",
    "ProcedureStepDescription": "Mattfeld_WMAZE",
    "ProtocolName": "Mattfeld_WMAZE",
    "RepetitionTime": 2.0,
    "ScanningSequence": "EP_GR",
    "SequenceVariant": "S_S",
    "SliceTiming": [
      0.0,
      1.0,
      0.047619047619047616,
      1.0476190476190477,
      0.09523809523809523,
      1.0952380952380953,
      0.14285714285714285,
      1.1428571428571428,
      0.19047619047619047,
      1.1904761904761905,
      0.23809523809523808,
      1.2380952380952381,
      0.2857142857142857,
      1.2857142857142858,
      0.3333333333333333,
      1.3333333333333333,
      0.38095238095238093,
      1.380952380952381,
      0.42857142857142855,
      1.4285714285714286,
      0.47619047619047616,
      1.4761904761904763,
      0.5238095238095238,
      1.5238095238095237,
      0.5714285714285714,
      1.5714285714285714,
      0.6190476190476191,
      1.619047619047619,
      0.6666666666666666,
      1.6666666666666667,
      0.7142857142857143,
      1.7142857142857142,
      0.7619047619047619,
      1.7619047619047619,
      0.8095238095238095,
      1.8095238095238095,
      0.8571428571428571,
      1.8571428571428572,
      0.9047619047619048,
      1.9047619047619047,
      0.9523809523809523,
      1.9523809523809523
    ],
    "TaskName": "TODO: full task name for condassoc",
    "modality": "bold",
    "run_id": "03",
    "subject_id": "017",
    "task_id": "condassoc"
  },
  "dummy_trs": 0,
  "dvars_nstd": 17.048760855125625,
  "dvars_std": 1.1331124565326636,
  "dvars_vstd": 1.04314324839196,
  "efc": 0.4231503962703517,
  "fber": 67074.21875,
  "fd_mean": 0.06765010588810108,
  "fd_num": 4,
  "fd_perc": 2.0,
  "fwhm_avg": 3.1190266720777884,
  "fwhm_x": 3.0373360000000003,
  "fwhm_y": 3.4156120000000003,
  "fwhm_z": 2.9041320162333633,
  "gcor": 0.0165101,
  "gsr_x": -0.011620370671153069,
  "gsr_y": 0.015888378024101257,
  "provenance": {
    "md5sum": "772306a5d7c8ac52111b154c641a3062",
    "settings": {
      "fd_thres": 0.2,
      "hmc_fsl": false
    },
    "software": "mriqc",
    "version": "0.11.0",
    "webapi_port": null,
    "webapi_url": null
  },
  "size_t": 200,
  "size_x": 96,
  "size_y": 96,
  "size_z": 42,
  "snr": 3.6134725756060853,
  "spacing_tr": 2.0,
  "spacing_x": 2.5,
  "spacing_y": 2.5,
  "spacing_z": 3.0000736713409424,
  "summary_bg_k": 32.9684563224382,
  "summary_bg_mad": 10.80075740814209,
  "summary_bg_mean": 71.90949249267578,
  "summary_bg_median": 7.704999923706055,
  "summary_bg_n": 264440.0,
  "summary_bg_p05": 0.09999999403953552,
  "summary_bg_p95": 398.5254943847655,
  "summary_bg_stdv": 214.39393615722656,
  "summary_fg_k": 0.812627797637747,
  "summary_fg_mad": 488.11700439453125,
  "summary_fg_mean": 2091.48193359375,
  "summary_fg_median": 2037.04736328125,
  "summary_fg_n": 63908.0,
  "summary_fg_p05": 1262.3792114257812,
  "summary_fg_p95": 3120.5891723632812,
  "summary_fg_stdv": 563.7323608398438,
  "tsnr": 66.70809936523438
}