{
  "aor": 0.00121745,
  "aqi": 0.0021811215,
  "bids_meta": {
    "AcquisitionDateTime": "2015-10-01T11:39:06",
    "BodyPartExamined": "BRAIN",
    "ConversionSoftware": "dcm2nii",
    "ConversionSoftwareVersion": "6-2013",
    "EchoTime": 0.025,
    "FlipAngle": 75.0,
    "ImageType": "ORIGINAL_PRIMARY_EPI_NONE",
    "MagneticFieldStrength": 3.0,
    "Manufacturer": "GE MEDICAL SYSTEMS",
    "ProcedureStepDescription": "Mattfeld_WMAZE",
    "ProtocolName": "Mattfeld_WMAZE",
    "RepetitionTime": 2.0,
    "ScanningSequence": "EP_GR",
    "SequenceVariant": "S_S",
    "SliceTiming": [
      0.0,
      1.0,
      0.047619047619047616,
      1.0476190476190477,
      0.09523809523809523,
      1.0952380952380953,
      0.14285714285714285,
      1.1428571428571428,
      0.19047619047619047,
      1.1904761904761905,
      0.23809523809523808,
      1.2380952380952381,
      0.2857142857142857,
      1.2857142857142858,
      0.3333333333333333,
      1.3333333333333333,
      0.38095238095238093,
      1.380952380952381,
      0.42857142857142855,
      1.4285714285714286,
      0.47619047619047616,
      1.4761904761904763,
      0.5238095238095238,
      1.5238095238095237,
      0.5714285714285714,
      1.5714285714285714,
      0.6190476190476191,
      1.619047619047619,
      0.6666666666666666,
      1.6666666666666667,
      0.7142857142857143,
      1.7142857142857142,
      0.7619047619047619,
      1.7619047619047619,
      0.8095238095238095,
      1.8095238095238095,
      0.8571428571428571,
      1.8571428571428572,
      0.9047619047619048,
      1.9047619047619047,
      0.9523809523809523,
      1.9523809523809523
    ],
    "TaskName": "TODO: full task name for condassoc",
    "modality": "bold",
    "run_id": "01",
    "subject_id": "010",
    "task_id": "condassoc"
  },
  "dummy_trs": 0,
  "dvars_nstd": 15.428565557185928,
  "dvars_std": 1.0769637542713562,
  "dvars_vstd": 0.983057674623115,
  "efc": 0.4064487666032138,
  "fber": 57010.45703125,
  "fd_mean": 0.037159500278026114,
  "fd_num": 0,
  "fd_perc": 0.0,
  "fwhm_avg": 3.09605107446418,
  "fwhm_x": 3.003616,
  "fwhm_y": 3.257772,
  "fwhm_z": 3.026765223392539,
  "gcor": 0.015846,
  "gsr_x": -0.01634465530514717,
  "gsr_y": 0.014079932123422623,
  "provenance": {
    "md5sum": "62a326d016b3591eb9f6024446b7b198",
    "settings": {
      "fd_thres": 0.2,
      "hmc_fsl": false
    },
    "software": "mriqc",
    "version": "0.11.0",
    "webapi_port": null,
    "webapi_url": null
  },
  "size_t": 200,
  "size_x": 96,
  "size_y": 96,
  "size_z": 42,
  "snr": 3.5430627457936983,
  "spacing_tr": 2.0,
  "spacing_x": 2.5,
  "spacing_y": 2.5,
  "spacing_z": 3.0000014305114746,
  "summary_bg_k": 51.9021434655962,
  "summary_bg_mad": 11.512405395507812,
  "summary_bg_mean": 53.22224426269531,
  "summary_bg_median": 8.274999618530273,
  "summary_bg_n": 269482.0,
  "summary_bg_p05": 0.10999999940395355,
  "summary_bg_p95": 265.2497497558593,
  "summary_bg_stdv": 163.09620666503906,
  "summary_fg_k": 0.9692409375844111,
  "summary_fg_mad": 477.550048828125,
  "summary_fg_mean": 2093.75390625,
  "summary_fg_median": 2026.132568359375,
  "summary_fg_n": 60832.0,
  "summary_fg_p05": 1254.4404296875,
  "summary_fg_p95": 3143.06494140625,
  "summary_fg_stdv": 571.8543701171875,
  "tsnr": 88.47238159179688
}