{
  "bids_meta": {
    "AcquisitionDateTime": "2015-10-21T13:48:17",
    "BodyPartExamined": "BRAIN",
    "ConversionSoftware": "dcm2nii",
    "ConversionSoftwareVersion": "6-2013",
    "EchoTime": 0.00368,
    "FlipAngle": 12.0,
    "ImageType": "ORIGINAL_PRIMARY_OTHER",
    "InversionTime": 0.65,
    "MagneticFieldStrength": 3.0,
    "Manufacturer": "GE MEDICAL SYSTEMS",
    "ProcedureStepDescription": "Mattfeld_WMAZE",
    "ProtocolName": "Mattfeld_WMAZE",
    "RepetitionTime": 0.009184,
    "ScanningSequence": "G_R",
    "SequenceVariant": "SS_SK",
    "modality": "T1w",
    "run_id": "01",
    "subject_id": "020"
  },
  "cjv": 0.45495311193832566,
  "cnr": 2.7697965630424934,
  "efc": 0.5796629184373394,
  "fber": 223.57835388183594,
  "fwhm_avg": 3.7471833333333335,
  "fwhm_x": 3.87332,
  "fwhm_y": 3.90216,
  "fwhm_z": 3.46607,
  "icvs_csf": 0.2013923981431197,
  "icvs_gm": 0.39955695718350415,
  "icvs_wm": 0.39905064467337614,
  "inu_med": 1.0686299800872803,
  "inu_range": 0.3355488508939741,
  "provenance": {
    "md5sum": "0a60ee7e5812a416782fa056cd5a45dd",
    "settings": {
      "testing": false
    },
    "software": "mriqc",
    "version": "0.11.0",
    "warnings": {
      "large_rot_frame": true,
      "small_air_mask": false
    },
    "webapi_port": null,
    "webapi_url": "https://mriqc.nimh.nih.gov/api/v1"
  },
  "qi_1": 0.0018428120707397915,
  "qi_2": 0.0018271280709368605,
  "rpve_csf": 30.705100929513968,
  "rpve_gm": 15.106785097520694,
  "rpve_wm": 17.35116772031009,
  "size_x": 186,
  "size_y": 256,
  "size_z": 256,
  "snr_csf": 4.922916580527964,
  "snr_gm": 17.03600321841437,
  "snr_total": 12.854070602757304,
  "snr_wm": 16.603292009329582,
  "snrd_csf": 27.808346933797548,
  "snrd_gm": 60.20580445095045,
  "snrd_total": 54.85631207020998,
  "snrd_wm": 76.55478482588192,
  "spacing_x": 1.0,
  "spacing_y": 1.0,
  "spacing_z": 1.0,
  "summary_bg_k": 4.070824511329155,
  "summary_bg_mad": 8.557918548583984,
  "summary_bg_mean": 46.55045700073242,
  "summary_bg_median": 43.68966293334961,
  "summary_bg_n": 3027009.0,
  "summary_bg_p05": 31.95533981323242,
  "summary_bg_p95": 75.01899871826171,
  "summary_bg_stdv": 13.653297424316406,
  "summary_csf_k": 3.0582809801688366,
  "summary_csf_mad": 54.46113204956055,
  "summary_csf_mean": 379.9228210449219,
  "summary_csf_median": 363.2550048828125,
  "summary_csf_n": 43468.0,
  "summary_csf_p05": 294.2185806274414,
  "summary_csf_p95": 532.1632781982423,
  "summary_csf_stdv": 73.78772735595703,
  "summary_gm_k": 0.48938113732369626,
  "summary_gm_mad": 42.71186828613281,
  "summary_gm_mean": 787.99755859375,
  "summary_gm_median": 786.4566650390625,
  "summary_gm_n": 16250.0,
  "summary_gm_p05": 713.3813995361329,
  "summary_gm_p95": 866.7238739013671,
  "summary_gm_stdv": 46.162967681884766,
  "summary_wm_k": 1.613908099082252,
  "summary_wm_mad": 54.449527740478516,
  "summary_wm_mean": 1008.0628662109375,
  "summary_wm_median": 1000.0202026367188,
  "summary_wm_n": 157609.0,
  "summary_wm_p05": 927.8509521484375,
  "summary_wm_p95": 1121.2503173828125,
  "summary_wm_stdv": 60.230045318603516,
  "tpm_overlap_csf": 0.22804617881774902,
  "tpm_overlap_gm": 0.457589715719223,
  "tpm_overlap_wm": 0.495026558637619,
  "wm2max": 0.6045230823419349
}