{
  "aor": 0.006131414141414142,
  "aqi": 0.004127485404040404,
  "bids_meta": {
    "AcquisitionDateTime": "2015-11-12T17:42:24",
    "BodyPartExamined": "BRAIN",
    "ConversionSoftware": "dcm2nii",
    "ConversionSoftwareVersion": "6-2013",
    "EchoTime": 0.025,
    "FlipAngle": 75.0,
    "ImageType": "ORIGINAL_PRIMARY_EPI_NONE",
    "MagneticFieldStrength": 3.0,
    "Manufacturer": "GE MEDICAL SYSTEMS",
    "ProcedureStepDescription": "Mattfeld_WMAZE",
    "ProtocolName": "Mattfeld_WMAZE",
    "RepetitionTime": 2.0,
    "ScanningSequence": "EP_GR",
    "SequenceVariant": "S_S",
    "SliceTiming": [
      0.0,
      1.0,
      0.047619047619047616,
      1.0476190476190477,
      0.09523809523809523,
      1.0952380952380953,
      0.14285714285714285,
      1.1428571428571428,
      0.19047619047619047,
      1.1904761904761905,
      0.23809523809523808,
      1.2380952380952381,
      0.2857142857142857,
      1.2857142857142858,
      0.3333333333333333,
      1.3333333333333333,
      0.38095238095238093,
      1.380952380952381,
      0.42857142857142855,
      1.4285714285714286,
      0.47619047619047616,
      1.4761904761904763,
      0.5238095238095238,
      1.5238095238095237,
      0.5714285714285714,
      1.5714285714285714,
      0.6190476190476191,
      1.619047619047619,
      0.6666666666666666,
      1.6666666666666667,
      0.7142857142857143,
      1.7142857142857142,
      0.7619047619047619,
      1.7619047619047619,
      0.8095238095238095,
      1.8095238095238095,
      0.8571428571428571,
      1.8571428571428572,
      0.9047619047619048,
      1.9047619047619047,
      0.9523809523809523,
      1.9523809523809523
    ],
    "TaskName": "TODO: full task name for condassoc",
    "modality": "bold",
    "run_id": "01",
    "subject_id": "027",
    "task_id": "condassoc"
  },
  "dummy_trs": 2,
  "dvars_nstd": 20.41899837913707,
  "dvars_std": 1.1171315437563452,
  "dvars_vstd": 1.0095680148223354,
  "efc": 0.44160640021131115,
  "fber": 52332.125,
  "fd_mean": 0.10133783473955586,
  "fd_num": 24,
  "fd_perc": 12.121212121212121,
  "fwhm_avg": 3.061041082212622,
  "fwhm_x": 2.993652,
  "fwhm_y": 3.2776400000000003,
  "fwhm_z": 2.911831246637866,
  "gcor": 0.0309069,
  "gsr_x": -0.014916888438165188,
  "gsr_y": 0.016484104096889496,
  "provenance": {
    "md5sum": "2d0fa591e9792c1fc86b26bd0063e963",
    "settings": {
      "fd_thres": 0.2,
      "hmc_fsl": false
    },
    "software": "mriqc",
    "version": "0.11.0",
    "webapi_port": null,
    "webapi_url": null
  },
  "size_t": 198,
  "size_x": 96,
  "size_y": 96,
  "size_z": 42,
  "snr": 3.466213254019337,
  "spacing_tr": 2.0,
  "spacing_x": 2.5,
  "spacing_y": 2.5,
  "spacing_z": 3.0001463890075684,
  "summary_bg_k": 29.56718655720522,
  "summary_bg_mad": 11.643669128417969,
  "summary_bg_mean": 66.76960754394531,
  "summary_bg_median": 8.34343433380127,
  "summary_bg_n": 256863.0,
  "summary_bg_p05": 0.08585858345031738,
  "summary_bg_p95": 383.9328399658202,
  "summary_bg_stdv": 187.36521911621094,
  "summary_fg_k": 1.672254223599829,
  "summary_fg_mad": 449.4308166503906,
  "summary_fg_mean": 2025.54345703125,
  "summary_fg_median": 1943.3990478515625,
  "summary_fg_n": 71385.0,
  "summary_fg_p05": 1264.499951171875,
  "summary_fg_p95": 3080.919189453125,
  "summary_fg_stdv": 560.665283203125,
  "tsnr": 62.27894592285156
}