{
  "aor": 0.0020566,
  "aqi": 0.00304011255,
  "bids_meta": {
    "AcquisitionDateTime": "2015-11-11T16:09:41",
    "BodyPartExamined": "BRAIN",
    "ConversionSoftware": "dcm2nii",
    "ConversionSoftwareVersion": "6-2013",
    "EchoTime": 0.025,
    "FlipAngle": 75.0,
    "ImageType": "ORIGINAL_PRIMARY_EPI_NONE",
    "MagneticFieldStrength": 3.0,
    "Manufacturer": "GE MEDICAL SYSTEMS",
    "ProcedureStepDescription": "Mattfeld_WMAZE",
    "ProtocolName": "Mattfeld_WMAZE",
    "RepetitionTime": 2.0,
    "ScanningSequence": "EP_GR",
    "SequenceVariant": "S_S",
    "SliceTiming": [
      0.0,
      1.0,
      0.047619047619047616,
      1.0476190476190477,
      0.09523809523809523,
      1.0952380952380953,
      0.14285714285714285,
      1.1428571428571428,
      0.19047619047619047,
      1.1904761904761905,
      0.23809523809523808,
      1.2380952380952381,
      0.2857142857142857,
      1.2857142857142858,
      0.3333333333333333,
      1.3333333333333333,
      0.38095238095238093,
      1.380952380952381,
      0.42857142857142855,
      1.4285714285714286,
      0.47619047619047616,
      1.4761904761904763,
      0.5238095238095238,
      1.5238095238095237,
      0.5714285714285714,
      1.5714285714285714,
      0.6190476190476191,
      1.619047619047619,
      0.6666666666666666,
      1.6666666666666667,
      0.7142857142857143,
      1.7142857142857142,
      0.7619047619047619,
      1.7619047619047619,
      0.8095238095238095,
      1.8095238095238095,
      0.8571428571428571,
      1.8571428571428572,
      0.9047619047619048,
      1.9047619047619047,
      0.9523809523809523,
      1.9523809523809523
    ],
    "TaskName": "TODO: full task name for condassoc",
    "modality": "bold",
    "run_id": "06",
    "subject_id": "024",
    "task_id": "condassoc"
  },
  "dummy_trs": 0,
  "dvars_nstd": 15.845870828190945,
  "dvars_std": 1.052050050804021,
  "dvars_vstd": 0.9681786071859299,
  "efc": 0.41495749098100426,
  "fber": 91336.6328125,
  "fd_mean": 0.07384691170897209,
  "fd_num": 17,
  "fd_perc": 8.5,
  "fwhm_avg": 3.151858991125968,
  "fwhm_x": 3.134148,
  "fwhm_y": 3.3961239999999995,
  "fwhm_z": 2.925304973377903,
  "gcor": 0.0194256,
  "gsr_x": -0.013082204386591911,
  "gsr_y": 0.016322413459420204,
  "provenance": {
    "md5sum": "839693b4a193cecd11644e186528bba4",
    "settings": {
      "fd_thres": 0.2,
      "hmc_fsl": false
    },
    "software": "mriqc",
    "version": "0.11.0",
    "webapi_port": null,
    "webapi_url": null
  },
  "size_t": 200,
  "size_x": 96,
  "size_y": 96,
  "size_z": 42,
  "snr": 3.265222862488884,
  "spacing_tr": 2.0,
  "spacing_x": 2.5,
  "spacing_y": 2.5,
  "spacing_z": 3.000282049179077,
  "summary_bg_k": 37.9679767624311,
  "summary_bg_mad": 8.984569549560547,
  "summary_bg_mean": 55.594932556152344,
  "summary_bg_median": 6.59499979019165,
  "summary_bg_n": 263877.0,
  "summary_bg_p05": 0.2149999886751175,
  "summary_bg_p95": 297.1499938964844,
  "summary_bg_stdv": 178.46620178222656,
  "summary_fg_k": 1.0211856706848152,
  "summary_fg_mad": 485.36309814453125,
  "summary_fg_mean": 2127.22802734375,
  "summary_fg_median": 2022.65234375,
  "summary_fg_n": 64904.0,
  "summary_fg_p05": 1278.121728515625,
  "summary_fg_p95": 3341.559814453125,
  "summary_fg_stdv": 619.4483032226562,
  "tsnr": 74.78436279296875
}