{
  "aor": 0.00204505,
  "aqi": 0.0022108999,
  "bids_meta": {
    "AcquisitionDateTime": "2015-09-24T17:45:28",
    "BodyPartExamined": "BRAIN",
    "ConversionSoftware": "dcm2nii",
    "ConversionSoftwareVersion": "6-2013",
    "EchoTime": 0.025,
    "FlipAngle": 75.0,
    "ImageType": "ORIGINAL_PRIMARY_EPI_NONE",
    "MagneticFieldStrength": 3.0,
    "Manufacturer": "GE MEDICAL SYSTEMS",
    "ProcedureStepDescription": "Mattfeld_WMAZE",
    "ProtocolName": "Mattfeld_WMAZE",
    "RepetitionTime": 2.0,
    "ScanningSequence": "EP_GR",
    "SequenceVariant": "S_S",
    "SliceTiming": [
      0.0,
      1.0,
      0.047619047619047616,
      1.0476190476190477,
      0.09523809523809523,
      1.0952380952380953,
      0.14285714285714285,
      1.1428571428571428,
      0.19047619047619047,
      1.1904761904761905,
      0.23809523809523808,
      1.2380952380952381,
      0.2857142857142857,
      1.2857142857142858,
      0.3333333333333333,
      1.3333333333333333,
      0.38095238095238093,
      1.380952380952381,
      0.42857142857142855,
      1.4285714285714286,
      0.47619047619047616,
      1.4761904761904763,
      0.5238095238095238,
      1.5238095238095237,
      0.5714285714285714,
      1.5714285714285714,
      0.6190476190476191,
      1.619047619047619,
      0.6666666666666666,
      1.6666666666666667,
      0.7142857142857143,
      1.7142857142857142,
      0.7619047619047619,
      1.7619047619047619,
      0.8095238095238095,
      1.8095238095238095,
      0.8571428571428571,
      1.8571428571428572,
      0.9047619047619048,
      1.9047619047619047,
      0.9523809523809523,
      1.9523809523809523
    ],
    "TaskName": "TODO: full task name for condassoc",
    "modality": "bold",
    "run_id": "04",
    "subject_id": "007",
    "task_id": "condassoc"
  },
  "dummy_trs": 0,
  "dvars_nstd": 20.27889035587939,
  "dvars_std": 1.2206044784924623,
  "dvars_vstd": 1.0415980075879394,
  "efc": 0.4852615649953199,
  "fber": 29701.109375,
  "fd_mean": 0.04076012441981762,
  "fd_num": 2,
  "fd_perc": 1.0,
  "fwhm_avg": 3.241940641847837,
  "fwhm_x": 3.112928,
  "fwhm_y": 3.302416,
  "fwhm_z": 3.3104779255435113,
  "gcor": 0.0119246,
  "gsr_x": -0.02697381004691124,
  "gsr_y": 0.0662214383482933,
  "provenance": {
    "md5sum": "e3621f172c1542cc4e3340bb3f5f81fa",
    "settings": {
      "fd_thres": 0.2,
      "hmc_fsl": false
    },
    "software": "mriqc",
    "version": "0.11.0",
    "webapi_port": null,
    "webapi_url": null
  },
  "size_t": 200,
  "size_x": 96,
  "size_y": 96,
  "size_z": 42,
  "snr": 3.0501661443657344,
  "spacing_tr": 2.0,
  "spacing_x": 2.5,
  "spacing_y": 2.5,
  "spacing_z": 2.9997904300689697,
  "summary_bg_k": 12.419347030313387,
  "summary_bg_mad": 15.278216361999512,
  "summary_bg_mean": 134.71762084960938,
  "summary_bg_median": 10.619999885559082,
  "summary_bg_n": 253424.0,
  "summary_bg_p05": 0.04999999701976776,
  "summary_bg_p95": 877.2169677734371,
  "summary_bg_stdv": 324.7897033691406,
  "summary_fg_k": 0.34469141901272726,
  "summary_fg_mad": 583.6300048828125,
  "summary_fg_mean": 1994.7095947265625,
  "summary_fg_median": 1932.232421875,
  "summary_fg_n": 74054.0,
  "summary_fg_p05": 1031.7424926757812,
  "summary_fg_p95": 3134.4816528320302,
  "summary_fg_stdv": 633.4800415039062,
  "tsnr": 84.16336059570312
}