{
  "aor": 0.0010057500000000001,
  "aqi": 0.00195732,
  "bids_meta": {
    "AcquisitionDateTime": "2015-10-15T12:48:37",
    "BodyPartExamined": "BRAIN",
    "ConversionSoftware": "dcm2nii",
    "ConversionSoftwareVersion": "6-2013",
    "EchoTime": 0.025,
    "FlipAngle": 75.0,
    "ImageType": "ORIGINAL_PRIMARY_EPI_NONE",
    "MagneticFieldStrength": 3.0,
    "Manufacturer": "GE MEDICAL SYSTEMS",
    "ProcedureStepDescription": "Mattfeld_WMAZE",
    "ProtocolName": "Mattfeld_WMAZE",
    "RepetitionTime": 2.0,
    "ScanningSequence": "EP_GR",
    "SequenceVariant": "S_S",
    "SliceTiming": [
      0.0,
      1.0,
      0.047619047619047616,
      1.0476190476190477,
      0.09523809523809523,
      1.0952380952380953,
      0.14285714285714285,
      1.1428571428571428,
      0.19047619047619047,
      1.1904761904761905,
      0.23809523809523808,
      1.2380952380952381,
      0.2857142857142857,
      1.2857142857142858,
      0.3333333333333333,
      1.3333333333333333,
      0.38095238095238093,
      1.380952380952381,
      0.42857142857142855,
      1.4285714285714286,
      0.47619047619047616,
      1.4761904761904763,
      0.5238095238095238,
      1.5238095238095237,
      0.5714285714285714,
      1.5714285714285714,
      0.6190476190476191,
      1.619047619047619,
      0.6666666666666666,
      1.6666666666666667,
      0.7142857142857143,
      1.7142857142857142,
      0.7619047619047619,
      1.7619047619047619,
      0.8095238095238095,
      1.8095238095238095,
      0.8571428571428571,
      1.8571428571428572,
      0.9047619047619048,
      1.9047619047619047,
      0.9523809523809523,
      1.9523809523809523
    ],
    "TaskName": "TODO: full task name for condassoc",
    "modality": "bold",
    "run_id": "02",
    "subject_id": "018",
    "task_id": "condassoc"
  },
  "dummy_trs": 0,
  "dvars_nstd": 17.65725437226131,
  "dvars_std": 1.1897030112562808,
  "dvars_vstd": 0.9864869157788949,
  "efc": 0.4439321157679722,
  "fber": 61726.00390625,
  "fd_mean": 0.026933255148518995,
  "fd_num": 0,
  "fd_perc": 0.0,
  "fwhm_avg": 3.0394265153589153,
  "fwhm_x": 3.0059,
  "fwhm_y": 3.3012680000000003,
  "fwhm_z": 2.811111546076745,
  "gcor": 0.0198728,
  "gsr_x": -0.010407856665551662,
  "gsr_y": 0.01793271116912365,
  "provenance": {
    "md5sum": "5fdc0327677cda9d51a6dc697ff35dda",
    "settings": {
      "fd_thres": 0.2,
      "hmc_fsl": false
    },
    "software": "mriqc",
    "version": "0.11.0",
    "webapi_port": null,
    "webapi_url": null
  },
  "size_t": 200,
  "size_x": 96,
  "size_y": 96,
  "size_z": 42,
  "snr": 3.4012645875055183,
  "spacing_tr": 2.0,
  "spacing_x": 2.5,
  "spacing_y": 2.5,
  "spacing_z": 3.000001907348633,
  "summary_bg_k": 18.05751668531486,
  "summary_bg_mad": 10.808170318603516,
  "summary_bg_mean": 106.81256866455078,
  "summary_bg_median": 7.71999979019165,
  "summary_bg_n": 263344.0,
  "summary_bg_p05": 0.125,
  "summary_bg_p95": 776.1970092773432,
  "summary_bg_stdv": 308.6437683105469,
  "summary_fg_k": 0.9385054807797282,
  "summary_fg_mad": 470.4444274902344,
  "summary_fg_mean": 2035.1605224609375,
  "summary_fg_median": 1955.544921875,
  "summary_fg_n": 65181.0,
  "summary_fg_p05": 1214.1649169921875,
  "summary_fg_p95": 3122.934814453125,
  "summary_fg_stdv": 574.9420166015625,
  "tsnr": 88.30562591552734
}