{
  "bids_meta": {
    "AcquisitionDateTime": "2015-09-29T17:06:58",
    "BodyPartExamined": "BRAIN",
    "ConversionSoftware": "dcm2nii",
    "ConversionSoftwareVersion": "6-2013",
    "EchoTime": 0.00368,
    "FlipAngle": 12.0,
    "ImageType": "ORIGINAL_PRIMARY_OTHER",
    "InversionTime": 0.65,
    "MagneticFieldStrength": 3.0,
    "Manufacturer": "GE MEDICAL SYSTEMS",
    "ProcedureStepDescription": "Mattfeld_WMAZE",
    "ProtocolName": "Mattfeld_WMAZE",
    "RepetitionTime": 0.009184,
    "ScanningSequence": "G_R",
    "SequenceVariant": "SS_SK",
    "modality": "T1w",
    "run_id": "01",
    "subject_id": "009"
  },
  "cjv": 0.3996213751979596,
  "cnr": 3.284772988376057,
  "efc": 0.5715723442618881,
  "fber": 243.93128967285156,
  "fwhm_avg": 3.6792233333333333,
  "fwhm_x": 3.77143,
  "fwhm_y": 3.86299,
  "fwhm_z": 3.40325,
  "icvs_csf": 0.1644771042937849,
  "icvs_gm": 0.42351657681842436,
  "icvs_wm": 0.41200631888779077,
  "inu_med": 1.075961709022522,
  "inu_range": 0.2782553017139435,
  "provenance": {
    "md5sum": "6ca1129176150dc4a638487b20d2c7e4",
    "settings": {
      "testing": false
    },
    "software": "mriqc",
    "version": "0.11.0",
    "warnings": {
      "large_rot_frame": true,
      "small_air_mask": false
    },
    "webapi_port": null,
    "webapi_url": "https://mriqc.nimh.nih.gov/api/v1"
  },
  "qi_1": 0.00019537700027379915,
  "qi_2": 0.0011021576640304666,
  "rpve_csf": 35.5414475052965,
  "rpve_gm": 14.403354385628512,
  "rpve_wm": 16.451418140206524,
  "size_x": 186,
  "size_y": 256,
  "size_z": 256,
  "snr_csf": 1.5823886024377185,
  "snr_gm": 20.096591583482155,
  "snr_total": 14.26370539798325,
  "snr_wm": 21.11213600802988,
  "snrd_csf": 34.97124207148307,
  "snrd_gm": 65.99354533252324,
  "snrd_total": 61.41904718213842,
  "snrd_wm": 83.29235414240894,
  "spacing_x": 1.0,
  "spacing_y": 1.0,
  "spacing_z": 1.0,
  "summary_bg_k": 85.08800949350743,
  "summary_bg_mad": 7.865697383880615,
  "summary_bg_mean": 45.296932220458984,
  "summary_bg_median": 42.49667739868164,
  "summary_bg_n": 3441449.0,
  "summary_bg_p05": 31.12900505065918,
  "summary_bg_p95": 71.76998901367179,
  "summary_bg_stdv": 14.13839340209961,
  "summary_csf_k": 4.205471142299511,
  "summary_csf_mad": 91.39278411865234,
  "summary_csf_mean": 512.1949462890625,
  "summary_csf_median": 419.8716735839844,
  "summary_csf_n": 21711.0,
  "summary_csf_p05": 309.86993408203125,
  "summary_csf_p95": 1221.4115600585938,
  "summary_csf_stdv": 265.3343200683594,
  "summary_gm_k": 0.4232234122564704,
  "summary_gm_mad": 37.437110900878906,
  "summary_gm_mean": 792.9998779296875,
  "summary_gm_median": 792.3316040039062,
  "summary_gm_n": 27860.0,
  "summary_gm_p05": 729.3853881835937,
  "summary_gm_p95": 858.7437866210937,
  "summary_gm_stdv": 39.42546081542969,
  "summary_wm_k": 0.4913484255880567,
  "summary_wm_mad": 45.561424255371094,
  "summary_wm_mean": 1003.4664916992188,
  "summary_wm_median": 1000.0245361328125,
  "summary_wm_n": 166796.0,
  "summary_wm_p05": 933.6917877197266,
  "summary_wm_p95": 1087.0492553710938,
  "summary_wm_stdv": 47.36714172363281,
  "tpm_overlap_csf": 0.22429892420768738,
  "tpm_overlap_gm": 0.4844634532928467,
  "tpm_overlap_wm": 0.5109068155288696,
  "wm2max": 0.5252988309213761
}