{
  "aor": 0.0012614,
  "aqi": 0.00232613495,
  "bids_meta": {
    "AcquisitionDateTime": "2015-10-15T12:40:19",
    "BodyPartExamined": "BRAIN",
    "ConversionSoftware": "dcm2nii",
    "ConversionSoftwareVersion": "6-2013",
    "EchoTime": 0.025,
    "FlipAngle": 75.0,
    "ImageType": "ORIGINAL_PRIMARY_EPI_NONE",
    "MagneticFieldStrength": 3.0,
    "Manufacturer": "GE MEDICAL SYSTEMS",
    "ProcedureStepDescription": "Mattfeld_WMAZE",
    "ProtocolName": "Mattfeld_WMAZE",
    "RepetitionTime": 2.0,
    "ScanningSequence": "EP_GR",
    "SequenceVariant": "S_S",
    "SliceTiming": [
      0.0,
      1.0,
      0.047619047619047616,
      1.0476190476190477,
      0.09523809523809523,
      1.0952380952380953,
      0.14285714285714285,
      1.1428571428571428,
      0.19047619047619047,
      1.1904761904761905,
      0.23809523809523808,
      1.2380952380952381,
      0.2857142857142857,
      1.2857142857142858,
      0.3333333333333333,
      1.3333333333333333,
      0.38095238095238093,
      1.380952380952381,
      0.42857142857142855,
      1.4285714285714286,
      0.47619047619047616,
      1.4761904761904763,
      0.5238095238095238,
      1.5238095238095237,
      0.5714285714285714,
      1.5714285714285714,
      0.6190476190476191,
      1.619047619047619,
      0.6666666666666666,
      1.6666666666666667,
      0.7142857142857143,
      1.7142857142857142,
      0.7619047619047619,
      1.7619047619047619,
      0.8095238095238095,
      1.8095238095238095,
      0.8571428571428571,
      1.8571428571428572,
      0.9047619047619048,
      1.9047619047619047,
      0.9523809523809523,
      1.9523809523809523
    ],
    "TaskName": "TODO: full task name for condassoc",
    "modality": "bold",
    "run_id": "01",
    "subject_id": "018",
    "task_id": "condassoc"
  },
  "dummy_trs": 0,
  "dvars_nstd": 17.553539151507536,
  "dvars_std": 1.1776465465829147,
  "dvars_vstd": 0.9795731295477393,
  "efc": 0.44222098934228327,
  "fber": 61876.06640625,
  "fd_mean": 0.028177203375621636,
  "fd_num": 0,
  "fd_perc": 0.0,
  "fwhm_avg": 3.0605576221565953,
  "fwhm_x": 3.028932,
  "fwhm_y": 3.321276,
  "fwhm_z": 2.831464866469786,
  "gcor": 0.0216549,
  "gsr_x": -0.010210410691797733,
  "gsr_y": 0.0170279610902071,
  "provenance": {
    "md5sum": "3116de0ff6391d4dd75c24a769386f4c",
    "settings": {
      "fd_thres": 0.2,
      "hmc_fsl": false
    },
    "software": "mriqc",
    "version": "0.11.0",
    "webapi_port": null,
    "webapi_url": null
  },
  "size_t": 200,
  "size_x": 96,
  "size_y": 96,
  "size_z": 42,
  "snr": 3.397681625501413,
  "spacing_tr": 2.0,
  "spacing_x": 2.5,
  "spacing_y": 2.5,
  "spacing_z": 3.000001907348633,
  "summary_bg_k": 18.409698811426082,
  "summary_bg_mad": 10.860061645507812,
  "summary_bg_mean": 105.24085998535156,
  "summary_bg_median": 7.734999656677246,
  "summary_bg_n": 263792.0,
  "summary_bg_p05": 0.11999999731779099,
  "summary_bg_p95": 757.3700012207014,
  "summary_bg_stdv": 304.69281005859375,
  "summary_fg_k": 0.9582477072452722,
  "summary_fg_mad": 472.19415283203125,
  "summary_fg_mean": 2046.5982666015625,
  "summary_fg_median": 1967.52001953125,
  "summary_fg_n": 64876.0,
  "summary_fg_p05": 1221.0699768066406,
  "summary_fg_p95": 3138.3723754882812,
  "summary_fg_stdv": 579.07275390625,
  "tsnr": 82.12286376953125
}