{
  "bids_meta": {
    "AcquisitionDateTime": "2015-10-01T11:24:35",
    "BodyPartExamined": "BRAIN",
    "ConversionSoftware": "dcm2nii",
    "ConversionSoftwareVersion": "6-2013",
    "EchoTime": 0.00368,
    "FlipAngle": 12.0,
    "ImageType": "ORIGINAL_PRIMARY_OTHER",
    "InversionTime": 0.65,
    "MagneticFieldStrength": 3.0,
    "Manufacturer": "GE MEDICAL SYSTEMS",
    "ProcedureStepDescription": "Mattfeld_WMAZE",
    "ProtocolName": "Mattfeld_WMAZE",
    "RepetitionTime": 0.009184,
    "ScanningSequence": "G_R",
    "SequenceVariant": "SS_SK",
    "modality": "T1w",
    "run_id": "01",
    "subject_id": "010"
  },
  "cjv": 0.47491826853596353,
  "cnr": 2.7824490190518922,
  "efc": 0.5747391535391747,
  "fber": 230.4285888671875,
  "fwhm_avg": 3.52343,
  "fwhm_x": 3.58558,
  "fwhm_y": 3.72599,
  "fwhm_z": 3.25872,
  "icvs_csf": 0.158200873246788,
  "icvs_gm": 0.4094445638069962,
  "icvs_wm": 0.4323545629462158,
  "inu_med": 1.0686064958572388,
  "inu_range": 0.3234735429286957,
  "provenance": {
    "md5sum": "8a699693f6f2e8a6aaf5f46e64a3662e",
    "settings": {
      "testing": false
    },
    "software": "mriqc",
    "version": "0.11.0",
    "warnings": {
      "large_rot_frame": true,
      "small_air_mask": false
    },
    "webapi_port": null,
    "webapi_url": "https://mriqc.nimh.nih.gov/api/v1"
  },
  "qi_1": 0.0032587269070646894,
  "qi_2": 0.0017207672303993413,
  "rpve_csf": 37.1561685297911,
  "rpve_gm": 14.805979100856533,
  "rpve_wm": 16.158459756400962,
  "size_x": 186,
  "size_y": 256,
  "size_z": 256,
  "snr_csf": 2.8581284794089843,
  "snr_gm": 19.20817524939405,
  "snr_total": 14.253876787545982,
  "snr_wm": 20.695326633834906,
  "snrd_csf": 34.37729919085914,
  "snrd_gm": 60.52360674501722,
  "snrd_total": 56.36122949623061,
  "snrd_wm": 74.18278255281545,
  "spacing_x": 1.0,
  "spacing_y": 1.0,
  "spacing_z": 1.0,
  "summary_bg_k": 7.632617322496303,
  "summary_bg_mad": 8.831755638122559,
  "summary_bg_mean": 51.69486618041992,
  "summary_bg_median": 48.133262634277344,
  "summary_bg_n": 3738541.0,
  "summary_bg_p05": 36.407012939453125,
  "summary_bg_p95": 82.57579040527344,
  "summary_bg_stdv": 15.500725746154785,
  "summary_csf_k": 8.875229102577807,
  "summary_csf_mad": 125.29224395751953,
  "summary_csf_mean": 496.55584716796875,
  "summary_csf_median": 463.4331359863281,
  "summary_csf_n": 15997.0,
  "summary_csf_p05": 318.2097229003906,
  "summary_csf_p95": 729.5889038085938,
  "summary_csf_stdv": 162.14059448242188,
  "summary_gm_k": 0.2351396875026519,
  "summary_gm_mad": 40.932090759277344,
  "summary_gm_mean": 815.7738647460938,
  "summary_gm_median": 815.906005859375,
  "summary_gm_n": 22968.0,
  "summary_gm_p05": 745.3747955322266,
  "summary_gm_p95": 885.5634460449219,
  "summary_gm_stdv": 42.47609329223633,
  "summary_wm_k": 0.4948552195278677,
  "summary_wm_mad": 46.51768493652344,
  "summary_wm_mean": 1005.1036376953125,
  "summary_wm_median": 1000.04248046875,
  "summary_wm_n": 175018.0,
  "summary_wm_p05": 935.9767120361328,
  "summary_wm_p95": 1094.214221191406,
  "summary_wm_stdv": 48.32200241088867,
  "tpm_overlap_csf": 0.20326410233974457,
  "tpm_overlap_gm": 0.4730428159236908,
  "tpm_overlap_wm": 0.5085252523422241,
  "wm2max": 0.47942699288025664
}