{
  "aor": 0.00243845,
  "aqi": 0.00417279395,
  "bids_meta": {
    "AcquisitionDateTime": "2015-09-29T17:37:26",
    "BodyPartExamined": "BRAIN",
    "ConversionSoftware": "dcm2nii",
    "ConversionSoftwareVersion": "6-2013",
    "EchoTime": 0.025,
    "FlipAngle": 75.0,
    "ImageType": "ORIGINAL_PRIMARY_EPI_NONE",
    "MagneticFieldStrength": 3.0,
    "Manufacturer": "GE MEDICAL SYSTEMS",
    "ProcedureStepDescription": "Mattfeld_WMAZE",
    "ProtocolName": "Mattfeld_WMAZE",
    "RepetitionTime": 2.0,
    "ScanningSequence": "EP_GR",
    "SequenceVariant": "S_S",
    "SliceTiming": [
      0.0,
      1.0,
      0.047619047619047616,
      1.0476190476190477,
      0.09523809523809523,
      1.0952380952380953,
      0.14285714285714285,
      1.1428571428571428,
      0.19047619047619047,
      1.1904761904761905,
      0.23809523809523808,
      1.2380952380952381,
      0.2857142857142857,
      1.2857142857142858,
      0.3333333333333333,
      1.3333333333333333,
      0.38095238095238093,
      1.380952380952381,
      0.42857142857142855,
      1.4285714285714286,
      0.47619047619047616,
      1.4761904761904763,
      0.5238095238095238,
      1.5238095238095237,
      0.5714285714285714,
      1.5714285714285714,
      0.6190476190476191,
      1.619047619047619,
      0.6666666666666666,
      1.6666666666666667,
      0.7142857142857143,
      1.7142857142857142,
      0.7619047619047619,
      1.7619047619047619,
      0.8095238095238095,
      1.8095238095238095,
      0.8571428571428571,
      1.8571428571428572,
      0.9047619047619048,
      1.9047619047619047,
      0.9523809523809523,
      1.9523809523809523
    ],
    "TaskName": "TODO: full task name for condassoc",
    "modality": "bold",
    "run_id": "03",
    "subject_id": "009",
    "task_id": "condassoc"
  },
  "dummy_trs": 0,
  "dvars_nstd": 18.120503128492455,
  "dvars_std": 1.0510472372864326,
  "dvars_vstd": 0.9534412910552762,
  "efc": 0.42454301967908165,
  "fber": 45939.7421875,
  "fd_mean": 0.06757683420751658,
  "fd_num": 2,
  "fd_perc": 1.0,
  "fwhm_avg": 3.2382001855550597,
  "fwhm_x": 3.2281363078590686,
  "fwhm_y": 3.46164,
  "fwhm_z": 3.024824248806111,
  "gcor": 0.00573559,
  "gsr_x": -0.022021427750587463,
  "gsr_y": 0.02729216031730175,
  "provenance": {
    "md5sum": "b44855b0645490a1f07e3f44cb8d048d",
    "settings": {
      "fd_thres": 0.2,
      "hmc_fsl": false
    },
    "software": "mriqc",
    "version": "0.11.0",
    "webapi_port": null,
    "webapi_url": null
  },
  "size_t": 200,
  "size_x": 96,
  "size_y": 96,
  "size_z": 42,
  "snr": 3.3632339682383567,
  "spacing_tr": 2.0,
  "spacing_x": 2.499999761581421,
  "spacing_y": 2.5,
  "spacing_z": 2.999929666519165,
  "summary_bg_k": 34.36787980371854,
  "summary_bg_mad": 12.757791519165039,
  "summary_bg_mean": 67.98595428466797,
  "summary_bg_median": 9.03499984741211,
  "summary_bg_n": 262761.0,
  "summary_bg_p05": 0.0949999988079071,
  "summary_bg_p95": 358.9049987792969,
  "summary_bg_stdv": 194.19952392578125,
  "summary_fg_k": 0.9731278044210772,
  "summary_fg_mad": 484.16229248046875,
  "summary_fg_mean": 2062.8154296875,
  "summary_fg_median": 2001.8599853515625,
  "summary_fg_n": 65604.0,
  "summary_fg_p05": 1169.7942749023437,
  "summary_fg_p95": 3154.990637207031,
  "summary_fg_stdv": 595.2142333984375,
  "tsnr": 59.56444549560547
}