{
  "aor": 0.00125575,
  "aqi": 0.0036147930500000005,
  "bids_meta": {
    "AcquisitionDateTime": "2015-10-22T16:50:57",
    "BodyPartExamined": "BRAIN",
    "ConversionSoftware": "dcm2nii",
    "ConversionSoftwareVersion": "6-2013",
    "EchoTime": 0.025,
    "FlipAngle": 75.0,
    "ImageType": "ORIGINAL_PRIMARY_EPI_NONE",
    "MagneticFieldStrength": 3.0,
    "Manufacturer": "GE MEDICAL SYSTEMS",
    "ProcedureStepDescription": "Mattfeld_WMAZE",
    "ProtocolName": "Mattfeld_WMAZE",
    "RepetitionTime": 2.0,
    "ScanningSequence": "EP_GR",
    "SequenceVariant": "S_S",
    "SliceTiming": [
      0.0,
      1.0,
      0.047619047619047616,
      1.0476190476190477,
      0.09523809523809523,
      1.0952380952380953,
      0.14285714285714285,
      1.1428571428571428,
      0.19047619047619047,
      1.1904761904761905,
      0.23809523809523808,
      1.2380952380952381,
      0.2857142857142857,
      1.2857142857142858,
      0.3333333333333333,
      1.3333333333333333,
      0.38095238095238093,
      1.380952380952381,
      0.42857142857142855,
      1.4285714285714286,
      0.47619047619047616,
      1.4761904761904763,
      0.5238095238095238,
      1.5238095238095237,
      0.5714285714285714,
      1.5714285714285714,
      0.6190476190476191,
      1.619047619047619,
      0.6666666666666666,
      1.6666666666666667,
      0.7142857142857143,
      1.7142857142857142,
      0.7619047619047619,
      1.7619047619047619,
      0.8095238095238095,
      1.8095238095238095,
      0.8571428571428571,
      1.8571428571428572,
      0.9047619047619048,
      1.9047619047619047,
      0.9523809523809523,
      1.9523809523809523
    ],
    "TaskName": "TODO: full task name for condassoc",
    "modality": "bold",
    "run_id": "05",
    "subject_id": "022",
    "task_id": "condassoc"
  },
  "dummy_trs": 0,
  "dvars_nstd": 16.704508532261308,
  "dvars_std": 1.023567651457287,
  "dvars_vstd": 0.9349723850251258,
  "efc": 0.41375972688237217,
  "fber": 59373.65625,
  "fd_mean": 0.07215146740488963,
  "fd_num": 6,
  "fd_perc": 3.0,
  "fwhm_avg": 3.1065628723190244,
  "fwhm_x": 3.0518,
  "fwhm_y": 3.3479,
  "fwhm_z": 2.9199886169570735,
  "gcor": 0.0240873,
  "gsr_x": -0.028220444917678833,
  "gsr_y": 0.01917290687561035,
  "provenance": {
    "md5sum": "9a6eb47bbf59852e42427c4acfd1e891",
    "settings": {
      "fd_thres": 0.2,
      "hmc_fsl": false
    },
    "software": "mriqc",
    "version": "0.11.0",
    "webapi_port": null,
    "webapi_url": null
  },
  "size_t": 200,
  "size_x": 96,
  "size_y": 96,
  "size_z": 42,
  "snr": 3.500976859579432,
  "spacing_tr": 2.0,
  "spacing_x": 2.5,
  "spacing_y": 2.5,
  "spacing_z": 2.9996349811553955,
  "summary_bg_k": 38.76198900491282,
  "summary_bg_mad": 10.615431785583496,
  "summary_bg_mean": 63.959068298339844,
  "summary_bg_median": 7.649999618530273,
  "summary_bg_n": 269366.0,
  "summary_bg_p05": 0.09999999403953552,
  "summary_bg_p95": 351.7912368774414,
  "summary_bg_stdv": 189.77305603027344,
  "summary_fg_k": 1.0782052268151476,
  "summary_fg_mad": 449.68798828125,
  "summary_fg_mean": 1984.8822021484375,
  "summary_fg_median": 1920.5299072265625,
  "summary_fg_n": 60445.0,
  "summary_fg_p05": 1170.5830322265624,
  "summary_fg_p95": 2996.681884765624,
  "summary_fg_stdv": 548.565185546875,
  "tsnr": 67.74091339111328
}