{
  "aor": 0.0015245500000000002,
  "aqi": 0.0032389855,
  "bids_meta": {
    "AcquisitionDateTime": "2015-10-15T14:15:38",
    "BodyPartExamined": "BRAIN",
    "ConversionSoftware": "dcm2nii",
    "ConversionSoftwareVersion": "6-2013",
    "EchoTime": 0.025,
    "FlipAngle": 75.0,
    "ImageType": "ORIGINAL_PRIMARY_EPI_NONE",
    "MagneticFieldStrength": 3.0,
    "Manufacturer": "GE MEDICAL SYSTEMS",
    "ProcedureStepDescription": "Mattfeld_WMAZE",
    "ProtocolName": "Mattfeld_WMAZE",
    "RepetitionTime": 2.0,
    "ScanningSequence": "EP_GR",
    "SequenceVariant": "S_S",
    "SliceTiming": [
      0.0,
      1.0,
      0.047619047619047616,
      1.0476190476190477,
      0.09523809523809523,
      1.0952380952380953,
      0.14285714285714285,
      1.1428571428571428,
      0.19047619047619047,
      1.1904761904761905,
      0.23809523809523808,
      1.2380952380952381,
      0.2857142857142857,
      1.2857142857142858,
      0.3333333333333333,
      1.3333333333333333,
      0.38095238095238093,
      1.380952380952381,
      0.42857142857142855,
      1.4285714285714286,
      0.47619047619047616,
      1.4761904761904763,
      0.5238095238095238,
      1.5238095238095237,
      0.5714285714285714,
      1.5714285714285714,
      0.6190476190476191,
      1.619047619047619,
      0.6666666666666666,
      1.6666666666666667,
      0.7142857142857143,
      1.7142857142857142,
      0.7619047619047619,
      1.7619047619047619,
      0.8095238095238095,
      1.8095238095238095,
      0.8571428571428571,
      1.8571428571428572,
      0.9047619047619048,
      1.9047619047619047,
      0.9523809523809523,
      1.9523809523809523
    ],
    "TaskName": "TODO: full task name for condassoc",
    "modality": "bold",
    "run_id": "02",
    "subject_id": "019",
    "task_id": "condassoc"
  },
  "dummy_trs": 0,
  "dvars_nstd": 18.155105782412058,
  "dvars_std": 1.1259353235678384,
  "dvars_vstd": 0.9904987819095472,
  "efc": 0.49416622982759306,
  "fber": 37715.9140625,
  "fd_mean": 0.06065276269860274,
  "fd_num": 1,
  "fd_perc": 0.5,
  "fwhm_avg": 3.1903457934805846,
  "fwhm_x": 2.994348,
  "fwhm_y": 3.405704,
  "fwhm_z": 3.170985380441753,
  "gcor": 0.00762817,
  "gsr_x": -0.0013130439911037683,
  "gsr_y": 0.02048530988395214,
  "provenance": {
    "md5sum": "88da9800f8ccccc70d5a70295067f340",
    "settings": {
      "fd_thres": 0.2,
      "hmc_fsl": false
    },
    "software": "mriqc",
    "version": "0.11.0",
    "webapi_port": null,
    "webapi_url": null
  },
  "size_t": 200,
  "size_x": 96,
  "size_y": 96,
  "size_z": 42,
  "snr": 3.076554400432665,
  "spacing_tr": 2.0,
  "spacing_x": 2.5,
  "spacing_y": 2.5,
  "spacing_z": 3.000291347503662,
  "summary_bg_k": 15.362198446603998,
  "summary_bg_mad": 13.877158164978027,
  "summary_bg_mean": 131.51963806152344,
  "summary_bg_median": 9.675000190734863,
  "summary_bg_n": 244077.0,
  "summary_bg_p05": 0.044999998062849045,
  "summary_bg_p95": 867.1029785156247,
  "summary_bg_stdv": 347.7359313964844,
  "summary_fg_k": 0.7282470736721938,
  "summary_fg_mad": 567.3251953125,
  "summary_fg_mean": 2065.546142578125,
  "summary_fg_median": 1975.3599853515625,
  "summary_fg_n": 81784.0,
  "summary_fg_p05": 1161.8447021484376,
  "summary_fg_p95": 3262.894250488281,
  "summary_fg_stdv": 642.0650024414062,
  "tsnr": 69.18258666992188
}