{
  "aor": 0.004429599999999999,
  "aqi": 0.0043186929499999995,
  "bids_meta": {
    "AcquisitionDateTime": "2015-11-12T17:58:20",
    "BodyPartExamined": "BRAIN",
    "ConversionSoftware": "dcm2nii",
    "ConversionSoftwareVersion": "6-2013",
    "EchoTime": 0.025,
    "FlipAngle": 75.0,
    "ImageType": "ORIGINAL_PRIMARY_EPI_NONE",
    "MagneticFieldStrength": 3.0,
    "Manufacturer": "GE MEDICAL SYSTEMS",
    "ProcedureStepDescription": "Mattfeld_WMAZE",
    "ProtocolName": "Mattfeld_WMAZE",
    "RepetitionTime": 2.0,
    "ScanningSequence": "EP_GR",
    "SequenceVariant": "S_S",
    "SliceTiming": [
      0.0,
      1.0,
      0.047619047619047616,
      1.0476190476190477,
      0.09523809523809523,
      1.0952380952380953,
      0.14285714285714285,
      1.1428571428571428,
      0.19047619047619047,
      1.1904761904761905,
      0.23809523809523808,
      1.2380952380952381,
      0.2857142857142857,
      1.2857142857142858,
      0.3333333333333333,
      1.3333333333333333,
      0.38095238095238093,
      1.380952380952381,
      0.42857142857142855,
      1.4285714285714286,
      0.47619047619047616,
      1.4761904761904763,
      0.5238095238095238,
      1.5238095238095237,
      0.5714285714285714,
      1.5714285714285714,
      0.6190476190476191,
      1.619047619047619,
      0.6666666666666666,
      1.6666666666666667,
      0.7142857142857143,
      1.7142857142857142,
      0.7619047619047619,
      1.7619047619047619,
      0.8095238095238095,
      1.8095238095238095,
      0.8571428571428571,
      1.8571428571428572,
      0.9047619047619048,
      1.9047619047619047,
      0.9523809523809523,
      1.9523809523809523
    ],
    "TaskName": "TODO: full task name for condassoc",
    "modality": "bold",
    "run_id": "03",
    "subject_id": "027",
    "task_id": "condassoc"
  },
  "dummy_trs": 0,
  "dvars_nstd": 24.129104700703518,
  "dvars_std": 1.1073649218090449,
  "dvars_vstd": 0.9742256277889446,
  "efc": 0.44311272459171813,
  "fber": 51896.21875,
  "fd_mean": 0.16194126558814306,
  "fd_num": 47,
  "fd_perc": 23.5,
  "fwhm_avg": 3.059311558054979,
  "fwhm_x": 2.999428,
  "fwhm_y": 3.2822679999999997,
  "fwhm_z": 2.896238674164936,
  "gcor": 0.0423841,
  "gsr_x": -0.014652536250650883,
  "gsr_y": 0.015619023703038692,
  "provenance": {
    "md5sum": "5570a8dfecb5ee2078b4a4f1a9b12f52",
    "settings": {
      "fd_thres": 0.2,
      "hmc_fsl": false
    },
    "software": "mriqc",
    "version": "0.11.0",
    "webapi_port": null,
    "webapi_url": null
  },
  "size_t": 200,
  "size_x": 96,
  "size_y": 96,
  "size_z": 42,
  "snr": 3.4508357659677915,
  "spacing_tr": 2.0,
  "spacing_x": 2.5,
  "spacing_y": 2.5,
  "spacing_z": 3.0001463890075684,
  "summary_bg_k": 29.685563344481345,
  "summary_bg_mad": 11.601362228393555,
  "summary_bg_mean": 67.33931732177734,
  "summary_bg_median": 8.329999923706055,
  "summary_bg_n": 256302.0,
  "summary_bg_p05": 0.08999999612569809,
  "summary_bg_p95": 389.0789871215817,
  "summary_bg_stdv": 188.6969757080078,
  "summary_fg_k": 1.642623910860305,
  "summary_fg_mad": 446.24102783203125,
  "summary_fg_mean": 2012.16064453125,
  "summary_fg_median": 1932.25,
  "summary_fg_n": 71858.0,
  "summary_fg_p05": 1239.7084594726562,
  "summary_fg_p95": 3067.2367187499995,
  "summary_fg_stdv": 559.9329223632812,
  "tsnr": 59.68583297729492
}