{
  "aor": 0.0020176,
  "aqi": 0.0021998808,
  "bids_meta": {
    "AcquisitionDateTime": "2015-09-29T16:28:04",
    "BodyPartExamined": "BRAIN",
    "ConversionSoftware": "dcm2nii",
    "ConversionSoftwareVersion": "6-2013",
    "EchoTime": 0.025,
    "FlipAngle": 75.0,
    "ImageType": "ORIGINAL_PRIMARY_EPI_NONE",
    "MagneticFieldStrength": 3.0,
    "Manufacturer": "GE MEDICAL SYSTEMS",
    "ProcedureStepDescription": "Mattfeld_WMAZE",
    "ProtocolName": "Mattfeld_WMAZE",
    "RepetitionTime": 2.0,
    "ScanningSequence": "EP_GR",
    "SequenceVariant": "S_S",
    "SliceTiming": [
      0.0,
      1.0,
      0.047619047619047616,
      1.0476190476190477,
      0.09523809523809523,
      1.0952380952380953,
      0.14285714285714285,
      1.1428571428571428,
      0.19047619047619047,
      1.1904761904761905,
      0.23809523809523808,
      1.2380952380952381,
      0.2857142857142857,
      1.2857142857142858,
      0.3333333333333333,
      1.3333333333333333,
      0.38095238095238093,
      1.380952380952381,
      0.42857142857142855,
      1.4285714285714286,
      0.47619047619047616,
      1.4761904761904763,
      0.5238095238095238,
      1.5238095238095237,
      0.5714285714285714,
      1.5714285714285714,
      0.6190476190476191,
      1.619047619047619,
      0.6666666666666666,
      1.6666666666666667,
      0.7142857142857143,
      1.7142857142857142,
      0.7619047619047619,
      1.7619047619047619,
      0.8095238095238095,
      1.8095238095238095,
      0.8571428571428571,
      1.8571428571428572,
      0.9047619047619048,
      1.9047619047619047,
      0.9523809523809523,
      1.9523809523809523
    ],
    "TaskName": "TODO: full task name for condassoc",
    "modality": "bold",
    "run_id": "06",
    "subject_id": "008",
    "task_id": "condassoc"
  },
  "dummy_trs": 0,
  "dvars_nstd": 18.092942343115574,
  "dvars_std": 1.1764944698492465,
  "dvars_vstd": 1.0063945443216085,
  "efc": 0.43595932311612295,
  "fber": 48526.40234375,
  "fd_mean": 0.08137291673994808,
  "fd_num": 6,
  "fd_perc": 3.0,
  "fwhm_avg": 3.1437831300096732,
  "fwhm_x": 3.06906,
  "fwhm_y": 3.2812399999999995,
  "fwhm_z": 3.08104939002902,
  "gcor": 0.0312752,
  "gsr_x": -0.0268471110612154,
  "gsr_y": 0.026860572397708893,
  "provenance": {
    "md5sum": "6c8c83f8a795bc4be39bee531ec37617",
    "settings": {
      "fd_thres": 0.2,
      "hmc_fsl": false
    },
    "software": "mriqc",
    "version": "0.11.0",
    "webapi_port": null,
    "webapi_url": null
  },
  "size_t": 200,
  "size_x": 96,
  "size_y": 96,
  "size_z": 42,
  "snr": 3.3255200345607516,
  "spacing_tr": 2.0,
  "spacing_x": 2.5,
  "spacing_y": 2.5,
  "spacing_z": 2.999929189682007,
  "summary_bg_k": 33.54912909535858,
  "summary_bg_mad": 11.845992088317871,
  "summary_bg_mean": 66.4588394165039,
  "summary_bg_median": 8.550000190734863,
  "summary_bg_n": 260729.0,
  "summary_bg_p05": 0.13499999046325684,
  "summary_bg_p95": 389.7599792480469,
  "summary_bg_stdv": 195.3903045654297,
  "summary_fg_k": 1.2612922747277837,
  "summary_fg_mad": 468.10198974609375,
  "summary_fg_mean": 2015.782958984375,
  "summary_fg_median": 1934.3299560546875,
  "summary_fg_n": 68345.0,
  "summary_fg_p05": 1208.489990234375,
  "summary_fg_p95": 3128.719970703124,
  "summary_fg_stdv": 581.6581420898438,
  "tsnr": 85.27513885498047
}