{
  "bids_meta": {
    "AcquisitionDateTime": "2015-09-24T15:32:52",
    "BodyPartExamined": "BRAIN",
    "ConversionSoftware": "dcm2nii",
    "ConversionSoftwareVersion": "6-2013",
    "EchoTime": 0.00368,
    "FlipAngle": 12.0,
    "ImageType": "ORIGINAL_PRIMARY_OTHER",
    "InversionTime": 0.65,
    "MagneticFieldStrength": 3.0,
    "Manufacturer": "GE MEDICAL SYSTEMS",
    "ProcedureStepDescription": "Mattfeld_WMAZE",
    "ProtocolName": "Mattfeld_WMAZE",
    "RepetitionTime": 0.009184,
    "ScanningSequence": "G_R",
    "SequenceVariant": "SS_SK",
    "modality": "T1w",
    "run_id": "01",
    "subject_id": "006"
  },
  "cjv": 0.4421562964630754,
  "cnr": 2.996505937441936,
  "efc": 0.5992693363749642,
  "fber": 200.39358520507812,
  "fwhm_avg": 3.153843333333333,
  "fwhm_x": 3.27457,
  "fwhm_y": 3.31238,
  "fwhm_z": 2.87458,
  "icvs_csf": 0.16513136193405858,
  "icvs_gm": 0.40927146055909536,
  "icvs_wm": 0.42559717750684606,
  "inu_med": 1.081101655960083,
  "inu_range": 0.2083899974822998,
  "provenance": {
    "md5sum": "3aa0aa939c7f82d9c896380c3c55985b",
    "settings": {
      "testing": false
    },
    "software": "mriqc",
    "version": "0.11.0",
    "warnings": {
      "large_rot_frame": true,
      "small_air_mask": false
    },
    "webapi_port": null,
    "webapi_url": "https://mriqc.nimh.nih.gov/api/v1"
  },
  "qi_1": 9.712270220518856e-05,
  "qi_2": 0.001999599384637254,
  "rpve_csf": 36.47279677814238,
  "rpve_gm": 15.2697956929873,
  "rpve_wm": 17.154990947735232,
  "size_x": 186,
  "size_y": 256,
  "size_z": 256,
  "snr_csf": 2.911628131500762,
  "snr_gm": 17.465933640421923,
  "snr_total": 13.329923655113864,
  "snr_wm": 19.61220919341891,
  "snrd_csf": 28.631344725666168,
  "snrd_gm": 52.03577506693729,
  "snrd_total": 48.82469151649921,
  "snrd_wm": 65.80695475689419,
  "spacing_x": 1.0,
  "spacing_y": 1.0,
  "spacing_z": 1.0,
  "summary_bg_k": 5.686686181174952,
  "summary_bg_mad": 9.95594596862793,
  "summary_bg_mean": 51.54536819458008,
  "summary_bg_median": 49.369083404541016,
  "summary_bg_n": 3730895.0,
  "summary_bg_p05": 33.8425163269043,
  "summary_bg_p95": 80.89538574218746,
  "summary_bg_stdv": 15.093843460083008,
  "summary_csf_k": 9.562531838087482,
  "summary_csf_mad": 120.4316177368164,
  "summary_csf_mean": 464.7809143066406,
  "summary_csf_median": 435.1034851074219,
  "summary_csf_n": 11475.0,
  "summary_csf_p05": 284.9806640625,
  "summary_csf_p95": 697.007629394531,
  "summary_csf_stdv": 149.4299774169922,
  "summary_gm_k": 0.20638812604427015,
  "summary_gm_mad": 44.72773361206055,
  "summary_gm_mean": 792.5970458984375,
  "summary_gm_median": 790.7748413085938,
  "summary_gm_n": 23265.0,
  "summary_gm_p05": 722.2462768554688,
  "summary_gm_p95": 870.146484375,
  "summary_gm_stdv": 45.274295806884766,
  "summary_wm_k": 0.5580989055738477,
  "summary_wm_mad": 47.80550765991211,
  "summary_wm_mean": 1007.631103515625,
  "summary_wm_median": 1000.0520629882812,
  "summary_wm_n": 173063.0,
  "summary_wm_p05": 937.8279663085937,
  "summary_wm_p95": 1104.4175903320313,
  "summary_wm_stdv": 50.991153717041016,
  "tpm_overlap_csf": 0.2070346623659134,
  "tpm_overlap_gm": 0.48735880851745605,
  "tpm_overlap_wm": 0.5289586186408997,
  "wm2max": 0.6670186939444788
}