{
  "aor": 0.0027762999999999998,
  "aqi": 0.002259084635,
  "bids_meta": {
    "AcquisitionDateTime": "2015-10-01T15:01:56",
    "BodyPartExamined": "BRAIN",
    "ConversionSoftware": "dcm2nii",
    "ConversionSoftwareVersion": "6-2013",
    "EchoTime": 0.025,
    "FlipAngle": 75.0,
    "ImageType": "ORIGINAL_PRIMARY_EPI_NONE",
    "MagneticFieldStrength": 3.0,
    "Manufacturer": "GE MEDICAL SYSTEMS",
    "ProcedureStepDescription": "Mattfeld_WMAZE",
    "ProtocolName": "Mattfeld_WMAZE",
    "RepetitionTime": 2.0,
    "ScanningSequence": "EP_GR",
    "SequenceVariant": "S_S",
    "SliceTiming": [
      0.0,
      1.0,
      0.047619047619047616,
      1.0476190476190477,
      0.09523809523809523,
      1.0952380952380953,
      0.14285714285714285,
      1.1428571428571428,
      0.19047619047619047,
      1.1904761904761905,
      0.23809523809523808,
      1.2380952380952381,
      0.2857142857142857,
      1.2857142857142858,
      0.3333333333333333,
      1.3333333333333333,
      0.38095238095238093,
      1.380952380952381,
      0.42857142857142855,
      1.4285714285714286,
      0.47619047619047616,
      1.4761904761904763,
      0.5238095238095238,
      1.5238095238095237,
      0.5714285714285714,
      1.5714285714285714,
      0.6190476190476191,
      1.619047619047619,
      0.6666666666666666,
      1.6666666666666667,
      0.7142857142857143,
      1.7142857142857142,
      0.7619047619047619,
      1.7619047619047619,
      0.8095238095238095,
      1.8095238095238095,
      0.8571428571428571,
      1.8571428571428572,
      0.9047619047619048,
      1.9047619047619047,
      0.9523809523809523,
      1.9523809523809523
    ],
    "TaskName": "TODO: full task name for condassoc",
    "modality": "bold",
    "run_id": "01",
    "subject_id": "012",
    "task_id": "condassoc"
  },
  "dummy_trs": 0,
  "dvars_nstd": 15.232366662261303,
  "dvars_std": 1.0920690610552761,
  "dvars_vstd": 0.984816275025126,
  "efc": 0.4317800194281121,
  "fber": 100422.5859375,
  "fd_mean": 0.0604097600478403,
  "fd_num": 5,
  "fd_perc": 2.5,
  "fwhm_avg": 3.1305060248688044,
  "fwhm_x": 3.109048,
  "fwhm_y": 3.375484,
  "fwhm_z": 2.906986074606414,
  "gcor": 0.0173566,
  "gsr_x": -0.0031802437733858824,
  "gsr_y": 0.014844619669020176,
  "provenance": {
    "md5sum": "fc2a8938e48e9d40a7d8443a5e82708f",
    "settings": {
      "fd_thres": 0.2,
      "hmc_fsl": false
    },
    "software": "mriqc",
    "version": "0.11.0",
    "webapi_port": null,
    "webapi_url": null
  },
  "size_t": 200,
  "size_x": 96,
  "size_y": 96,
  "size_z": 42,
  "snr": 3.201878903323589,
  "spacing_tr": 2.0,
  "spacing_x": 2.5,
  "spacing_y": 2.5,
  "spacing_z": 2.999859571456909,
  "summary_bg_k": 41.8966018142689,
  "summary_bg_mad": 8.52496337890625,
  "summary_bg_mean": 59.37023162841797,
  "summary_bg_median": 6.059999942779541,
  "summary_bg_n": 256248.0,
  "summary_bg_p05": 0.06499999761581421,
  "summary_bg_p95": 324.68499755859375,
  "summary_bg_stdv": 196.80020141601562,
  "summary_fg_k": 0.9318134269978535,
  "summary_fg_mad": 508.28424072265625,
  "summary_fg_mean": 2072.66259765625,
  "summary_fg_median": 1996.407470703125,
  "summary_fg_n": 70862.0,
  "summary_fg_p05": 1148.579949951172,
  "summary_fg_p95": 3242.6707885742185,
  "summary_fg_stdv": 623.5068359375,
  "tsnr": 85.29331970214844
}