{
  "bids_meta": {
    "AcquisitionDateTime": "2015-09-21T15:28:57",
    "BodyPartExamined": "BRAIN",
    "ConversionSoftware": "dcm2nii",
    "ConversionSoftwareVersion": "6-2013",
    "EchoTime": 0.00368,
    "FlipAngle": 12.0,
    "ImageType": "ORIGINAL_PRIMARY_OTHER",
    "InversionTime": 0.65,
    "MagneticFieldStrength": 3.0,
    "Manufacturer": "GE MEDICAL SYSTEMS",
    "ProcedureStepDescription": "Mattfeld_WMAZE",
    "ProtocolName": "Mattfeld_WMAZE",
    "RepetitionTime": 0.009184,
    "ScanningSequence": "G_R",
    "SequenceVariant": "SS_SK",
    "modality": "T1w",
    "run_id": "01",
    "subject_id": "004"
  },
  "cjv": 0.39608327852272773,
  "cnr": 3.2955645163617393,
  "efc": 0.5701897173429328,
  "fber": 245.3670196533203,
  "fwhm_avg": 3.61642,
  "fwhm_x": 3.76073,
  "fwhm_y": 3.70205,
  "fwhm_z": 3.38648,
  "icvs_csf": 0.15331220537570875,
  "icvs_gm": 0.42655769968397744,
  "icvs_wm": 0.4201300949403138,
  "inu_med": 1.0694172382354736,
  "inu_range": 0.27722299098968506,
  "provenance": {
    "md5sum": "9b192d3fc95c3c0c39cbc6dde85e0883",
    "settings": {
      "testing": false
    },
    "software": "mriqc",
    "version": "0.11.0",
    "warnings": {
      "large_rot_frame": true,
      "small_air_mask": false
    },
    "webapi_port": null,
    "webapi_url": "https://mriqc.nimh.nih.gov/api/v1"
  },
  "qi_1": 0.0,
  "qi_2": 0.0008803957358747666,
  "rpve_csf": 40.91241766613407,
  "rpve_gm": 15.75561885968815,
  "rpve_wm": 17.71540596218033,
  "size_x": 186,
  "size_y": 256,
  "size_z": 256,
  "snr_csf": 1.9622921709304297,
  "snr_gm": 19.764044592794,
  "snr_total": 15.461158021813254,
  "snr_wm": 24.657137301715334,
  "snrd_csf": 36.96164151055178,
  "snrd_gm": 67.85387232651739,
  "snrd_total": 63.06651484481929,
  "snrd_wm": 84.38403069738868,
  "spacing_x": 1.0,
  "spacing_y": 1.0,
  "spacing_z": 1.0,
  "summary_bg_k": 53.02815129522181,
  "summary_bg_mad": 7.763850212097168,
  "summary_bg_mean": 47.62954330444336,
  "summary_bg_median": 44.49293518066406,
  "summary_bg_n": 3682924.0,
  "summary_bg_p05": 33.65231819152832,
  "summary_bg_p95": 75.17984657287592,
  "summary_bg_stdv": 15.2713623046875,
  "summary_csf_k": 3.592976256721683,
  "summary_csf_mad": 102.44696807861328,
  "summary_csf_mean": 513.7012939453125,
  "summary_csf_median": 438.02276611328125,
  "summary_csf_n": 19359.0,
  "summary_csf_p05": 325.3390228271485,
  "summary_csf_p95": 1147.8893920898436,
  "summary_csf_stdv": 223.2141876220703,
  "summary_gm_k": 0.37524999658829117,
  "summary_gm_mad": 38.72221374511719,
  "summary_gm_mean": 802.5266723632812,
  "summary_gm_median": 804.1185302734375,
  "summary_gm_n": 27436.0,
  "summary_gm_p05": 733.6274261474609,
  "summary_gm_p95": 867.2830963134766,
  "summary_gm_stdv": 40.68518829345703,
  "summary_wm_k": 0.6359302333769485,
  "summary_wm_mad": 38.86835861206055,
  "summary_wm_mean": 1003.5687866210938,
  "summary_wm_median": 1000.0131225585938,
  "summary_wm_n": 170275.0,
  "summary_wm_p05": 945.2347229003906,
  "summary_wm_p95": 1075.3498046875,
  "summary_wm_stdv": 40.55662155151367,
  "tpm_overlap_csf": 0.22777165472507477,
  "tpm_overlap_gm": 0.5052824020385742,
  "tpm_overlap_wm": 0.5384804010391235,
  "wm2max": 0.5158501252341355
}