{
  "aor": 0.003859,
  "aqi": 0.00422128455,
  "bids_meta": {
    "AcquisitionDateTime": "2015-11-12T17:50:23",
    "BodyPartExamined": "BRAIN",
    "ConversionSoftware": "dcm2nii",
    "ConversionSoftwareVersion": "6-2013",
    "EchoTime": 0.025,
    "FlipAngle": 75.0,
    "ImageType": "ORIGINAL_PRIMARY_EPI_NONE",
    "MagneticFieldStrength": 3.0,
    "Manufacturer": "GE MEDICAL SYSTEMS",
    "ProcedureStepDescription": "Mattfeld_WMAZE",
    "ProtocolName": "Mattfeld_WMAZE",
    "RepetitionTime": 2.0,
    "ScanningSequence": "EP_GR",
    "SequenceVariant": "S_S",
    "SliceTiming": [
      0.0,
      1.0,
      0.047619047619047616,
      1.0476190476190477,
      0.09523809523809523,
      1.0952380952380953,
      0.14285714285714285,
      1.1428571428571428,
      0.19047619047619047,
      1.1904761904761905,
      0.23809523809523808,
      1.2380952380952381,
      0.2857142857142857,
      1.2857142857142858,
      0.3333333333333333,
      1.3333333333333333,
      0.38095238095238093,
      1.380952380952381,
      0.42857142857142855,
      1.4285714285714286,
      0.47619047619047616,
      1.4761904761904763,
      0.5238095238095238,
      1.5238095238095237,
      0.5714285714285714,
      1.5714285714285714,
      0.6190476190476191,
      1.619047619047619,
      0.6666666666666666,
      1.6666666666666667,
      0.7142857142857143,
      1.7142857142857142,
      0.7619047619047619,
      1.7619047619047619,
      0.8095238095238095,
      1.8095238095238095,
      0.8571428571428571,
      1.8571428571428572,
      0.9047619047619048,
      1.9047619047619047,
      0.9523809523809523,
      1.9523809523809523
    ],
    "TaskName": "TODO: full task name for condassoc",
    "modality": "bold",
    "run_id": "02",
    "subject_id": "027",
    "task_id": "condassoc"
  },
  "dummy_trs": 0,
  "dvars_nstd": 22.891473976030156,
  "dvars_std": 1.1248486006030152,
  "dvars_vstd": 0.9704030553266337,
  "efc": 0.4396851343824959,
  "fber": 51392.4765625,
  "fd_mean": 0.1401777334682163,
  "fd_num": 37,
  "fd_perc": 18.5,
  "fwhm_avg": 3.0433397790302443,
  "fwhm_x": 2.988372,
  "fwhm_y": 3.245332,
  "fwhm_z": 2.8963153370907326,
  "gcor": 0.0337308,
  "gsr_x": -0.014006984420120716,
  "gsr_y": 0.01413899939507246,
  "provenance": {
    "md5sum": "f795540c5b335b2c99a7861b05cd188f",
    "settings": {
      "fd_thres": 0.2,
      "hmc_fsl": false
    },
    "software": "mriqc",
    "version": "0.11.0",
    "webapi_port": null,
    "webapi_url": null
  },
  "size_t": 200,
  "size_x": 96,
  "size_y": 96,
  "size_z": 42,
  "snr": 3.453789640604493,
  "spacing_tr": 2.0,
  "spacing_x": 2.5,
  "spacing_y": 2.5,
  "spacing_z": 3.0001463890075684,
  "summary_bg_k": 30.01548018179009,
  "summary_bg_mad": 11.719969749450684,
  "summary_bg_mean": 66.29972076416016,
  "summary_bg_median": 8.389999389648438,
  "summary_bg_n": 257690.0,
  "summary_bg_p05": 0.08999999612569809,
  "summary_bg_p95": 382.35549468994134,
  "summary_bg_stdv": 186.22621154785156,
  "summary_fg_k": 1.6314919904968992,
  "summary_fg_mad": 447.2937927246094,
  "summary_fg_mean": 2027.9525146484375,
  "summary_fg_median": 1946.5050048828125,
  "summary_fg_n": 70765.0,
  "summary_fg_p05": 1258.0629394531252,
  "summary_fg_p95": 3092.0708984375005,
  "summary_fg_stdv": 563.581298828125,
  "tsnr": 62.841697692871094
}