{
  "aor": 0.0029154000000000003,
  "aqi": 0.0039046044,
  "bids_meta": {
    "AcquisitionDateTime": "2015-10-21T16:01:38",
    "BodyPartExamined": "BRAIN",
    "ConversionSoftware": "dcm2nii",
    "ConversionSoftwareVersion": "6-2013",
    "EchoTime": 0.025,
    "FlipAngle": 75.0,
    "ImageType": "ORIGINAL_PRIMARY_EPI_NONE",
    "MagneticFieldStrength": 3.0,
    "Manufacturer": "GE MEDICAL SYSTEMS",
    "ProcedureStepDescription": "Mattfeld_WMAZE",
    "ProtocolName": "Mattfeld_WMAZE",
    "RepetitionTime": 2.0,
    "ScanningSequence": "EP_GR",
    "SequenceVariant": "S_S",
    "SliceTiming": [
      0.0,
      1.0,
      0.047619047619047616,
      1.0476190476190477,
      0.09523809523809523,
      1.0952380952380953,
      0.14285714285714285,
      1.1428571428571428,
      0.19047619047619047,
      1.1904761904761905,
      0.23809523809523808,
      1.2380952380952381,
      0.2857142857142857,
      1.2857142857142858,
      0.3333333333333333,
      1.3333333333333333,
      0.38095238095238093,
      1.380952380952381,
      0.42857142857142855,
      1.4285714285714286,
      0.47619047619047616,
      1.4761904761904763,
      0.5238095238095238,
      1.5238095238095237,
      0.5714285714285714,
      1.5714285714285714,
      0.6190476190476191,
      1.619047619047619,
      0.6666666666666666,
      1.6666666666666667,
      0.7142857142857143,
      1.7142857142857142,
      0.7619047619047619,
      1.7619047619047619,
      0.8095238095238095,
      1.8095238095238095,
      0.8571428571428571,
      1.8571428571428572,
      0.9047619047619048,
      1.9047619047619047,
      0.9523809523809523,
      1.9523809523809523
    ],
    "TaskName": "TODO: full task name for condassoc",
    "modality": "bold",
    "run_id": "05",
    "subject_id": "021",
    "task_id": "condassoc"
  },
  "dummy_trs": 0,
  "dvars_nstd": 17.400172981055274,
  "dvars_std": 1.1702433024120606,
  "dvars_vstd": 0.9829100801507538,
  "efc": 0.4176782625157052,
  "fber": 69961.5078125,
  "fd_mean": 0.05599666368055604,
  "fd_num": 1,
  "fd_perc": 0.5,
  "fwhm_avg": 3.1252437007915894,
  "fwhm_x": 3.113936,
  "fwhm_y": 3.313404,
  "fwhm_z": 2.948391102374769,
  "gcor": 0.0128926,
  "gsr_x": -0.021892879158258438,
  "gsr_y": 0.01976342685520649,
  "provenance": {
    "md5sum": "8eb6efaad7d03a583706d4877e6ba39e",
    "settings": {
      "fd_thres": 0.2,
      "hmc_fsl": false
    },
    "software": "mriqc",
    "version": "0.11.0",
    "webapi_port": null,
    "webapi_url": null
  },
  "size_t": 200,
  "size_x": 96,
  "size_y": 96,
  "size_z": 42,
  "snr": 3.4300010153919467,
  "spacing_tr": 2.0,
  "spacing_x": 2.5,
  "spacing_y": 2.5,
  "spacing_z": 3.0002498626708984,
  "summary_bg_k": 27.89954319955794,
  "summary_bg_mad": 10.563541412353516,
  "summary_bg_mean": 67.24229431152344,
  "summary_bg_median": 7.659999847412109,
  "summary_bg_n": 266923.0,
  "summary_bg_p05": 0.17000000178813934,
  "summary_bg_p95": 401.29998779296875,
  "summary_bg_stdv": 200.38491821289062,
  "summary_fg_k": 1.4526078289364923,
  "summary_fg_mad": 470.811279296875,
  "summary_fg_mean": 2151.218505859375,
  "summary_fg_median": 2051.5625,
  "summary_fg_n": 62622.0,
  "summary_fg_p05": 1339.0320251464843,
  "summary_fg_p95": 3293.9772216796873,
  "summary_fg_stdv": 598.1182250976562,
  "tsnr": 74.35765075683594
}