{
  "aor": 0.0020403,
  "aqi": 0.0022891838,
  "bids_meta": {
    "AcquisitionDateTime": "2015-10-01T11:55:42",
    "BodyPartExamined": "BRAIN",
    "ConversionSoftware": "dcm2nii",
    "ConversionSoftwareVersion": "6-2013",
    "EchoTime": 0.025,
    "FlipAngle": 75.0,
    "ImageType": "ORIGINAL_PRIMARY_EPI_NONE",
    "MagneticFieldStrength": 3.0,
    "Manufacturer": "GE MEDICAL SYSTEMS",
    "ProcedureStepDescription": "Mattfeld_WMAZE",
    "ProtocolName": "Mattfeld_WMAZE",
    "RepetitionTime": 2.0,
    "ScanningSequence": "EP_GR",
    "SequenceVariant": "S_S",
    "SliceTiming": [
      0.0,
      1.0,
      0.047619047619047616,
      1.0476190476190477,
      0.09523809523809523,
      1.0952380952380953,
      0.14285714285714285,
      1.1428571428571428,
      0.19047619047619047,
      1.1904761904761905,
      0.23809523809523808,
      1.2380952380952381,
      0.2857142857142857,
      1.2857142857142858,
      0.3333333333333333,
      1.3333333333333333,
      0.38095238095238093,
      1.380952380952381,
      0.42857142857142855,
      1.4285714285714286,
      0.47619047619047616,
      1.4761904761904763,
      0.5238095238095238,
      1.5238095238095237,
      0.5714285714285714,
      1.5714285714285714,
      0.6190476190476191,
      1.619047619047619,
      0.6666666666666666,
      1.6666666666666667,
      0.7142857142857143,
      1.7142857142857142,
      0.7619047619047619,
      1.7619047619047619,
      0.8095238095238095,
      1.8095238095238095,
      0.8571428571428571,
      1.8571428571428572,
      0.9047619047619048,
      1.9047619047619047,
      0.9523809523809523,
      1.9523809523809523
    ],
    "TaskName": "TODO: full task name for condassoc",
    "modality": "bold",
    "run_id": "03",
    "subject_id": "010",
    "task_id": "condassoc"
  },
  "dummy_trs": 0,
  "dvars_nstd": 15.823889243467338,
  "dvars_std": 1.0900947707537687,
  "dvars_vstd": 1.005574657286432,
  "efc": 0.406732287051902,
  "fber": 56580.4453125,
  "fd_mean": 0.04790032527336358,
  "fd_num": 3,
  "fd_perc": 1.5,
  "fwhm_avg": 3.0833592998054455,
  "fwhm_x": 3.001188,
  "fwhm_y": 3.241748,
  "fwhm_z": 3.007141899416336,
  "gcor": 0.0124368,
  "gsr_x": -0.01604500226676464,
  "gsr_y": 0.015284616500139236,
  "provenance": {
    "md5sum": "14e43d14f2525734adb95cc0ef9f7844",
    "settings": {
      "fd_thres": 0.2,
      "hmc_fsl": false
    },
    "software": "mriqc",
    "version": "0.11.0",
    "webapi_port": null,
    "webapi_url": null
  },
  "size_t": 200,
  "size_x": 96,
  "size_y": 96,
  "size_z": 42,
  "snr": 3.5378276753334466,
  "spacing_tr": 2.0,
  "spacing_x": 2.5,
  "spacing_y": 2.5,
  "spacing_z": 3.0000014305114746,
  "summary_bg_k": 48.96988429015361,
  "summary_bg_mad": 11.482754707336426,
  "summary_bg_mean": 52.733707427978516,
  "summary_bg_median": 8.260000228881836,
  "summary_bg_n": 269227.0,
  "summary_bg_p05": 0.10999999940395355,
  "summary_bg_p95": 265.4030059814446,
  "summary_bg_stdv": 160.55694580078125,
  "summary_fg_k": 0.9616864422785527,
  "summary_fg_mad": 475.4335632324219,
  "summary_fg_mean": 2079.90966796875,
  "summary_fg_median": 2016.260009765625,
  "summary_fg_n": 61031.0,
  "summary_fg_p05": 1235.1849365234375,
  "summary_fg_p95": 3123.704833984375,
  "summary_fg_stdv": 569.9100341796875,
  "tsnr": 85.33724975585938
}