{
  "aor": 0.0025063000000000004,
  "aqi": 0.0020207458100000002,
  "bids_meta": {
    "AcquisitionDateTime": "2015-09-21T16:00:17",
    "BodyPartExamined": "BRAIN",
    "ConversionSoftware": "dcm2nii",
    "ConversionSoftwareVersion": "6-2013",
    "EchoTime": 0.025,
    "FlipAngle": 75.0,
    "ImageType": "ORIGINAL_PRIMARY_EPI_NONE",
    "MagneticFieldStrength": 3.0,
    "Manufacturer": "GE MEDICAL SYSTEMS",
    "ProcedureStepDescription": "Mattfeld_WMAZE",
    "ProtocolName": "Mattfeld_WMAZE",
    "RepetitionTime": 2.0,
    "ScanningSequence": "EP_GR",
    "SequenceVariant": "S_S",
    "SliceTiming": [
      0.0,
      1.0,
      0.047619047619047616,
      1.0476190476190477,
      0.09523809523809523,
      1.0952380952380953,
      0.14285714285714285,
      1.1428571428571428,
      0.19047619047619047,
      1.1904761904761905,
      0.23809523809523808,
      1.2380952380952381,
      0.2857142857142857,
      1.2857142857142858,
      0.3333333333333333,
      1.3333333333333333,
      0.38095238095238093,
      1.380952380952381,
      0.42857142857142855,
      1.4285714285714286,
      0.47619047619047616,
      1.4761904761904763,
      0.5238095238095238,
      1.5238095238095237,
      0.5714285714285714,
      1.5714285714285714,
      0.6190476190476191,
      1.619047619047619,
      0.6666666666666666,
      1.6666666666666667,
      0.7142857142857143,
      1.7142857142857142,
      0.7619047619047619,
      1.7619047619047619,
      0.8095238095238095,
      1.8095238095238095,
      0.8571428571428571,
      1.8571428571428572,
      0.9047619047619048,
      1.9047619047619047,
      0.9523809523809523,
      1.9523809523809523
    ],
    "TaskName": "TODO: full task name for condassoc",
    "modality": "bold",
    "run_id": "03",
    "subject_id": "004",
    "task_id": "condassoc"
  },
  "dummy_trs": 0,
  "dvars_nstd": 16.043946750150763,
  "dvars_std": 1.1646581774874378,
  "dvars_vstd": 1.0052589653266337,
  "efc": 0.4202966787765467,
  "fber": 54817.98046875,
  "fd_mean": 0.07355013939922173,
  "fd_num": 4,
  "fd_perc": 2.0,
  "fwhm_avg": 3.0847627375398257,
  "fwhm_x": 3.0509720000000002,
  "fwhm_y": 3.342156,
  "fwhm_z": 2.8611602126194753,
  "gcor": 0.0119317,
  "gsr_x": -0.01920515112578869,
  "gsr_y": 0.01993163675069809,
  "provenance": {
    "md5sum": "71c56d2a956746905fc159e7b24f3df6",
    "settings": {
      "fd_thres": 0.2,
      "hmc_fsl": false
    },
    "software": "mriqc",
    "version": "0.11.0",
    "webapi_port": null,
    "webapi_url": null
  },
  "size_t": 200,
  "size_x": 96,
  "size_y": 96,
  "size_z": 42,
  "snr": 3.7694578840113544,
  "spacing_tr": 2.0,
  "spacing_x": 2.5,
  "spacing_y": 2.5,
  "spacing_z": 3.0000312328338623,
  "summary_bg_k": 31.561642691807293,
  "summary_bg_mad": 12.023903846740723,
  "summary_bg_mean": 68.46514892578125,
  "summary_bg_median": 8.545000076293945,
  "summary_bg_n": 267329.0,
  "summary_bg_p05": 0.0949999988079071,
  "summary_bg_p95": 385.9080017089842,
  "summary_bg_stdv": 189.09254455566406,
  "summary_fg_k": 0.7659636205420055,
  "summary_fg_mad": 462.1717529296875,
  "summary_fg_mean": 2096.212890625,
  "summary_fg_median": 2054.77490234375,
  "summary_fg_n": 61952.0,
  "summary_fg_p05": 1235.2655029296875,
  "summary_fg_p95": 3065.8591674804684,
  "summary_fg_stdv": 545.1071166992188,
  "tsnr": 91.4596176147461
}