{
  "aor": 0.00100315,
  "aqi": 0.0022613132,
  "bids_meta": {
    "AcquisitionDateTime": "2015-10-01T11:47:30",
    "BodyPartExamined": "BRAIN",
    "ConversionSoftware": "dcm2nii",
    "ConversionSoftwareVersion": "6-2013",
    "EchoTime": 0.025,
    "FlipAngle": 75.0,
    "ImageType": "ORIGINAL_PRIMARY_EPI_NONE",
    "MagneticFieldStrength": 3.0,
    "Manufacturer": "GE MEDICAL SYSTEMS",
    "ProcedureStepDescription": "Mattfeld_WMAZE",
    "ProtocolName": "Mattfeld_WMAZE",
    "RepetitionTime": 2.0,
    "ScanningSequence": "EP_GR",
    "SequenceVariant": "S_S",
    "SliceTiming": [
      0.0,
      1.0,
      0.047619047619047616,
      1.0476190476190477,
      0.09523809523809523,
      1.0952380952380953,
      0.14285714285714285,
      1.1428571428571428,
      0.19047619047619047,
      1.1904761904761905,
      0.23809523809523808,
      1.2380952380952381,
      0.2857142857142857,
      1.2857142857142858,
      0.3333333333333333,
      1.3333333333333333,
      0.38095238095238093,
      1.380952380952381,
      0.42857142857142855,
      1.4285714285714286,
      0.47619047619047616,
      1.4761904761904763,
      0.5238095238095238,
      1.5238095238095237,
      0.5714285714285714,
      1.5714285714285714,
      0.6190476190476191,
      1.619047619047619,
      0.6666666666666666,
      1.6666666666666667,
      0.7142857142857143,
      1.7142857142857142,
      0.7619047619047619,
      1.7619047619047619,
      0.8095238095238095,
      1.8095238095238095,
      0.8571428571428571,
      1.8571428571428572,
      0.9047619047619048,
      1.9047619047619047,
      0.9523809523809523,
      1.9523809523809523
    ],
    "TaskName": "TODO: full task name for condassoc",
    "modality": "bold",
    "run_id": "02",
    "subject_id": "010",
    "task_id": "condassoc"
  },
  "dummy_trs": 0,
  "dvars_nstd": 15.368575062663309,
  "dvars_std": 1.062937644271356,
  "dvars_vstd": 0.9734274917587936,
  "efc": 0.4080118499718962,
  "fber": 55143.08203125,
  "fd_mean": 0.04388646381240467,
  "fd_num": 0,
  "fd_perc": 0.0,
  "fwhm_avg": 3.086561744691229,
  "fwhm_x": 3.006476,
  "fwhm_y": 3.2488439999999996,
  "fwhm_z": 3.004365234073686,
  "gcor": 0.0180162,
  "gsr_x": -0.016987890005111694,
  "gsr_y": 0.016444019973278046,
  "provenance": {
    "md5sum": "c7688a2c4ad49c449e617f2478381f05",
    "settings": {
      "fd_thres": 0.2,
      "hmc_fsl": false
    },
    "software": "mriqc",
    "version": "0.11.0",
    "webapi_port": null,
    "webapi_url": null
  },
  "size_t": 200,
  "size_x": 96,
  "size_y": 96,
  "size_z": 42,
  "snr": 3.537748694408998,
  "spacing_tr": 2.0,
  "spacing_x": 2.5,
  "spacing_y": 2.5,
  "spacing_z": 3.0000014305114746,
  "summary_bg_k": 49.52598010014124,
  "summary_bg_mad": 11.586536407470703,
  "summary_bg_mean": 53.72731399536133,
  "summary_bg_median": 8.319999694824219,
  "summary_bg_n": 268998.0,
  "summary_bg_p05": 0.10999999940395355,
  "summary_bg_p95": 267.14573974609374,
  "summary_bg_stdv": 163.91021728515625,
  "summary_fg_k": 0.9744848236851027,
  "summary_fg_mad": 473.7582092285156,
  "summary_fg_mean": 2072.1572265625,
  "summary_fg_median": 2007.4549560546875,
  "summary_fg_n": 61125.0,
  "summary_fg_p05": 1233.6580078125,
  "summary_fg_p95": 3118.3739257812485,
  "summary_fg_stdv": 567.4338989257812,
  "tsnr": 84.77923583984375
}