{
  "aor": 0.0014726499999999998,
  "aqi": 0.002032312865,
  "bids_meta": {
    "AcquisitionDateTime": "2015-09-21T16:16:30",
    "BodyPartExamined": "BRAIN",
    "ConversionSoftware": "dcm2nii",
    "ConversionSoftwareVersion": "6-2013",
    "EchoTime": 0.025,
    "FlipAngle": 75.0,
    "ImageType": "ORIGINAL_PRIMARY_EPI_NONE",
    "MagneticFieldStrength": 3.0,
    "Manufacturer": "GE MEDICAL SYSTEMS",
    "ProcedureStepDescription": "Mattfeld_WMAZE",
    "ProtocolName": "Mattfeld_WMAZE",
    "RepetitionTime": 2.0,
    "ScanningSequence": "EP_GR",
    "SequenceVariant": "S_S",
    "SliceTiming": [
      0.0,
      1.0,
      0.047619047619047616,
      1.0476190476190477,
      0.09523809523809523,
      1.0952380952380953,
      0.14285714285714285,
      1.1428571428571428,
      0.19047619047619047,
      1.1904761904761905,
      0.23809523809523808,
      1.2380952380952381,
      0.2857142857142857,
      1.2857142857142858,
      0.3333333333333333,
      1.3333333333333333,
      0.38095238095238093,
      1.380952380952381,
      0.42857142857142855,
      1.4285714285714286,
      0.47619047619047616,
      1.4761904761904763,
      0.5238095238095238,
      1.5238095238095237,
      0.5714285714285714,
      1.5714285714285714,
      0.6190476190476191,
      1.619047619047619,
      0.6666666666666666,
      1.6666666666666667,
      0.7142857142857143,
      1.7142857142857142,
      0.7619047619047619,
      1.7619047619047619,
      0.8095238095238095,
      1.8095238095238095,
      0.8571428571428571,
      1.8571428571428572,
      0.9047619047619048,
      1.9047619047619047,
      0.9523809523809523,
      1.9523809523809523
    ],
    "TaskName": "TODO: full task name for condassoc",
    "modality": "bold",
    "run_id": "05",
    "subject_id": "004",
    "task_id": "condassoc"
  },
  "dummy_trs": 0,
  "dvars_nstd": 17.044998475728644,
  "dvars_std": 1.1443650018592961,
  "dvars_vstd": 0.9977923700502512,
  "efc": 0.4220675836100916,
  "fber": 53717.0859375,
  "fd_mean": 0.10038908620291072,
  "fd_num": 10,
  "fd_perc": 5.0,
  "fwhm_avg": 3.0644446368004936,
  "fwhm_x": 3.0248,
  "fwhm_y": 3.34238,
  "fwhm_z": 2.8261539104014823,
  "gcor": 0.0144872,
  "gsr_x": -0.018559088930487633,
  "gsr_y": 0.019285816699266434,
  "provenance": {
    "md5sum": "51fb3911318af1876b56516db61ec53c",
    "settings": {
      "fd_thres": 0.2,
      "hmc_fsl": false
    },
    "software": "mriqc",
    "version": "0.11.0",
    "webapi_port": null,
    "webapi_url": null
  },
  "size_t": 200,
  "size_x": 96,
  "size_y": 96,
  "size_z": 42,
  "snr": 3.782859533855556,
  "spacing_tr": 2.0,
  "spacing_x": 2.5,
  "spacing_y": 2.5,
  "spacing_z": 3.0000312328338623,
  "summary_bg_k": 32.76800735144292,
  "summary_bg_mad": 12.023903846740723,
  "summary_bg_mean": 68.66728210449219,
  "summary_bg_median": 8.559999465942383,
  "summary_bg_n": 266641.0,
  "summary_bg_p05": 0.10499999672174454,
  "summary_bg_p95": 386.1000061035156,
  "summary_bg_stdv": 190.27053833007812,
  "summary_fg_k": 0.8088894435266512,
  "summary_fg_mad": 453.30194091796875,
  "summary_fg_mean": 2079.28857421875,
  "summary_fg_median": 2034.742431640625,
  "summary_fg_n": 62374.0,
  "summary_fg_p05": 1241.6386840820312,
  "summary_fg_p95": 3033.9936645507814,
  "summary_fg_stdv": 537.8804321289062,
  "tsnr": 88.63796997070312
}