{
  "aor": 0.00197635,
  "aqi": 0.0030797463,
  "bids_meta": {
    "AcquisitionDateTime": "2015-10-12T14:26:17",
    "BodyPartExamined": "BRAIN",
    "ConversionSoftware": "dcm2nii",
    "ConversionSoftwareVersion": "6-2013",
    "EchoTime": 0.025,
    "FlipAngle": 75.0,
    "ImageType": "ORIGINAL_PRIMARY_EPI_NONE",
    "MagneticFieldStrength": 3.0,
    "Manufacturer": "GE MEDICAL SYSTEMS",
    "ProcedureStepDescription": "Mattfeld_WMAZE",
    "ProtocolName": "Mattfeld_WMAZE",
    "RepetitionTime": 2.0,
    "ScanningSequence": "EP_GR",
    "SequenceVariant": "S_S",
    "SliceTiming": [
      0.0,
      1.0,
      0.047619047619047616,
      1.0476190476190477,
      0.09523809523809523,
      1.0952380952380953,
      0.14285714285714285,
      1.1428571428571428,
      0.19047619047619047,
      1.1904761904761905,
      0.23809523809523808,
      1.2380952380952381,
      0.2857142857142857,
      1.2857142857142858,
      0.3333333333333333,
      1.3333333333333333,
      0.38095238095238093,
      1.380952380952381,
      0.42857142857142855,
      1.4285714285714286,
      0.47619047619047616,
      1.4761904761904763,
      0.5238095238095238,
      1.5238095238095237,
      0.5714285714285714,
      1.5714285714285714,
      0.6190476190476191,
      1.619047619047619,
      0.6666666666666666,
      1.6666666666666667,
      0.7142857142857143,
      1.7142857142857142,
      0.7619047619047619,
      1.7619047619047619,
      0.8095238095238095,
      1.8095238095238095,
      0.8571428571428571,
      1.8571428571428572,
      0.9047619047619048,
      1.9047619047619047,
      0.9523809523809523,
      1.9523809523809523
    ],
    "TaskName": "TODO: full task name for condassoc",
    "modality": "bold",
    "run_id": "05",
    "subject_id": "017",
    "task_id": "condassoc"
  },
  "dummy_trs": 0,
  "dvars_nstd": 16.883727279698494,
  "dvars_std": 1.0864268014572858,
  "dvars_vstd": 0.9573055704020105,
  "efc": 0.4238301621653994,
  "fber": 64028.73046875,
  "fd_mean": 0.06975147922202733,
  "fd_num": 0,
  "fd_perc": 0.0,
  "fwhm_avg": 3.1199357938027688,
  "fwhm_x": 3.0408999999999997,
  "fwhm_y": 3.4160719999999998,
  "fwhm_z": 2.9028353814083054,
  "gcor": 0.0120284,
  "gsr_x": -0.011369164101779461,
  "gsr_y": 0.020969046279788017,
  "provenance": {
    "md5sum": "7d1c1e1a64661f13426d74b8718cb244",
    "settings": {
      "fd_thres": 0.2,
      "hmc_fsl": false
    },
    "software": "mriqc",
    "version": "0.11.0",
    "webapi_port": null,
    "webapi_url": null
  },
  "size_t": 200,
  "size_x": 96,
  "size_y": 96,
  "size_z": 42,
  "snr": 3.6392566857884696,
  "spacing_tr": 2.0,
  "spacing_x": 2.5,
  "spacing_y": 2.5,
  "spacing_z": 3.0000736713409424,
  "summary_bg_k": 32.471863206592026,
  "summary_bg_mad": 10.88230037689209,
  "summary_bg_mean": 71.15494537353516,
  "summary_bg_median": 7.759999752044678,
  "summary_bg_n": 263883.0,
  "summary_bg_p05": 0.09999999403953552,
  "summary_bg_p95": 395.6724914550777,
  "summary_bg_stdv": 213.03070068359375,
  "summary_fg_k": 0.7748366531336095,
  "summary_fg_mad": 483.7397155761719,
  "summary_fg_mean": 2076.70556640625,
  "summary_fg_median": 2021.9249267578125,
  "summary_fg_n": 64184.0,
  "summary_fg_p05": 1254.4952453613282,
  "summary_fg_p95": 3095.0914672851563,
  "summary_fg_stdv": 555.5830078125,
  "tsnr": 73.00743865966797
}