{
  "aor": 0.00128705,
  "aqi": 0.00221590065,
  "bids_meta": {
    "AcquisitionDateTime": "2015-09-17T16:26:38",
    "BodyPartExamined": "BRAIN",
    "ConversionSoftware": "dcm2nii",
    "ConversionSoftwareVersion": "6-2013",
    "EchoTime": 0.025,
    "FlipAngle": 75.0,
    "ImageType": "ORIGINAL_PRIMARY_EPI_NONE",
    "MagneticFieldStrength": 3.0,
    "Manufacturer": "GE MEDICAL SYSTEMS",
    "ProcedureStepDescription": "Mattfeld_WMAZE",
    "ProtocolName": "Mattfeld_WMAZE",
    "RepetitionTime": 2.0,
    "ScanningSequence": "EP_GR",
    "SequenceVariant": "S_S",
    "SliceTiming": [
      0.0,
      1.0,
      0.047619047619047616,
      1.0476190476190477,
      0.09523809523809523,
      1.0952380952380953,
      0.14285714285714285,
      1.1428571428571428,
      0.19047619047619047,
      1.1904761904761905,
      0.23809523809523808,
      1.2380952380952381,
      0.2857142857142857,
      1.2857142857142858,
      0.3333333333333333,
      1.3333333333333333,
      0.38095238095238093,
      1.380952380952381,
      0.42857142857142855,
      1.4285714285714286,
      0.47619047619047616,
      1.4761904761904763,
      0.5238095238095238,
      1.5238095238095237,
      0.5714285714285714,
      1.5714285714285714,
      0.6190476190476191,
      1.619047619047619,
      0.6666666666666666,
      1.6666666666666667,
      0.7142857142857143,
      1.7142857142857142,
      0.7619047619047619,
      1.7619047619047619,
      0.8095238095238095,
      1.8095238095238095,
      0.8571428571428571,
      1.8571428571428572,
      0.9047619047619048,
      1.9047619047619047,
      0.9523809523809523,
      1.9523809523809523
    ],
    "TaskName": "TODO: full task name for condassoc",
    "modality": "bold",
    "run_id": "03",
    "subject_id": "001",
    "task_id": "condassoc"
  },
  "dummy_trs": 0,
  "dvars_nstd": 18.217213022160806,
  "dvars_std": 1.198151686934674,
  "dvars_vstd": 0.974207587788945,
  "efc": 0.4182324937542554,
  "fber": 76608.46875,
  "fd_mean": 0.03778185428249651,
  "fd_num": 0,
  "fd_perc": 0.0,
  "fwhm_avg": 3.247557445938771,
  "fwhm_x": 3.209628,
  "fwhm_y": 3.4292000000000002,
  "fwhm_z": 3.103844337816312,
  "gcor": 0.0151476,
  "gsr_x": -0.020564250648021698,
  "gsr_y": 0.013848795555531979,
  "provenance": {
    "md5sum": "c403e42d45ef140bc37ca15e84fdd25f",
    "settings": {
      "fd_thres": 0.2,
      "hmc_fsl": false
    },
    "software": "mriqc",
    "version": "0.11.0",
    "webapi_port": null,
    "webapi_url": null
  },
  "size_t": 200,
  "size_x": 96,
  "size_y": 96,
  "size_z": 42,
  "snr": 3.011909854738173,
  "spacing_tr": 2.0,
  "spacing_x": 2.5,
  "spacing_y": 2.5,
  "spacing_z": 2.9997735023498535,
  "summary_bg_k": 37.98012577885923,
  "summary_bg_mad": 9.807414054870605,
  "summary_bg_mean": 62.16683578491211,
  "summary_bg_median": 7.190000057220459,
  "summary_bg_n": 264928.0,
  "summary_bg_p05": 0.1550000011920929,
  "summary_bg_p95": 372.5269973754878,
  "summary_bg_stdv": 194.09967041015625,
  "summary_fg_k": 1.7232773105716053,
  "summary_fg_mad": 500.47454833984375,
  "summary_fg_mean": 2125.98681640625,
  "summary_fg_median": 2003.0399169921875,
  "summary_fg_n": 64837.0,
  "summary_fg_p05": 1248.4219970703125,
  "summary_fg_p95": 3466.440966796874,
  "summary_fg_stdv": 665.03466796875,
  "tsnr": 88.68907165527344
}