{
  "aor": 0.0054296,
  "aqi": 0.0051301581,
  "bids_meta": {
    "AcquisitionDateTime": "2015-09-29T17:45:32",
    "BodyPartExamined": "BRAIN",
    "ConversionSoftware": "dcm2nii",
    "ConversionSoftwareVersion": "6-2013",
    "EchoTime": 0.025,
    "FlipAngle": 75.0,
    "ImageType": "ORIGINAL_PRIMARY_EPI_NONE",
    "MagneticFieldStrength": 3.0,
    "Manufacturer": "GE MEDICAL SYSTEMS",
    "ProcedureStepDescription": "Mattfeld_WMAZE",
    "ProtocolName": "Mattfeld_WMAZE",
    "RepetitionTime": 2.0,
    "ScanningSequence": "EP_GR",
    "SequenceVariant": "S_S",
    "SliceTiming": [
      0.0,
      1.0,
      0.047619047619047616,
      1.0476190476190477,
      0.09523809523809523,
      1.0952380952380953,
      0.14285714285714285,
      1.1428571428571428,
      0.19047619047619047,
      1.1904761904761905,
      0.23809523809523808,
      1.2380952380952381,
      0.2857142857142857,
      1.2857142857142858,
      0.3333333333333333,
      1.3333333333333333,
      0.38095238095238093,
      1.380952380952381,
      0.42857142857142855,
      1.4285714285714286,
      0.47619047619047616,
      1.4761904761904763,
      0.5238095238095238,
      1.5238095238095237,
      0.5714285714285714,
      1.5714285714285714,
      0.6190476190476191,
      1.619047619047619,
      0.6666666666666666,
      1.6666666666666667,
      0.7142857142857143,
      1.7142857142857142,
      0.7619047619047619,
      1.7619047619047619,
      0.8095238095238095,
      1.8095238095238095,
      0.8571428571428571,
      1.8571428571428572,
      0.9047619047619048,
      1.9047619047619047,
      0.9523809523809523,
      1.9523809523809523
    ],
    "TaskName": "TODO: full task name for condassoc",
    "modality": "bold",
    "run_id": "04",
    "subject_id": "009",
    "task_id": "condassoc"
  },
  "dummy_trs": 0,
  "dvars_nstd": 19.359591115075368,
  "dvars_std": 1.010105966432161,
  "dvars_vstd": 0.9267800359799002,
  "efc": 0.4271519506925541,
  "fber": 44964.09765625,
  "fd_mean": 0.06648390421329142,
  "fd_num": 3,
  "fd_perc": 1.5,
  "fwhm_avg": 3.2175691269028004,
  "fwhm_x": 3.2050043056530293,
  "fwhm_y": 3.4160719999999998,
  "fwhm_z": 3.031631075055372,
  "gcor": 0.0233558,
  "gsr_x": -0.023530224338173866,
  "gsr_y": 0.030222147703170776,
  "provenance": {
    "md5sum": "9eae1f1fcb0cabd9a888a10453afcbe2",
    "settings": {
      "fd_thres": 0.2,
      "hmc_fsl": false
    },
    "software": "mriqc",
    "version": "0.11.0",
    "webapi_port": null,
    "webapi_url": null
  },
  "size_t": 200,
  "size_x": 96,
  "size_y": 96,
  "size_z": 42,
  "snr": 3.42626186332972,
  "spacing_tr": 2.0,
  "spacing_x": 2.499999761581421,
  "spacing_y": 2.5,
  "spacing_z": 2.999929666519165,
  "summary_bg_k": 31.507416482603595,
  "summary_bg_mad": 12.891225814819336,
  "summary_bg_mean": 70.84315490722656,
  "summary_bg_median": 9.130000114440918,
  "summary_bg_n": 262817.0,
  "summary_bg_p05": 0.11499999463558197,
  "summary_bg_p95": 382.7319824218748,
  "summary_bg_stdv": 199.46261596679688,
  "summary_fg_k": 1.0128016131409634,
  "summary_fg_mad": 471.24127197265625,
  "summary_fg_mean": 2060.99169921875,
  "summary_fg_median": 1997.22998046875,
  "summary_fg_n": 65602.0,
  "summary_fg_p05": 1186.0407653808595,
  "summary_fg_p95": 3136.353735351562,
  "summary_fg_stdv": 582.9136352539062,
  "tsnr": 59.01252365112305
}