{
  "aor": 0.00194045,
  "aqi": 0.0023198018,
  "bids_meta": {
    "AcquisitionDateTime": "2015-10-21T14:26:48",
    "BodyPartExamined": "BRAIN",
    "ConversionSoftware": "dcm2nii",
    "ConversionSoftwareVersion": "6-2013",
    "EchoTime": 0.025,
    "FlipAngle": 75.0,
    "ImageType": "ORIGINAL_PRIMARY_EPI_NONE",
    "MagneticFieldStrength": 3.0,
    "Manufacturer": "GE MEDICAL SYSTEMS",
    "ProcedureStepDescription": "Mattfeld_WMAZE",
    "ProtocolName": "Mattfeld_WMAZE",
    "RepetitionTime": 2.0,
    "ScanningSequence": "EP_GR",
    "SequenceVariant": "S_S",
    "SliceTiming": [
      0.0,
      1.0,
      0.047619047619047616,
      1.0476190476190477,
      0.09523809523809523,
      1.0952380952380953,
      0.14285714285714285,
      1.1428571428571428,
      0.19047619047619047,
      1.1904761904761905,
      0.23809523809523808,
      1.2380952380952381,
      0.2857142857142857,
      1.2857142857142858,
      0.3333333333333333,
      1.3333333333333333,
      0.38095238095238093,
      1.380952380952381,
      0.42857142857142855,
      1.4285714285714286,
      0.47619047619047616,
      1.4761904761904763,
      0.5238095238095238,
      1.5238095238095237,
      0.5714285714285714,
      1.5714285714285714,
      0.6190476190476191,
      1.619047619047619,
      0.6666666666666666,
      1.6666666666666667,
      0.7142857142857143,
      1.7142857142857142,
      0.7619047619047619,
      1.7619047619047619,
      0.8095238095238095,
      1.8095238095238095,
      0.8571428571428571,
      1.8571428571428572,
      0.9047619047619048,
      1.9047619047619047,
      0.9523809523809523,
      1.9523809523809523
    ],
    "TaskName": "TODO: full task name for condassoc",
    "modality": "bold",
    "run_id": "04",
    "subject_id": "020",
    "task_id": "condassoc"
  },
  "dummy_trs": 0,
  "dvars_nstd": 15.708948298190963,
  "dvars_std": 1.0981419585929644,
  "dvars_vstd": 0.995757555728643,
  "efc": 0.42715689156095854,
  "fber": 88494.8671875,
  "fd_mean": 0.06369315989458413,
  "fd_num": 5,
  "fd_perc": 2.5,
  "fwhm_avg": 3.1803956104657574,
  "fwhm_x": 3.074868,
  "fwhm_y": 3.4843040000000003,
  "fwhm_z": 2.9820148313972714,
  "gcor": 0.0318274,
  "gsr_x": -0.01984970085322857,
  "gsr_y": 0.01715659163892269,
  "provenance": {
    "md5sum": "f5ac839b7248618500311ef5f0ca3523",
    "settings": {
      "fd_thres": 0.2,
      "hmc_fsl": false
    },
    "software": "mriqc",
    "version": "0.11.0",
    "webapi_port": null,
    "webapi_url": null
  },
  "size_t": 200,
  "size_x": 96,
  "size_y": 96,
  "size_z": 42,
  "snr": 3.1653842639304886,
  "spacing_tr": 2.0,
  "spacing_x": 2.5,
  "spacing_y": 2.5,
  "spacing_z": 2.999861001968384,
  "summary_bg_k": 28.61379903449853,
  "summary_bg_mad": 9.503479957580566,
  "summary_bg_mean": 69.54063415527344,
  "summary_bg_median": 6.744999885559082,
  "summary_bg_n": 262094.0,
  "summary_bg_p05": 0.08500000089406967,
  "summary_bg_p95": 426.5187377929682,
  "summary_bg_stdv": 205.95382690429688,
  "summary_fg_k": 1.0996037174578746,
  "summary_fg_mad": 530.0933837890625,
  "summary_fg_mean": 2151.5732421875,
  "summary_fg_median": 2051.12255859375,
  "summary_fg_n": 66684.0,
  "summary_fg_p05": 1252.4962280273437,
  "summary_fg_p95": 3397.88115234375,
  "summary_fg_stdv": 647.98046875,
  "tsnr": 81.58354949951172
}