{
  "aor": 0.0063782,
  "aqi": 0.007639719350000001,
  "bids_meta": {
    "AcquisitionDateTime": "2015-10-15T14:07:39",
    "BodyPartExamined": "BRAIN",
    "ConversionSoftware": "dcm2nii",
    "ConversionSoftwareVersion": "6-2013",
    "EchoTime": 0.025,
    "FlipAngle": 75.0,
    "ImageType": "ORIGINAL_PRIMARY_EPI_NONE",
    "MagneticFieldStrength": 3.0,
    "Manufacturer": "GE MEDICAL SYSTEMS",
    "ProcedureStepDescription": "Mattfeld_WMAZE",
    "ProtocolName": "Mattfeld_WMAZE",
    "RepetitionTime": 2.0,
    "ScanningSequence": "EP_GR",
    "SequenceVariant": "S_S",
    "SliceTiming": [
      0.0,
      1.0,
      0.047619047619047616,
      1.0476190476190477,
      0.09523809523809523,
      1.0952380952380953,
      0.14285714285714285,
      1.1428571428571428,
      0.19047619047619047,
      1.1904761904761905,
      0.23809523809523808,
      1.2380952380952381,
      0.2857142857142857,
      1.2857142857142858,
      0.3333333333333333,
      1.3333333333333333,
      0.38095238095238093,
      1.380952380952381,
      0.42857142857142855,
      1.4285714285714286,
      0.47619047619047616,
      1.4761904761904763,
      0.5238095238095238,
      1.5238095238095237,
      0.5714285714285714,
      1.5714285714285714,
      0.6190476190476191,
      1.619047619047619,
      0.6666666666666666,
      1.6666666666666667,
      0.7142857142857143,
      1.7142857142857142,
      0.7619047619047619,
      1.7619047619047619,
      0.8095238095238095,
      1.8095238095238095,
      0.8571428571428571,
      1.8571428571428572,
      0.9047619047619048,
      1.9047619047619047,
      0.9523809523809523,
      1.9523809523809523
    ],
    "TaskName": "TODO: full task name for condassoc",
    "modality": "bold",
    "run_id": "01",
    "subject_id": "019",
    "task_id": "condassoc"
  },
  "dummy_trs": 0,
  "dvars_nstd": 18.543644818743704,
  "dvars_std": 1.0692709677386931,
  "dvars_vstd": 0.9737269865829148,
  "efc": 0.4948298921515449,
  "fber": 39104.8515625,
  "fd_mean": 0.0813575845482258,
  "fd_num": 11,
  "fd_perc": 5.5,
  "fwhm_avg": 3.1909260481606445,
  "fwhm_x": 3.0125640000000002,
  "fwhm_y": 3.4382840000000003,
  "fwhm_z": 3.1219301444819325,
  "gcor": 0.0121431,
  "gsr_x": -0.002701760269701481,
  "gsr_y": 0.021721817553043365,
  "provenance": {
    "md5sum": "5ed99526dbb4126a6e0d14d52ea4c9d5",
    "settings": {
      "fd_thres": 0.2,
      "hmc_fsl": false
    },
    "software": "mriqc",
    "version": "0.11.0",
    "webapi_port": null,
    "webapi_url": null
  },
  "size_t": 200,
  "size_x": 96,
  "size_y": 96,
  "size_z": 42,
  "snr": 3.0644452566302207,
  "spacing_tr": 2.0,
  "spacing_x": 2.5,
  "spacing_y": 2.5,
  "spacing_z": 3.000291347503662,
  "summary_bg_k": 15.020178886468688,
  "summary_bg_mad": 13.506505966186523,
  "summary_bg_mean": 130.17166137695312,
  "summary_bg_median": 9.404999732971191,
  "summary_bg_n": 243685.0,
  "summary_bg_p05": 0.044999998062849045,
  "summary_bg_p95": 860.2279785156248,
  "summary_bg_stdv": 342.88287353515625,
  "summary_fg_k": 0.6667726947124715,
  "summary_fg_mad": 571.9212646484375,
  "summary_fg_mean": 2061.21875,
  "summary_fg_median": 1969.72998046875,
  "summary_fg_n": 82297.0,
  "summary_fg_p05": 1155.76494140625,
  "summary_fg_p95": 3262.550048828125,
  "summary_fg_stdv": 642.7649536132812,
  "tsnr": 49.77001190185547
}