{
  "aor": 0.0011738500000000002,
  "aqi": 0.0026267072500000006,
  "bids_meta": {
    "AcquisitionDateTime": "2015-11-11T16:01:38",
    "BodyPartExamined": "BRAIN",
    "ConversionSoftware": "dcm2nii",
    "ConversionSoftwareVersion": "6-2013",
    "EchoTime": 0.025,
    "FlipAngle": 75.0,
    "ImageType": "ORIGINAL_PRIMARY_EPI_NONE",
    "MagneticFieldStrength": 3.0,
    "Manufacturer": "GE MEDICAL SYSTEMS",
    "ProcedureStepDescription": "Mattfeld_WMAZE",
    "ProtocolName": "Mattfeld_WMAZE",
    "RepetitionTime": 2.0,
    "ScanningSequence": "EP_GR",
    "SequenceVariant": "S_S",
    "SliceTiming": [
      0.0,
      1.0,
      0.047619047619047616,
      1.0476190476190477,
      0.09523809523809523,
      1.0952380952380953,
      0.14285714285714285,
      1.1428571428571428,
      0.19047619047619047,
      1.1904761904761905,
      0.23809523809523808,
      1.2380952380952381,
      0.2857142857142857,
      1.2857142857142858,
      0.3333333333333333,
      1.3333333333333333,
      0.38095238095238093,
      1.380952380952381,
      0.42857142857142855,
      1.4285714285714286,
      0.47619047619047616,
      1.4761904761904763,
      0.5238095238095238,
      1.5238095238095237,
      0.5714285714285714,
      1.5714285714285714,
      0.6190476190476191,
      1.619047619047619,
      0.6666666666666666,
      1.6666666666666667,
      0.7142857142857143,
      1.7142857142857142,
      0.7619047619047619,
      1.7619047619047619,
      0.8095238095238095,
      1.8095238095238095,
      0.8571428571428571,
      1.8571428571428572,
      0.9047619047619048,
      1.9047619047619047,
      0.9523809523809523,
      1.9523809523809523
    ],
    "TaskName": "TODO: full task name for condassoc",
    "modality": "bold",
    "run_id": "05",
    "subject_id": "024",
    "task_id": "condassoc"
  },
  "dummy_trs": 0,
  "dvars_nstd": 17.257720750854272,
  "dvars_std": 1.095986520050251,
  "dvars_vstd": 0.9763464224120599,
  "efc": 0.4154790880887351,
  "fber": 93857.703125,
  "fd_mean": 0.09904209055660623,
  "fd_num": 19,
  "fd_perc": 9.5,
  "fwhm_avg": 3.1607301297057915,
  "fwhm_x": 3.1399280000000003,
  "fwhm_y": 3.403652,
  "fwhm_z": 2.938610389117374,
  "gcor": 0.0213728,
  "gsr_x": -0.013779882341623306,
  "gsr_y": 0.015723057091236115,
  "provenance": {
    "md5sum": "9189b962e88d4167c2a8500410b3bcee",
    "settings": {
      "fd_thres": 0.2,
      "hmc_fsl": false
    },
    "software": "mriqc",
    "version": "0.11.0",
    "webapi_port": null,
    "webapi_url": null
  },
  "size_t": 200,
  "size_x": 96,
  "size_y": 96,
  "size_z": 42,
  "snr": 3.227989468422962,
  "spacing_tr": 2.0,
  "spacing_x": 2.5,
  "spacing_y": 2.5,
  "spacing_z": 3.000282049179077,
  "summary_bg_k": 39.096765542484945,
  "summary_bg_mad": 8.895613670349121,
  "summary_bg_mean": 57.05315399169922,
  "summary_bg_median": 6.514999866485596,
  "summary_bg_n": 263949.0,
  "summary_bg_p05": 0.20499999821186066,
  "summary_bg_p95": 303.17098388671855,
  "summary_bg_stdv": 184.37997436523438,
  "summary_fg_k": 0.9950340371969673,
  "summary_fg_mad": 493.28765869140625,
  "summary_fg_mean": 2134.523193359375,
  "summary_fg_median": 2027.387451171875,
  "summary_fg_n": 64958.0,
  "summary_fg_p05": 1274.1696899414062,
  "summary_fg_p95": 3370.288879394529,
  "summary_fg_stdv": 628.0602416992188,
  "tsnr": 76.34473419189453
}