{
  "aor": 0.0035581000000000002,
  "aqi": 0.00209691926,
  "bids_meta": {
    "AcquisitionDateTime": "2015-10-22T16:58:51",
    "BodyPartExamined": "BRAIN",
    "ConversionSoftware": "dcm2nii",
    "ConversionSoftwareVersion": "6-2013",
    "EchoTime": 0.025,
    "FlipAngle": 75.0,
    "ImageType": "ORIGINAL_PRIMARY_EPI_NONE",
    "MagneticFieldStrength": 3.0,
    "Manufacturer": "GE MEDICAL SYSTEMS",
    "ProcedureStepDescription": "Mattfeld_WMAZE",
    "ProtocolName": "Mattfeld_WMAZE",
    "RepetitionTime": 2.0,
    "ScanningSequence": "EP_GR",
    "SequenceVariant": "S_S",
    "SliceTiming": [
      0.0,
      1.0,
      0.047619047619047616,
      1.0476190476190477,
      0.09523809523809523,
      1.0952380952380953,
      0.14285714285714285,
      1.1428571428571428,
      0.19047619047619047,
      1.1904761904761905,
      0.23809523809523808,
      1.2380952380952381,
      0.2857142857142857,
      1.2857142857142858,
      0.3333333333333333,
      1.3333333333333333,
      0.38095238095238093,
      1.380952380952381,
      0.42857142857142855,
      1.4285714285714286,
      0.47619047619047616,
      1.4761904761904763,
      0.5238095238095238,
      1.5238095238095237,
      0.5714285714285714,
      1.5714285714285714,
      0.6190476190476191,
      1.619047619047619,
      0.6666666666666666,
      1.6666666666666667,
      0.7142857142857143,
      1.7142857142857142,
      0.7619047619047619,
      1.7619047619047619,
      0.8095238095238095,
      1.8095238095238095,
      0.8571428571428571,
      1.8571428571428572,
      0.9047619047619048,
      1.9047619047619047,
      0.9523809523809523,
      1.9523809523809523
    ],
    "TaskName": "TODO: full task name for condassoc",
    "modality": "bold",
    "run_id": "06",
    "subject_id": "022",
    "task_id": "condassoc"
  },
  "dummy_trs": 0,
  "dvars_nstd": 16.27617472723618,
  "dvars_std": 1.1438106127135677,
  "dvars_vstd": 1.022411154974875,
  "efc": 0.4149972009233657,
  "fber": 56535.5859375,
  "fd_mean": 0.06799609648311088,
  "fd_num": 7,
  "fd_perc": 3.5,
  "fwhm_avg": 3.0999228441211666,
  "fwhm_x": 3.03966,
  "fwhm_y": 3.3353360000000003,
  "fwhm_z": 2.9247725323634985,
  "gcor": 0.0188397,
  "gsr_x": -0.02872982807457447,
  "gsr_y": 0.019279377534985542,
  "provenance": {
    "md5sum": "0ff21613a51cad85d91ce0fcb9809392",
    "settings": {
      "fd_thres": 0.2,
      "hmc_fsl": false
    },
    "software": "mriqc",
    "version": "0.11.0",
    "webapi_port": null,
    "webapi_url": null
  },
  "size_t": 200,
  "size_x": 96,
  "size_y": 96,
  "size_z": 42,
  "snr": 3.490621241821313,
  "spacing_tr": 2.0,
  "spacing_x": 2.5,
  "spacing_y": 2.5,
  "spacing_z": 2.9996349811553955,
  "summary_bg_k": 38.0603000637229,
  "summary_bg_mad": 10.897126197814941,
  "summary_bg_mean": 65.54315948486328,
  "summary_bg_median": 7.849999904632568,
  "summary_bg_n": 269395.0,
  "summary_bg_p05": 0.09999999403953552,
  "summary_bg_p95": 362.2849853515619,
  "summary_bg_stdv": 193.51199340820312,
  "summary_fg_k": 1.0737410791895945,
  "summary_fg_mad": 449.05810546875,
  "summary_fg_mean": 1981.2818603515625,
  "summary_fg_median": 1918.155029296875,
  "summary_fg_n": 60572.0,
  "summary_fg_p05": 1161.3664916992188,
  "summary_fg_p95": 2990.824951171875,
  "summary_fg_stdv": 549.5122680664062,
  "tsnr": 89.46390533447266
}