{
  "aor": 0.002371,
  "aqi": 0.0012805847849999999,
  "bids_meta": {
    "AcquisitionDateTime": "2015-09-21T17:17:36",
    "BodyPartExamined": "BRAIN",
    "ConversionSoftware": "dcm2nii",
    "ConversionSoftwareVersion": "6-2013",
    "EchoTime": 0.025,
    "FlipAngle": 75.0,
    "ImageType": "ORIGINAL_PRIMARY_EPI_NONE",
    "MagneticFieldStrength": 3.0,
    "Manufacturer": "GE MEDICAL SYSTEMS",
    "ProcedureStepDescription": "Mattfeld_WMAZE",
    "ProtocolName": "Mattfeld_WMAZE",
    "RepetitionTime": 2.0,
    "ScanningSequence": "EP_GR",
    "SequenceVariant": "S_S",
    "SliceTiming": [
      0.0,
      1.0,
      0.047619047619047616,
      1.0476190476190477,
      0.09523809523809523,
      1.0952380952380953,
      0.14285714285714285,
      1.1428571428571428,
      0.19047619047619047,
      1.1904761904761905,
      0.23809523809523808,
      1.2380952380952381,
      0.2857142857142857,
      1.2857142857142858,
      0.3333333333333333,
      1.3333333333333333,
      0.38095238095238093,
      1.380952380952381,
      0.42857142857142855,
      1.4285714285714286,
      0.47619047619047616,
      1.4761904761904763,
      0.5238095238095238,
      1.5238095238095237,
      0.5714285714285714,
      1.5714285714285714,
      0.6190476190476191,
      1.619047619047619,
      0.6666666666666666,
      1.6666666666666667,
      0.7142857142857143,
      1.7142857142857142,
      0.7619047619047619,
      1.7619047619047619,
      0.8095238095238095,
      1.8095238095238095,
      0.8571428571428571,
      1.8571428571428572,
      0.9047619047619048,
      1.9047619047619047,
      0.9523809523809523,
      1.9523809523809523
    ],
    "TaskName": "TODO: full task name for condassoc",
    "modality": "bold",
    "run_id": "01",
    "subject_id": "005",
    "task_id": "condassoc"
  },
  "dummy_trs": 0,
  "dvars_nstd": 18.228753382110565,
  "dvars_std": 1.220604975477387,
  "dvars_vstd": 1.0191504356281413,
  "efc": 0.4540098708560431,
  "fber": 78833.9140625,
  "fd_mean": 0.05110760978473314,
  "fd_num": 0,
  "fd_perc": 0.0,
  "fwhm_avg": 3.1611331388828954,
  "fwhm_x": 3.036992,
  "fwhm_y": 3.4040480000000004,
  "fwhm_z": 3.0423594166486843,
  "gcor": 0.0238959,
  "gsr_x": -0.0064262505620718,
  "gsr_y": 0.017411209642887115,
  "provenance": {
    "md5sum": "8c38dd641869f21ce9a89eb023e6d72b",
    "settings": {
      "fd_thres": 0.2,
      "hmc_fsl": false
    },
    "software": "mriqc",
    "version": "0.11.0",
    "webapi_port": null,
    "webapi_url": null
  },
  "size_t": 200,
  "size_x": 96,
  "size_y": 96,
  "size_z": 42,
  "snr": 3.17051186516787,
  "spacing_tr": 2.0,
  "spacing_x": 2.5,
  "spacing_y": 2.5,
  "spacing_z": 2.9997146129608154,
  "summary_bg_k": 28.876672311501952,
  "summary_bg_mad": 9.473828315734863,
  "summary_bg_mean": 65.4479751586914,
  "summary_bg_median": 6.704999923706055,
  "summary_bg_n": 250893.0,
  "summary_bg_p05": 0.07999999821186066,
  "summary_bg_p95": 406.4399963378901,
  "summary_bg_stdv": 190.66587829589844,
  "summary_fg_k": 0.9859644829439924,
  "summary_fg_mad": 524.6483764648438,
  "summary_fg_mean": 2069.01220703125,
  "summary_fg_median": 1971.1300048828125,
  "summary_fg_n": 76576.0,
  "summary_fg_p05": 1218.3599853515625,
  "summary_fg_p95": 3254.1161499023438,
  "summary_fg_stdv": 621.703125,
  "tsnr": 98.54544067382812
}