{
  "aor": 0.00467368686868687,
  "aqi": 0.002316554590909091,
  "bids_meta": {
    "AcquisitionDateTime": "2015-10-01T15:17:53",
    "BodyPartExamined": "BRAIN",
    "ConversionSoftware": "dcm2nii",
    "ConversionSoftwareVersion": "6-2013",
    "EchoTime": 0.025,
    "FlipAngle": 75.0,
    "ImageType": "ORIGINAL_PRIMARY_EPI_NONE",
    "MagneticFieldStrength": 3.0,
    "Manufacturer": "GE MEDICAL SYSTEMS",
    "ProcedureStepDescription": "Mattfeld_WMAZE",
    "ProtocolName": "Mattfeld_WMAZE",
    "RepetitionTime": 2.0,
    "ScanningSequence": "EP_GR",
    "SequenceVariant": "S_S",
    "SliceTiming": [
      0.0,
      1.0,
      0.047619047619047616,
      1.0476190476190477,
      0.09523809523809523,
      1.0952380952380953,
      0.14285714285714285,
      1.1428571428571428,
      0.19047619047619047,
      1.1904761904761905,
      0.23809523809523808,
      1.2380952380952381,
      0.2857142857142857,
      1.2857142857142858,
      0.3333333333333333,
      1.3333333333333333,
      0.38095238095238093,
      1.380952380952381,
      0.42857142857142855,
      1.4285714285714286,
      0.47619047619047616,
      1.4761904761904763,
      0.5238095238095238,
      1.5238095238095237,
      0.5714285714285714,
      1.5714285714285714,
      0.6190476190476191,
      1.619047619047619,
      0.6666666666666666,
      1.6666666666666667,
      0.7142857142857143,
      1.7142857142857142,
      0.7619047619047619,
      1.7619047619047619,
      0.8095238095238095,
      1.8095238095238095,
      0.8571428571428571,
      1.8571428571428572,
      0.9047619047619048,
      1.9047619047619047,
      0.9523809523809523,
      1.9523809523809523
    ],
    "TaskName": "TODO: full task name for condassoc",
    "modality": "bold",
    "run_id": "03",
    "subject_id": "012",
    "task_id": "condassoc"
  },
  "dummy_trs": 2,
  "dvars_nstd": 16.89514352796955,
  "dvars_std": 1.1423378859390865,
  "dvars_vstd": 1.0224868626395942,
  "efc": 0.43024209788926704,
  "fber": 96371.3828125,
  "fd_mean": 0.08807143224452786,
  "fd_num": 16,
  "fd_perc": 8.080808080808081,
  "fwhm_avg": 3.1284882833961056,
  "fwhm_x": 3.114932,
  "fwhm_y": 3.3612200000000003,
  "fwhm_z": 2.9093128501883156,
  "gcor": 0.0160821,
  "gsr_x": -0.0027247369289398193,
  "gsr_y": 0.01457761786878109,
  "provenance": {
    "md5sum": "743df0d7a059d55bd51d8a341dccd7de",
    "settings": {
      "fd_thres": 0.2,
      "hmc_fsl": false
    },
    "software": "mriqc",
    "version": "0.11.0",
    "webapi_port": null,
    "webapi_url": null
  },
  "size_t": 198,
  "size_x": 96,
  "size_y": 96,
  "size_z": 42,
  "snr": 3.180819333929752,
  "spacing_tr": 2.0,
  "spacing_x": 2.5,
  "spacing_y": 2.5,
  "spacing_z": 2.999859571456909,
  "summary_bg_k": 41.814592137225496,
  "summary_bg_mad": 8.715904235839844,
  "summary_bg_mean": 59.59495162963867,
  "summary_bg_median": 6.207070827484131,
  "summary_bg_n": 256987.0,
  "summary_bg_p05": 0.07070706784725189,
  "summary_bg_p95": 326.0378845214831,
  "summary_bg_stdv": 197.20968627929688,
  "summary_fg_k": 0.927937332306096,
  "summary_fg_mad": 507.3943786621094,
  "summary_fg_mean": 2077.089111328125,
  "summary_fg_median": 1996.1060791015625,
  "summary_fg_n": 70277.0,
  "summary_fg_p05": 1143.6686767578126,
  "summary_fg_p95": 3254.6888671875,
  "summary_fg_stdv": 627.5401611328125,
  "tsnr": 81.14422607421875
}