{
  "aor": 0.00353175,
  "aqi": 0.001755158035,
  "bids_meta": {
    "AcquisitionDateTime": "2015-10-01T15:25:58",
    "BodyPartExamined": "BRAIN",
    "ConversionSoftware": "dcm2nii",
    "ConversionSoftwareVersion": "6-2013",
    "EchoTime": 0.025,
    "FlipAngle": 75.0,
    "ImageType": "ORIGINAL_PRIMARY_EPI_NONE",
    "MagneticFieldStrength": 3.0,
    "Manufacturer": "GE MEDICAL SYSTEMS",
    "ProcedureStepDescription": "Mattfeld_WMAZE",
    "ProtocolName": "Mattfeld_WMAZE",
    "RepetitionTime": 2.0,
    "ScanningSequence": "EP_GR",
    "SequenceVariant": "S_S",
    "SliceTiming": [
      0.0,
      1.0,
      0.047619047619047616,
      1.0476190476190477,
      0.09523809523809523,
      1.0952380952380953,
      0.14285714285714285,
      1.1428571428571428,
      0.19047619047619047,
      1.1904761904761905,
      0.23809523809523808,
      1.2380952380952381,
      0.2857142857142857,
      1.2857142857142858,
      0.3333333333333333,
      1.3333333333333333,
      0.38095238095238093,
      1.380952380952381,
      0.42857142857142855,
      1.4285714285714286,
      0.47619047619047616,
      1.4761904761904763,
      0.5238095238095238,
      1.5238095238095237,
      0.5714285714285714,
      1.5714285714285714,
      0.6190476190476191,
      1.619047619047619,
      0.6666666666666666,
      1.6666666666666667,
      0.7142857142857143,
      1.7142857142857142,
      0.7619047619047619,
      1.7619047619047619,
      0.8095238095238095,
      1.8095238095238095,
      0.8571428571428571,
      1.8571428571428572,
      0.9047619047619048,
      1.9047619047619047,
      0.9523809523809523,
      1.9523809523809523
    ],
    "TaskName": "TODO: full task name for condassoc",
    "modality": "bold",
    "run_id": "04",
    "subject_id": "012",
    "task_id": "condassoc"
  },
  "dummy_trs": 0,
  "dvars_nstd": 16.883523198241214,
  "dvars_std": 1.15346451959799,
  "dvars_vstd": 1.0120363418090452,
  "efc": 0.43035692733088826,
  "fber": 96278.859375,
  "fd_mean": 0.0708904370202867,
  "fd_num": 13,
  "fd_perc": 6.5,
  "fwhm_avg": 3.1231934578817175,
  "fwhm_x": 3.11396,
  "fwhm_y": 3.356488,
  "fwhm_z": 2.899132373645153,
  "gcor": 0.0131586,
  "gsr_x": -0.0027729866560548544,
  "gsr_y": 0.014634798280894756,
  "provenance": {
    "md5sum": "885472472d414631d93495b8f9322283",
    "settings": {
      "fd_thres": 0.2,
      "hmc_fsl": false
    },
    "software": "mriqc",
    "version": "0.11.0",
    "webapi_port": null,
    "webapi_url": null
  },
  "size_t": 200,
  "size_x": 96,
  "size_y": 96,
  "size_z": 42,
  "snr": 3.1856409373270913,
  "spacing_tr": 2.0,
  "spacing_x": 2.5,
  "spacing_y": 2.5,
  "spacing_z": 2.999859571456909,
  "summary_bg_k": 40.84039350691663,
  "summary_bg_mad": 8.695462226867676,
  "summary_bg_mean": 59.94019317626953,
  "summary_bg_median": 6.179999828338623,
  "summary_bg_n": 257016.0,
  "summary_bg_p05": 0.06499999761581421,
  "summary_bg_p95": 332.9262390136719,
  "summary_bg_stdv": 198.0330047607422,
  "summary_fg_k": 0.9171229583756175,
  "summary_fg_mad": 507.0722351074219,
  "summary_fg_mean": 2079.992431640625,
  "summary_fg_median": 1996.4649658203125,
  "summary_fg_n": 70179.0,
  "summary_fg_p05": 1149.1989624023438,
  "summary_fg_p95": 3260.9264160156235,
  "summary_fg_stdv": 626.7030029296875,
  "tsnr": 87.81059265136719
}