{
  "aor": 0.0022584,
  "aqi": 0.00340089655,
  "bids_meta": {
    "AcquisitionDateTime": "2015-09-29T17:53:38",
    "BodyPartExamined": "BRAIN",
    "ConversionSoftware": "dcm2nii",
    "ConversionSoftwareVersion": "6-2013",
    "EchoTime": 0.025,
    "FlipAngle": 75.0,
    "ImageType": "ORIGINAL_PRIMARY_EPI_NONE",
    "MagneticFieldStrength": 3.0,
    "Manufacturer": "GE MEDICAL SYSTEMS",
    "ProcedureStepDescription": "Mattfeld_WMAZE",
    "ProtocolName": "Mattfeld_WMAZE",
    "RepetitionTime": 2.0,
    "ScanningSequence": "EP_GR",
    "SequenceVariant": "S_S",
    "SliceTiming": [
      0.0,
      1.0,
      0.047619047619047616,
      1.0476190476190477,
      0.09523809523809523,
      1.0952380952380953,
      0.14285714285714285,
      1.1428571428571428,
      0.19047619047619047,
      1.1904761904761905,
      0.23809523809523808,
      1.2380952380952381,
      0.2857142857142857,
      1.2857142857142858,
      0.3333333333333333,
      1.3333333333333333,
      0.38095238095238093,
      1.380952380952381,
      0.42857142857142855,
      1.4285714285714286,
      0.47619047619047616,
      1.4761904761904763,
      0.5238095238095238,
      1.5238095238095237,
      0.5714285714285714,
      1.5714285714285714,
      0.6190476190476191,
      1.619047619047619,
      0.6666666666666666,
      1.6666666666666667,
      0.7142857142857143,
      1.7142857142857142,
      0.7619047619047619,
      1.7619047619047619,
      0.8095238095238095,
      1.8095238095238095,
      0.8571428571428571,
      1.8571428571428572,
      0.9047619047619048,
      1.9047619047619047,
      0.9523809523809523,
      1.9523809523809523
    ],
    "TaskName": "TODO: full task name for condassoc",
    "modality": "bold",
    "run_id": "05",
    "subject_id": "009",
    "task_id": "condassoc"
  },
  "dummy_trs": 0,
  "dvars_nstd": 18.00149995728644,
  "dvars_std": 1.085601822763819,
  "dvars_vstd": 0.9654979746231158,
  "efc": 0.4265709106680318,
  "fber": 44953.32421875,
  "fd_mean": 0.06129697645789328,
  "fd_num": 5,
  "fd_perc": 2.5,
  "fwhm_avg": 3.201869577911918,
  "fwhm_x": 3.198788305060225,
  "fwhm_y": 3.40276,
  "fwhm_z": 3.0040604286755292,
  "gcor": 0.00563409,
  "gsr_x": -0.023374414071440697,
  "gsr_y": 0.028542015701532364,
  "provenance": {
    "md5sum": "7d47f85f4e0e6a35e66bfc3830e2adab",
    "settings": {
      "fd_thres": 0.2,
      "hmc_fsl": false
    },
    "software": "mriqc",
    "version": "0.11.0",
    "webapi_port": null,
    "webapi_url": null
  },
  "size_t": 200,
  "size_x": 96,
  "size_y": 96,
  "size_z": 42,
  "snr": 3.402852270198437,
  "spacing_tr": 2.0,
  "spacing_x": 2.499999761581421,
  "spacing_y": 2.5,
  "spacing_z": 2.999929666519165,
  "summary_bg_k": 32.543629844065016,
  "summary_bg_mad": 12.935705184936523,
  "summary_bg_mean": 70.89044189453125,
  "summary_bg_median": 9.130000114440918,
  "summary_bg_n": 262999.0,
  "summary_bg_p05": 0.0949999988079071,
  "summary_bg_p95": 379.73398132324127,
  "summary_bg_stdv": 200.1080322265625,
  "summary_fg_k": 1.0200343763558708,
  "summary_fg_mad": 474.95538330078125,
  "summary_fg_mean": 2066.691650390625,
  "summary_fg_median": 2000.1199951171875,
  "summary_fg_n": 65480.0,
  "summary_fg_p05": 1190.0692016601563,
  "summary_fg_p95": 3152.9952392578125,
  "summary_fg_stdv": 587.7730102539062,
  "tsnr": 68.50901794433594
}