{
  "aor": 0.00501995,
  "aqi": 0.00217796093,
  "bids_meta": {
    "AcquisitionDateTime": "2015-11-02T14:28:08",
    "BodyPartExamined": "BRAIN",
    "ConversionSoftware": "dcm2nii",
    "ConversionSoftwareVersion": "6-2013",
    "EchoTime": 0.025,
    "FlipAngle": 75.0,
    "ImageType": "ORIGINAL_PRIMARY_EPI_NONE",
    "MagneticFieldStrength": 3.0,
    "Manufacturer": "GE MEDICAL SYSTEMS",
    "ProcedureStepDescription": "Mattfeld_WMAZE",
    "ProtocolName": "Mattfeld_WMAZE",
    "RepetitionTime": 2.0,
    "ScanningSequence": "EP_GR",
    "SequenceVariant": "S_S",
    "SliceTiming": [
      0.0,
      1.0,
      0.047619047619047616,
      1.0476190476190477,
      0.09523809523809523,
      1.0952380952380953,
      0.14285714285714285,
      1.1428571428571428,
      0.19047619047619047,
      1.1904761904761905,
      0.23809523809523808,
      1.2380952380952381,
      0.2857142857142857,
      1.2857142857142858,
      0.3333333333333333,
      1.3333333333333333,
      0.38095238095238093,
      1.380952380952381,
      0.42857142857142855,
      1.4285714285714286,
      0.47619047619047616,
      1.4761904761904763,
      0.5238095238095238,
      1.5238095238095237,
      0.5714285714285714,
      1.5714285714285714,
      0.6190476190476191,
      1.619047619047619,
      0.6666666666666666,
      1.6666666666666667,
      0.7142857142857143,
      1.7142857142857142,
      0.7619047619047619,
      1.7619047619047619,
      0.8095238095238095,
      1.8095238095238095,
      0.8571428571428571,
      1.8571428571428572,
      0.9047619047619048,
      1.9047619047619047,
      0.9523809523809523,
      1.9523809523809523
    ],
    "TaskName": "TODO: full task name for condassoc",
    "modality": "bold",
    "run_id": "04",
    "subject_id": "023",
    "task_id": "condassoc"
  },
  "dummy_trs": 0,
  "dvars_nstd": 17.957357885778894,
  "dvars_std": 1.2225920306532667,
  "dvars_vstd": 1.0400659974874376,
  "efc": 0.40627251179760177,
  "fber": 64124.09765625,
  "fd_mean": 0.07168643470424554,
  "fd_num": 1,
  "fd_perc": 0.5,
  "fwhm_avg": 3.179553727654595,
  "fwhm_x": 3.136844,
  "fwhm_y": 3.39784,
  "fwhm_z": 3.0039771829637862,
  "gcor": 0.0280889,
  "gsr_x": -0.01611321046948433,
  "gsr_y": 0.015359577722847462,
  "provenance": {
    "md5sum": "36b5e0d34b5cd5e893daa1ec42199631",
    "settings": {
      "fd_thres": 0.2,
      "hmc_fsl": false
    },
    "software": "mriqc",
    "version": "0.11.0",
    "webapi_port": null,
    "webapi_url": null
  },
  "size_t": 200,
  "size_x": 96,
  "size_y": 96,
  "size_z": 42,
  "snr": 3.111863424561668,
  "spacing_tr": 2.0,
  "spacing_x": 2.5,
  "spacing_y": 2.5,
  "spacing_z": 3.0001626014709473,
  "summary_bg_k": 37.94453105139789,
  "summary_bg_mad": 10.563541412353516,
  "summary_bg_mean": 54.43278503417969,
  "summary_bg_median": 7.679999828338623,
  "summary_bg_n": 267671.0,
  "summary_bg_p05": 0.14000000059604645,
  "summary_bg_p95": 287.6599884033203,
  "summary_bg_stdv": 171.27297973632812,
  "summary_fg_k": 1.0892192421553801,
  "summary_fg_mad": 514.47412109375,
  "summary_fg_mean": 2090.643310546875,
  "summary_fg_median": 1997.12744140625,
  "summary_fg_n": 61814.0,
  "summary_fg_p05": 1177.2432434082032,
  "summary_fg_p95": 3332.682971191406,
  "summary_fg_stdv": 641.7734375,
  "tsnr": 81.0871810913086
}