{
  "aor": 0.0031737500000000004,
  "aqi": 0.00313451565,
  "bids_meta": {
    "AcquisitionDateTime": "2015-09-21T15:52:19",
    "BodyPartExamined": "BRAIN",
    "ConversionSoftware": "dcm2nii",
    "ConversionSoftwareVersion": "6-2013",
    "EchoTime": 0.025,
    "FlipAngle": 75.0,
    "ImageType": "ORIGINAL_PRIMARY_EPI_NONE",
    "MagneticFieldStrength": 3.0,
    "Manufacturer": "GE MEDICAL SYSTEMS",
    "ProcedureStepDescription": "Mattfeld_WMAZE",
    "ProtocolName": "Mattfeld_WMAZE",
    "RepetitionTime": 2.0,
    "ScanningSequence": "EP_GR",
    "SequenceVariant": "S_S",
    "SliceTiming": [
      0.0,
      1.0,
      0.047619047619047616,
      1.0476190476190477,
      0.09523809523809523,
      1.0952380952380953,
      0.14285714285714285,
      1.1428571428571428,
      0.19047619047619047,
      1.1904761904761905,
      0.23809523809523808,
      1.2380952380952381,
      0.2857142857142857,
      1.2857142857142858,
      0.3333333333333333,
      1.3333333333333333,
      0.38095238095238093,
      1.380952380952381,
      0.42857142857142855,
      1.4285714285714286,
      0.47619047619047616,
      1.4761904761904763,
      0.5238095238095238,
      1.5238095238095237,
      0.5714285714285714,
      1.5714285714285714,
      0.6190476190476191,
      1.619047619047619,
      0.6666666666666666,
      1.6666666666666667,
      0.7142857142857143,
      1.7142857142857142,
      0.7619047619047619,
      1.7619047619047619,
      0.8095238095238095,
      1.8095238095238095,
      0.8571428571428571,
      1.8571428571428572,
      0.9047619047619048,
      1.9047619047619047,
      0.9523809523809523,
      1.9523809523809523
    ],
    "TaskName": "TODO: full task name for condassoc",
    "modality": "bold",
    "run_id": "02",
    "subject_id": "004",
    "task_id": "condassoc"
  },
  "dummy_trs": 0,
  "dvars_nstd": 15.743817664723617,
  "dvars_std": 1.0601670421608034,
  "dvars_vstd": 0.9527291795979901,
  "efc": 0.4197419290518059,
  "fber": 53066.203125,
  "fd_mean": 0.06932990899676741,
  "fd_num": 7,
  "fd_perc": 3.5,
  "fwhm_avg": 3.0740904897647834,
  "fwhm_x": 3.028072,
  "fwhm_y": 3.325676,
  "fwhm_z": 2.868523469294351,
  "gcor": 0.0105412,
  "gsr_x": -0.018901214003562927,
  "gsr_y": 0.020664338022470474,
  "provenance": {
    "md5sum": "27e40211b76f750e950297dc71849c3f",
    "settings": {
      "fd_thres": 0.2,
      "hmc_fsl": false
    },
    "software": "mriqc",
    "version": "0.11.0",
    "webapi_port": null,
    "webapi_url": null
  },
  "size_t": 200,
  "size_x": 96,
  "size_y": 96,
  "size_z": 42,
  "snr": 3.8273441476411674,
  "spacing_tr": 2.0,
  "spacing_x": 2.5,
  "spacing_y": 2.5,
  "spacing_z": 3.0000312328338623,
  "summary_bg_k": 30.498539825253083,
  "summary_bg_mad": 12.231468200683594,
  "summary_bg_mean": 67.97120666503906,
  "summary_bg_median": 8.710000038146973,
  "summary_bg_n": 267713.0,
  "summary_bg_p05": 0.11499999463558197,
  "summary_bg_p95": 381.8219787597656,
  "summary_bg_stdv": 186.86451721191406,
  "summary_fg_k": 0.719187483342429,
  "summary_fg_mad": 458.1020202636719,
  "summary_fg_mean": 2098.146240234375,
  "summary_fg_median": 2057.919921875,
  "summary_fg_n": 61507.0,
  "summary_fg_p05": 1251.3719970703125,
  "summary_fg_p95": 3054.318481445312,
  "summary_fg_stdv": 537.6843872070312,
  "tsnr": 80.02180480957031
}