{
  "bids_meta": {
    "AcquisitionDateTime": "2015-09-17T15:55:50",
    "BodyPartExamined": "BRAIN",
    "ConversionSoftware": "dcm2nii",
    "ConversionSoftwareVersion": "6-2013",
    "EchoTime": 0.00368,
    "FlipAngle": 12.0,
    "ImageType": "ORIGINAL_PRIMARY_OTHER",
    "InversionTime": 0.65,
    "MagneticFieldStrength": 3.0,
    "Manufacturer": "GE MEDICAL SYSTEMS",
    "ProcedureStepDescription": "Mattfeld_WMAZE",
    "ProtocolName": "Mattfeld_WMAZE",
    "RepetitionTime": 0.009184,
    "ScanningSequence": "G_R",
    "SequenceVariant": "SS_SK",
    "modality": "T1w",
    "run_id": "01",
    "subject_id": "001"
  },
  "cjv": 0.4518598070313485,
  "cnr": 2.7959560262695655,
  "efc": 0.5698486438885787,
  "fber": 206.6079864501953,
  "fwhm_avg": 3.7342,
  "fwhm_x": 3.80932,
  "fwhm_y": 3.85333,
  "fwhm_z": 3.53995,
  "icvs_csf": 0.18499201294763648,
  "icvs_gm": 0.39665426779907664,
  "icvs_wm": 0.41835371925328685,
  "inu_med": 1.0658990144729614,
  "inu_range": 0.3152838200330733,
  "provenance": {
    "md5sum": "c10a5475842107678eb4a992fba5d965",
    "settings": {
      "testing": false
    },
    "software": "mriqc",
    "version": "0.11.0",
    "warnings": {
      "large_rot_frame": true,
      "small_air_mask": false
    },
    "webapi_port": null,
    "webapi_url": "https://mriqc.nimh.nih.gov/api/v1"
  },
  "qi_1": 0.008695252103705484,
  "qi_2": 0.0017764567840287712,
  "rpve_csf": 32.93051047706995,
  "rpve_gm": 15.189061455211476,
  "rpve_wm": 16.766331581562824,
  "size_x": 186,
  "size_y": 256,
  "size_z": 256,
  "snr_csf": 4.103319191521189,
  "snr_gm": 18.415414446070535,
  "snr_total": 13.105716460729175,
  "snr_wm": 16.798415744595797,
  "snrd_csf": 27.279524960160238,
  "snrd_gm": 54.96402529797157,
  "snrd_total": 50.58007853982059,
  "snrd_wm": 69.49668536132995,
  "spacing_x": 1.0,
  "spacing_y": 1.0,
  "spacing_z": 1.0,
  "summary_bg_k": 4.234507811001187,
  "summary_bg_mad": 9.427281379699707,
  "summary_bg_mean": 51.04562759399414,
  "summary_bg_median": 48.17673110961914,
  "summary_bg_n": 3364119.0,
  "summary_bg_p05": 34.68952751159668,
  "summary_bg_p95": 79.16686859130857,
  "summary_bg_stdv": 14.341421127319336,
  "summary_csf_k": 4.294257658182099,
  "summary_csf_mad": 70.62947082519531,
  "summary_csf_mean": 411.99932861328125,
  "summary_csf_median": 392.5469055175781,
  "summary_csf_n": 29613.0,
  "summary_csf_p05": 289.8356079101562,
  "summary_csf_p95": 596.5561523437499,
  "summary_csf_stdv": 95.6640853881836,
  "summary_gm_k": 0.42510847973259525,
  "summary_gm_mad": 39.688114166259766,
  "summary_gm_mean": 792.5592651367188,
  "summary_gm_median": 790.9213256835938,
  "summary_gm_n": 17227.0,
  "summary_gm_p05": 725.5201293945313,
  "summary_gm_p95": 866.489306640625,
  "summary_gm_stdv": 42.947628021240234,
  "summary_wm_k": 0.978159237853339,
  "summary_wm_mad": 54.80574417114258,
  "summary_wm_mean": 1009.4685668945312,
  "summary_wm_median": 1000.0433959960938,
  "summary_wm_n": 168448.0,
  "summary_wm_p05": 930.4032135009766,
  "summary_wm_p95": 1124.0588928222655,
  "summary_wm_stdv": 59.531829833984375,
  "tpm_overlap_csf": 0.23805931210517883,
  "tpm_overlap_gm": 0.4773664176464081,
  "tpm_overlap_wm": 0.531937301158905,
  "wm2max": 0.5893038261925154
}