{
  "aor": 0.0025197,
  "aqi": 0.0034993379000000002,
  "bids_meta": {
    "AcquisitionDateTime": "2015-10-21T14:02:32",
    "BodyPartExamined": "BRAIN",
    "ConversionSoftware": "dcm2nii",
    "ConversionSoftwareVersion": "6-2013",
    "EchoTime": 0.025,
    "FlipAngle": 75.0,
    "ImageType": "ORIGINAL_PRIMARY_EPI_NONE",
    "MagneticFieldStrength": 3.0,
    "Manufacturer": "GE MEDICAL SYSTEMS",
    "ProcedureStepDescription": "Mattfeld_WMAZE",
    "ProtocolName": "Mattfeld_WMAZE",
    "RepetitionTime": 2.0,
    "ScanningSequence": "EP_GR",
    "SequenceVariant": "S_S",
    "SliceTiming": [
      0.0,
      1.0,
      0.047619047619047616,
      1.0476190476190477,
      0.09523809523809523,
      1.0952380952380953,
      0.14285714285714285,
      1.1428571428571428,
      0.19047619047619047,
      1.1904761904761905,
      0.23809523809523808,
      1.2380952380952381,
      0.2857142857142857,
      1.2857142857142858,
      0.3333333333333333,
      1.3333333333333333,
      0.38095238095238093,
      1.380952380952381,
      0.42857142857142855,
      1.4285714285714286,
      0.47619047619047616,
      1.4761904761904763,
      0.5238095238095238,
      1.5238095238095237,
      0.5714285714285714,
      1.5714285714285714,
      0.6190476190476191,
      1.619047619047619,
      0.6666666666666666,
      1.6666666666666667,
      0.7142857142857143,
      1.7142857142857142,
      0.7619047619047619,
      1.7619047619047619,
      0.8095238095238095,
      1.8095238095238095,
      0.8571428571428571,
      1.8571428571428572,
      0.9047619047619048,
      1.9047619047619047,
      0.9523809523809523,
      1.9523809523809523
    ],
    "TaskName": "TODO: full task name for condassoc",
    "modality": "bold",
    "run_id": "01",
    "subject_id": "020",
    "task_id": "condassoc"
  },
  "dummy_trs": 0,
  "dvars_nstd": 14.951348400301503,
  "dvars_std": 1.0202884721608045,
  "dvars_vstd": 0.9455304236683422,
  "efc": 0.4261703038378339,
  "fber": 85460.25,
  "fd_mean": 0.08074715927124992,
  "fd_num": 4,
  "fd_perc": 2.0,
  "fwhm_avg": 3.1941928574713523,
  "fwhm_x": 3.08574,
  "fwhm_y": 3.4916359999999997,
  "fwhm_z": 3.005202572414058,
  "gcor": 0.0211549,
  "gsr_x": -0.019141951575875282,
  "gsr_y": 0.01797999069094658,
  "provenance": {
    "md5sum": "561a14919a42c67fed29f416c4478a9b",
    "settings": {
      "fd_thres": 0.2,
      "hmc_fsl": false
    },
    "software": "mriqc",
    "version": "0.11.0",
    "webapi_port": null,
    "webapi_url": null
  },
  "size_t": 200,
  "size_x": 96,
  "size_y": 96,
  "size_z": 42,
  "snr": 3.191625763478181,
  "spacing_tr": 2.0,
  "spacing_x": 2.5,
  "spacing_y": 2.5,
  "spacing_z": 2.999861001968384,
  "summary_bg_k": 30.259129560592747,
  "summary_bg_mad": 9.562784194946289,
  "summary_bg_mean": 65.79590606689453,
  "summary_bg_median": 6.809999942779541,
  "summary_bg_n": 261538.0,
  "summary_bg_p05": 0.10499999672174454,
  "summary_bg_p95": 394.73573608398436,
  "summary_bg_stdv": 196.4217529296875,
  "summary_fg_k": 1.0245756026283264,
  "summary_fg_mad": 530.6307983398438,
  "summary_fg_mean": 2147.253662109375,
  "summary_fg_median": 2046.89990234375,
  "summary_fg_n": 66997.0,
  "summary_fg_p05": 1260.9699951171876,
  "summary_fg_p95": 3381.365966796875,
  "summary_fg_stdv": 641.3297729492188,
  "tsnr": 64.38966369628906
}