{
  "bids_meta": {
    "AcquisitionDateTime": "2015-09-21T17:03:49",
    "BodyPartExamined": "BRAIN",
    "ConversionSoftware": "dcm2nii",
    "ConversionSoftwareVersion": "6-2013",
    "EchoTime": 0.00368,
    "FlipAngle": 12.0,
    "ImageType": "ORIGINAL_PRIMARY_OTHER",
    "InversionTime": 0.65,
    "MagneticFieldStrength": 3.0,
    "Manufacturer": "GE MEDICAL SYSTEMS",
    "ProcedureStepDescription": "Mattfeld_WMAZE",
    "ProtocolName": "Mattfeld_WMAZE",
    "RepetitionTime": 0.009184,
    "ScanningSequence": "G_R",
    "SequenceVariant": "SS_SK",
    "modality": "T1w",
    "run_id": "01",
    "subject_id": "005"
  },
  "cjv": 0.4396160592401728,
  "cnr": 2.9759202099710595,
  "efc": 0.60460748422962,
  "fber": 212.22808837890625,
  "fwhm_avg": 3.4404199999999996,
  "fwhm_x": 3.50744,
  "fwhm_y": 3.59843,
  "fwhm_z": 3.21539,
  "icvs_csf": 0.16560641125528094,
  "icvs_gm": 0.4074113423870544,
  "icvs_wm": 0.42698224635766463,
  "inu_med": 1.1181367635726929,
  "inu_range": 0.293781018257141,
  "provenance": {
    "md5sum": "5667ba37dd94fdff3f298a6bbbe4a216",
    "settings": {
      "testing": false
    },
    "software": "mriqc",
    "version": "0.11.0",
    "warnings": {
      "large_rot_frame": true,
      "small_air_mask": false
    },
    "webapi_port": null,
    "webapi_url": "https://mriqc.nimh.nih.gov/api/v1"
  },
  "qi_1": 0.0002909887601496105,
  "qi_2": 0.0014271564713082415,
  "rpve_csf": 32.20541212601019,
  "rpve_gm": 13.335945062553693,
  "rpve_wm": 14.575285232203118,
  "size_x": 186,
  "size_y": 256,
  "size_z": 256,
  "snr_csf": 2.992943871678703,
  "snr_gm": 17.02167279465671,
  "snr_total": 13.26247950084771,
  "snr_wm": 19.77282183620772,
  "snrd_csf": 30.924024969122552,
  "snrd_gm": 59.216782250369675,
  "snrd_total": 55.004758470665536,
  "snrd_wm": 74.87346819250439,
  "spacing_x": 1.0,
  "spacing_y": 1.0,
  "spacing_z": 1.0,
  "summary_bg_k": 7.703164628276836,
  "summary_bg_mad": 8.75013256072998,
  "summary_bg_mean": 50.48411560058594,
  "summary_bg_median": 47.93745422363281,
  "summary_bg_n": 3108003.0,
  "summary_bg_p05": 34.40608673095703,
  "summary_bg_p95": 78.17117538452146,
  "summary_bg_stdv": 14.862035751342773,
  "summary_csf_k": 12.976642983942424,
  "summary_csf_mad": 92.470458984375,
  "summary_csf_mean": 440.62017822265625,
  "summary_csf_median": 413.0274658203125,
  "summary_csf_n": 21790.0,
  "summary_csf_p05": 292.51597747802737,
  "summary_csf_p95": 641.1423736572262,
  "summary_csf_stdv": 137.9972381591797,
  "summary_gm_k": 0.38784442335032754,
  "summary_gm_mad": 45.75217819213867,
  "summary_gm_mean": 792.0894775390625,
  "summary_gm_median": 790.9111938476562,
  "summary_gm_n": 25901.0,
  "summary_gm_p05": 717.9017333984375,
  "summary_gm_p95": 868.1370849609375,
  "summary_gm_stdv": 46.464054107666016,
  "summary_wm_k": 0.8678163227296669,
  "summary_wm_mad": 46.17761993408203,
  "summary_wm_mean": 1006.03564453125,
  "summary_wm_median": 1000.0250244140625,
  "summary_wm_n": 190304.0,
  "summary_wm_p05": 935.2656188964844,
  "summary_wm_p95": 1099.8399353027344,
  "summary_wm_stdv": 50.57560348510742,
  "tpm_overlap_csf": 0.209846630692482,
  "tpm_overlap_gm": 0.4674956202507019,
  "tpm_overlap_wm": 0.5020763278007507,
  "wm2max": 0.5534689501438171
}