{
  "aor": 0.0084617,
  "aqi": 0.00414241865,
  "bids_meta": {
    "AcquisitionDateTime": "2015-10-15T14:31:35",
    "BodyPartExamined": "BRAIN",
    "ConversionSoftware": "dcm2nii",
    "ConversionSoftwareVersion": "6-2013",
    "EchoTime": 0.025,
    "FlipAngle": 75.0,
    "ImageType": "ORIGINAL_PRIMARY_EPI_NONE",
    "MagneticFieldStrength": 3.0,
    "Manufacturer": "GE MEDICAL SYSTEMS",
    "ProcedureStepDescription": "Mattfeld_WMAZE",
    "ProtocolName": "Mattfeld_WMAZE",
    "RepetitionTime": 2.0,
    "ScanningSequence": "EP_GR",
    "SequenceVariant": "S_S",
    "SliceTiming": [
      0.0,
      1.0,
      0.047619047619047616,
      1.0476190476190477,
      0.09523809523809523,
      1.0952380952380953,
      0.14285714285714285,
      1.1428571428571428,
      0.19047619047619047,
      1.1904761904761905,
      0.23809523809523808,
      1.2380952380952381,
      0.2857142857142857,
      1.2857142857142858,
      0.3333333333333333,
      1.3333333333333333,
      0.38095238095238093,
      1.380952380952381,
      0.42857142857142855,
      1.4285714285714286,
      0.47619047619047616,
      1.4761904761904763,
      0.5238095238095238,
      1.5238095238095237,
      0.5714285714285714,
      1.5714285714285714,
      0.6190476190476191,
      1.619047619047619,
      0.6666666666666666,
      1.6666666666666667,
      0.7142857142857143,
      1.7142857142857142,
      0.7619047619047619,
      1.7619047619047619,
      0.8095238095238095,
      1.8095238095238095,
      0.8571428571428571,
      1.8571428571428572,
      0.9047619047619048,
      1.9047619047619047,
      0.9523809523809523,
      1.9523809523809523
    ],
    "TaskName": "TODO: full task name for condassoc",
    "modality": "bold",
    "run_id": "04",
    "subject_id": "019",
    "task_id": "condassoc"
  },
  "dummy_trs": 0,
  "dvars_nstd": 17.725730043065333,
  "dvars_std": 1.1046396571356787,
  "dvars_vstd": 1.0066869554773872,
  "efc": 0.49630565634589485,
  "fber": 38374.390625,
  "fd_mean": 0.0676450597161767,
  "fd_num": 1,
  "fd_perc": 0.5,
  "fwhm_avg": 3.193837476440519,
  "fwhm_x": 2.99992,
  "fwhm_y": 3.4282719999999998,
  "fwhm_z": 3.1533204293215564,
  "gcor": 0.005183,
  "gsr_x": -0.001299799419939518,
  "gsr_y": 0.023558352142572403,
  "provenance": {
    "md5sum": "2eddf5a4cb477fe2b87d501072cd7b14",
    "settings": {
      "fd_thres": 0.2,
      "hmc_fsl": false
    },
    "software": "mriqc",
    "version": "0.11.0",
    "webapi_port": null,
    "webapi_url": null
  },
  "size_t": 200,
  "size_x": 96,
  "size_y": 96,
  "size_z": 42,
  "snr": 3.0680375791856136,
  "spacing_tr": 2.0,
  "spacing_x": 2.5,
  "spacing_y": 2.5,
  "spacing_z": 3.000291347503662,
  "summary_bg_k": 15.264987718397773,
  "summary_bg_mad": 13.788201332092285,
  "summary_bg_mean": 130.5298614501953,
  "summary_bg_median": 9.59000015258789,
  "summary_bg_n": 242823.0,
  "summary_bg_p05": 0.044999998062849045,
  "summary_bg_p95": 870.96796875,
  "summary_bg_stdv": 341.6483154296875,
  "summary_fg_k": 0.857691463759064,
  "summary_fg_mad": 558.9483642578125,
  "summary_fg_mean": 2047.1326904296875,
  "summary_fg_median": 1956.702392578125,
  "summary_fg_n": 82890.0,
  "summary_fg_p05": 1148.3179443359375,
  "summary_fg_p95": 3232.6236816406254,
  "summary_fg_stdv": 637.7661743164062,
  "tsnr": 59.6920166015625
}