{
  "aor": 0.0011426,
  "aqi": 0.0019387584299999999,
  "bids_meta": {
    "AcquisitionDateTime": "2015-11-02T14:12:15",
    "BodyPartExamined": "BRAIN",
    "ConversionSoftware": "dcm2nii",
    "ConversionSoftwareVersion": "6-2013",
    "EchoTime": 0.025,
    "FlipAngle": 75.0,
    "ImageType": "ORIGINAL_PRIMARY_EPI_NONE",
    "MagneticFieldStrength": 3.0,
    "Manufacturer": "GE MEDICAL SYSTEMS",
    "ProcedureStepDescription": "Mattfeld_WMAZE",
    "ProtocolName": "Mattfeld_WMAZE",
    "RepetitionTime": 2.0,
    "ScanningSequence": "EP_GR",
    "SequenceVariant": "S_S",
    "SliceTiming": [
      0.0,
      1.0,
      0.047619047619047616,
      1.0476190476190477,
      0.09523809523809523,
      1.0952380952380953,
      0.14285714285714285,
      1.1428571428571428,
      0.19047619047619047,
      1.1904761904761905,
      0.23809523809523808,
      1.2380952380952381,
      0.2857142857142857,
      1.2857142857142858,
      0.3333333333333333,
      1.3333333333333333,
      0.38095238095238093,
      1.380952380952381,
      0.42857142857142855,
      1.4285714285714286,
      0.47619047619047616,
      1.4761904761904763,
      0.5238095238095238,
      1.5238095238095237,
      0.5714285714285714,
      1.5714285714285714,
      0.6190476190476191,
      1.619047619047619,
      0.6666666666666666,
      1.6666666666666667,
      0.7142857142857143,
      1.7142857142857142,
      0.7619047619047619,
      1.7619047619047619,
      0.8095238095238095,
      1.8095238095238095,
      0.8571428571428571,
      1.8571428571428572,
      0.9047619047619048,
      1.9047619047619047,
      0.9523809523809523,
      1.9523809523809523
    ],
    "TaskName": "TODO: full task name for condassoc",
    "modality": "bold",
    "run_id": "02",
    "subject_id": "023",
    "task_id": "condassoc"
  },
  "dummy_trs": 0,
  "dvars_nstd": 16.30335363562814,
  "dvars_std": 1.1496139416080409,
  "dvars_vstd": 0.9754452088944722,
  "efc": 0.4075092843572787,
  "fber": 62346.96875,
  "fd_mean": 0.045834837347076066,
  "fd_num": 0,
  "fd_perc": 0.0,
  "fwhm_avg": 3.1954317791422704,
  "fwhm_x": 3.1419360000000003,
  "fwhm_y": 3.4432319999999996,
  "fwhm_z": 3.0011273374268113,
  "gcor": 0.017401,
  "gsr_x": -0.015743132680654526,
  "gsr_y": 0.015847889706492424,
  "provenance": {
    "md5sum": "8fba049a9602e0006931152013404ad1",
    "settings": {
      "fd_thres": 0.2,
      "hmc_fsl": false
    },
    "software": "mriqc",
    "version": "0.11.0",
    "webapi_port": null,
    "webapi_url": null
  },
  "size_t": 200,
  "size_x": 96,
  "size_y": 96,
  "size_z": 42,
  "snr": 3.0749237813386787,
  "spacing_tr": 2.0,
  "spacing_x": 2.5,
  "spacing_y": 2.5,
  "spacing_z": 3.0001626014709473,
  "summary_bg_k": 38.12853013151387,
  "summary_bg_mad": 10.630257606506348,
  "summary_bg_mean": 53.91059112548828,
  "summary_bg_median": 7.739999771118164,
  "summary_bg_n": 266656.0,
  "summary_bg_p05": 0.14000000059604645,
  "summary_bg_p95": 279.7362365722656,
  "summary_bg_stdv": 171.2897491455078,
  "summary_fg_k": 1.0734121459519326,
  "summary_fg_mad": 512.8098754882812,
  "summary_fg_mean": 2074.37109375,
  "summary_fg_median": 1983.60498046875,
  "summary_fg_n": 62659.0,
  "summary_fg_p05": 1141.9144287109375,
  "summary_fg_p95": 3309.0869628906253,
  "summary_fg_stdv": 645.0856323242188,
  "tsnr": 85.58778381347656
}