{
  "aor": 0.00112995,
  "aqi": 0.00377879095,
  "bids_meta": {
    "AcquisitionDateTime": "2015-10-21T15:45:33",
    "BodyPartExamined": "BRAIN",
    "ConversionSoftware": "dcm2nii",
    "ConversionSoftwareVersion": "6-2013",
    "EchoTime": 0.025,
    "FlipAngle": 75.0,
    "ImageType": "ORIGINAL_PRIMARY_EPI_NONE",
    "MagneticFieldStrength": 3.0,
    "Manufacturer": "GE MEDICAL SYSTEMS",
    "ProcedureStepDescription": "Mattfeld_WMAZE",
    "ProtocolName": "Mattfeld_WMAZE",
    "RepetitionTime": 2.0,
    "ScanningSequence": "EP_GR",
    "SequenceVariant": "S_S",
    "SliceTiming": [
      0.0,
      1.0,
      0.047619047619047616,
      1.0476190476190477,
      0.09523809523809523,
      1.0952380952380953,
      0.14285714285714285,
      1.1428571428571428,
      0.19047619047619047,
      1.1904761904761905,
      0.23809523809523808,
      1.2380952380952381,
      0.2857142857142857,
      1.2857142857142858,
      0.3333333333333333,
      1.3333333333333333,
      0.38095238095238093,
      1.380952380952381,
      0.42857142857142855,
      1.4285714285714286,
      0.47619047619047616,
      1.4761904761904763,
      0.5238095238095238,
      1.5238095238095237,
      0.5714285714285714,
      1.5714285714285714,
      0.6190476190476191,
      1.619047619047619,
      0.6666666666666666,
      1.6666666666666667,
      0.7142857142857143,
      1.7142857142857142,
      0.7619047619047619,
      1.7619047619047619,
      0.8095238095238095,
      1.8095238095238095,
      0.8571428571428571,
      1.8571428571428572,
      0.9047619047619048,
      1.9047619047619047,
      0.9523809523809523,
      1.9523809523809523
    ],
    "TaskName": "TODO: full task name for condassoc",
    "modality": "bold",
    "run_id": "03",
    "subject_id": "021",
    "task_id": "condassoc"
  },
  "dummy_trs": 0,
  "dvars_nstd": 18.58125689512562,
  "dvars_std": 1.166019329346734,
  "dvars_vstd": 0.9411006229648248,
  "efc": 0.416398608098148,
  "fber": 72646.015625,
  "fd_mean": 0.06677430021970834,
  "fd_num": 4,
  "fd_perc": 2.0,
  "fwhm_avg": 3.117776754946244,
  "fwhm_x": 3.102,
  "fwhm_y": 3.308892,
  "fwhm_z": 2.942438264838731,
  "gcor": 0.013656,
  "gsr_x": -0.02113690972328186,
  "gsr_y": 0.019170112907886505,
  "provenance": {
    "md5sum": "372dc91c228f65a42c9219b7800f3c38",
    "settings": {
      "fd_thres": 0.2,
      "hmc_fsl": false
    },
    "software": "mriqc",
    "version": "0.11.0",
    "webapi_port": null,
    "webapi_url": null
  },
  "size_t": 200,
  "size_x": 96,
  "size_y": 96,
  "size_z": 42,
  "snr": 3.46450331569384,
  "spacing_tr": 2.0,
  "spacing_x": 2.5,
  "spacing_y": 2.5,
  "spacing_z": 3.0002498626708984,
  "summary_bg_k": 28.82884559623346,
  "summary_bg_mad": 10.393041610717773,
  "summary_bg_mean": 65.83769226074219,
  "summary_bg_median": 7.524999618530273,
  "summary_bg_n": 267073.0,
  "summary_bg_p05": 0.1599999964237213,
  "summary_bg_p95": 388.19898681640575,
  "summary_bg_stdv": 198.13424682617188,
  "summary_fg_k": 1.4312223248248133,
  "summary_fg_mad": 469.595703125,
  "summary_fg_mean": 2156.26171875,
  "summary_fg_median": 2059.655029296875,
  "summary_fg_n": 62498.0,
  "summary_fg_p05": 1342.9005249023437,
  "summary_fg_p95": 3294.6818237304633,
  "summary_fg_stdv": 594.4974975585938,
  "tsnr": 75.076171875
}