{
  "aor": 0.0009171,
  "aqi": 0.0024644526,
  "bids_meta": {
    "AcquisitionDateTime": "2015-10-01T12:20:19",
    "BodyPartExamined": "BRAIN",
    "ConversionSoftware": "dcm2nii",
    "ConversionSoftwareVersion": "6-2013",
    "EchoTime": 0.025,
    "FlipAngle": 75.0,
    "ImageType": "ORIGINAL_PRIMARY_EPI_NONE",
    "MagneticFieldStrength": 3.0,
    "Manufacturer": "GE MEDICAL SYSTEMS",
    "ProcedureStepDescription": "Mattfeld_WMAZE",
    "ProtocolName": "Mattfeld_WMAZE",
    "RepetitionTime": 2.0,
    "ScanningSequence": "EP_GR",
    "SequenceVariant": "S_S",
    "SliceTiming": [
      0.0,
      1.0,
      0.047619047619047616,
      1.0476190476190477,
      0.09523809523809523,
      1.0952380952380953,
      0.14285714285714285,
      1.1428571428571428,
      0.19047619047619047,
      1.1904761904761905,
      0.23809523809523808,
      1.2380952380952381,
      0.2857142857142857,
      1.2857142857142858,
      0.3333333333333333,
      1.3333333333333333,
      0.38095238095238093,
      1.380952380952381,
      0.42857142857142855,
      1.4285714285714286,
      0.47619047619047616,
      1.4761904761904763,
      0.5238095238095238,
      1.5238095238095237,
      0.5714285714285714,
      1.5714285714285714,
      0.6190476190476191,
      1.619047619047619,
      0.6666666666666666,
      1.6666666666666667,
      0.7142857142857143,
      1.7142857142857142,
      0.7619047619047619,
      1.7619047619047619,
      0.8095238095238095,
      1.8095238095238095,
      0.8571428571428571,
      1.8571428571428572,
      0.9047619047619048,
      1.9047619047619047,
      0.9523809523809523,
      1.9523809523809523
    ],
    "TaskName": "TODO: full task name for condassoc",
    "modality": "bold",
    "run_id": "06",
    "subject_id": "010",
    "task_id": "condassoc"
  },
  "dummy_trs": 0,
  "dvars_nstd": 17.517626652412062,
  "dvars_std": 1.0912201198492462,
  "dvars_vstd": 0.9686577183919597,
  "efc": 0.4074148588722164,
  "fber": 56855.9765625,
  "fd_mean": 0.07125656548611313,
  "fd_num": 5,
  "fd_perc": 2.5,
  "fwhm_avg": 3.0612715251689626,
  "fwhm_x": 2.9841919999999997,
  "fwhm_y": 3.2122439999999997,
  "fwhm_z": 2.9873785755068893,
  "gcor": 0.0165345,
  "gsr_x": -0.015845827758312225,
  "gsr_y": 0.015254216268658638,
  "provenance": {
    "md5sum": "30c4dd9524586c20cc9c173fc7e2450a",
    "settings": {
      "fd_thres": 0.2,
      "hmc_fsl": false
    },
    "software": "mriqc",
    "version": "0.11.0",
    "webapi_port": null,
    "webapi_url": null
  },
  "size_t": 200,
  "size_x": 96,
  "size_y": 96,
  "size_z": 42,
  "snr": 3.5990811872637454,
  "spacing_tr": 2.0,
  "spacing_x": 2.5,
  "spacing_y": 2.5,
  "spacing_z": 3.0000014305114746,
  "summary_bg_k": 48.40082192558172,
  "summary_bg_mad": 11.416036605834961,
  "summary_bg_mean": 53.17041015625,
  "summary_bg_median": 8.234999656677246,
  "summary_bg_n": 269337.0,
  "summary_bg_p05": 0.11499999463558197,
  "summary_bg_p95": 269.8479858398422,
  "summary_bg_stdv": 160.7802734375,
  "summary_fg_k": 1.002689875399522,
  "summary_fg_mad": 468.45037841796875,
  "summary_fg_mean": 2078.721435546875,
  "summary_fg_median": 2015.699951171875,
  "summary_fg_n": 60849.0,
  "summary_fg_p05": 1252.8179443359375,
  "summary_fg_p95": 3099.0179687500004,
  "summary_fg_stdv": 560.0549926757812,
  "tsnr": 82.85160064697266
}