{
  "aor": 0.0008584,
  "aqi": 0.0023393800000000003,
  "bids_meta": {
    "AcquisitionDateTime": "2015-11-11T15:29:21",
    "BodyPartExamined": "BRAIN",
    "ConversionSoftware": "dcm2nii",
    "ConversionSoftwareVersion": "6-2013",
    "EchoTime": 0.025,
    "FlipAngle": 75.0,
    "ImageType": "ORIGINAL_PRIMARY_EPI_NONE",
    "MagneticFieldStrength": 3.0,
    "Manufacturer": "GE MEDICAL SYSTEMS",
    "ProcedureStepDescription": "Mattfeld_WMAZE",
    "ProtocolName": "Mattfeld_WMAZE",
    "RepetitionTime": 2.0,
    "ScanningSequence": "EP_GR",
    "SequenceVariant": "S_S",
    "SliceTiming": [
      0.0,
      1.0,
      0.047619047619047616,
      1.0476190476190477,
      0.09523809523809523,
      1.0952380952380953,
      0.14285714285714285,
      1.1428571428571428,
      0.19047619047619047,
      1.1904761904761905,
      0.23809523809523808,
      1.2380952380952381,
      0.2857142857142857,
      1.2857142857142858,
      0.3333333333333333,
      1.3333333333333333,
      0.38095238095238093,
      1.380952380952381,
      0.42857142857142855,
      1.4285714285714286,
      0.47619047619047616,
      1.4761904761904763,
      0.5238095238095238,
      1.5238095238095237,
      0.5714285714285714,
      1.5714285714285714,
      0.6190476190476191,
      1.619047619047619,
      0.6666666666666666,
      1.6666666666666667,
      0.7142857142857143,
      1.7142857142857142,
      0.7619047619047619,
      1.7619047619047619,
      0.8095238095238095,
      1.8095238095238095,
      0.8571428571428571,
      1.8571428571428572,
      0.9047619047619048,
      1.9047619047619047,
      0.9523809523809523,
      1.9523809523809523
    ],
    "TaskName": "TODO: full task name for condassoc",
    "modality": "bold",
    "run_id": "01",
    "subject_id": "024",
    "task_id": "condassoc"
  },
  "dummy_trs": 0,
  "dvars_nstd": 18.036785020251262,
  "dvars_std": 1.175378840050251,
  "dvars_vstd": 0.9569845531155776,
  "efc": 0.41478687852511337,
  "fber": 93004.1171875,
  "fd_mean": 0.050012753538943376,
  "fd_num": 3,
  "fd_perc": 1.5,
  "fwhm_avg": 3.1413488549728843,
  "fwhm_x": 3.101492,
  "fwhm_y": 3.3999960000000002,
  "fwhm_z": 2.922558564918653,
  "gcor": 0.0238796,
  "gsr_x": -0.012857062742114067,
  "gsr_y": 0.013149216771125793,
  "provenance": {
    "md5sum": "d588bd2bb5ee4ac398b74670e6cfd355",
    "settings": {
      "fd_thres": 0.2,
      "hmc_fsl": false
    },
    "software": "mriqc",
    "version": "0.11.0",
    "webapi_port": null,
    "webapi_url": null
  },
  "size_t": 200,
  "size_x": 96,
  "size_y": 96,
  "size_z": 42,
  "snr": 3.2739796367695733,
  "spacing_tr": 2.0,
  "spacing_x": 2.5,
  "spacing_y": 2.5,
  "spacing_z": 3.000282049179077,
  "summary_bg_k": 41.1842360181949,
  "summary_bg_mad": 8.843722343444824,
  "summary_bg_mean": 54.741153717041016,
  "summary_bg_median": 6.489999771118164,
  "summary_bg_n": 263734.0,
  "summary_bg_p05": 0.19999998807907104,
  "summary_bg_p95": 286.2017333984374,
  "summary_bg_stdv": 179.1236114501953,
  "summary_fg_k": 0.8835132441482689,
  "summary_fg_mad": 494.0994567871094,
  "summary_fg_mean": 2126.399169921875,
  "summary_fg_median": 2020.97998046875,
  "summary_fg_n": 65041.0,
  "summary_fg_p05": 1278.5,
  "summary_fg_p95": 3339.98486328125,
  "summary_fg_stdv": 617.2807006835938,
  "tsnr": 84.05474090576172
}