{
  "aor": 0.00102515,
  "aqi": 0.00191251005,
  "bids_meta": {
    "AcquisitionDateTime": "2015-09-24T17:29:31",
    "BodyPartExamined": "BRAIN",
    "ConversionSoftware": "dcm2nii",
    "ConversionSoftwareVersion": "6-2013",
    "EchoTime": 0.025,
    "FlipAngle": 75.0,
    "ImageType": "ORIGINAL_PRIMARY_EPI_NONE",
    "MagneticFieldStrength": 3.0,
    "Manufacturer": "GE MEDICAL SYSTEMS",
    "ProcedureStepDescription": "Mattfeld_WMAZE",
    "ProtocolName": "Mattfeld_WMAZE",
    "RepetitionTime": 2.0,
    "ScanningSequence": "EP_GR",
    "SequenceVariant": "S_S",
    "SliceTiming": [
      0.0,
      1.0,
      0.047619047619047616,
      1.0476190476190477,
      0.09523809523809523,
      1.0952380952380953,
      0.14285714285714285,
      1.1428571428571428,
      0.19047619047619047,
      1.1904761904761905,
      0.23809523809523808,
      1.2380952380952381,
      0.2857142857142857,
      1.2857142857142858,
      0.3333333333333333,
      1.3333333333333333,
      0.38095238095238093,
      1.380952380952381,
      0.42857142857142855,
      1.4285714285714286,
      0.47619047619047616,
      1.4761904761904763,
      0.5238095238095238,
      1.5238095238095237,
      0.5714285714285714,
      1.5714285714285714,
      0.6190476190476191,
      1.619047619047619,
      0.6666666666666666,
      1.6666666666666667,
      0.7142857142857143,
      1.7142857142857142,
      0.7619047619047619,
      1.7619047619047619,
      0.8095238095238095,
      1.8095238095238095,
      0.8571428571428571,
      1.8571428571428572,
      0.9047619047619048,
      1.9047619047619047,
      0.9523809523809523,
      1.9523809523809523
    ],
    "TaskName": "TODO: full task name for condassoc",
    "modality": "bold",
    "run_id": "02",
    "subject_id": "007",
    "task_id": "condassoc"
  },
  "dummy_trs": 0,
  "dvars_nstd": 15.767961046834175,
  "dvars_std": 1.0671200327638193,
  "dvars_vstd": 0.9907078402010052,
  "efc": 0.48450228771798626,
  "fber": 30959.26171875,
  "fd_mean": 0.03219452821183172,
  "fd_num": 0,
  "fd_perc": 0.0,
  "fwhm_avg": 3.243209768421155,
  "fwhm_x": 3.109608,
  "fwhm_y": 3.2993360000000003,
  "fwhm_z": 3.320685305263466,
  "gcor": 0.00963168,
  "gsr_x": -0.02679334208369255,
  "gsr_y": 0.06508268415927887,
  "provenance": {
    "md5sum": "eba27e88ac0af340b7d12c33b9e2dc9d",
    "settings": {
      "fd_thres": 0.2,
      "hmc_fsl": false
    },
    "software": "mriqc",
    "version": "0.11.0",
    "webapi_port": null,
    "webapi_url": null
  },
  "size_t": 200,
  "size_x": 96,
  "size_y": 96,
  "size_z": 42,
  "snr": 3.0488576503582356,
  "spacing_tr": 2.0,
  "spacing_x": 2.5,
  "spacing_y": 2.5,
  "spacing_z": 2.9997904300689697,
  "summary_bg_k": 13.046766284647948,
  "summary_bg_mad": 15.00393295288086,
  "summary_bg_mean": 133.45826721191406,
  "summary_bg_median": 10.429999351501465,
  "summary_bg_n": 253294.0,
  "summary_bg_p05": 0.04999999701976776,
  "summary_bg_p95": 869.5134918212889,
  "summary_bg_stdv": 325.5264892578125,
  "summary_fg_k": 0.34959086394003736,
  "summary_fg_mad": 585.3092041015625,
  "summary_fg_mean": 2002.8714599609375,
  "summary_fg_median": 1940.1649169921875,
  "summary_fg_n": 74198.0,
  "summary_fg_p05": 1033.127001953125,
  "summary_fg_p95": 3149.5858398437495,
  "summary_fg_stdv": 636.3536987304688,
  "tsnr": 85.16265869140625
}