{
  "aor": 0.0008825,
  "aqi": 0.001388880625,
  "bids_meta": {
    "AcquisitionDateTime": "2015-11-12T16:32:14",
    "BodyPartExamined": "BRAIN",
    "ConversionSoftware": "dcm2nii",
    "ConversionSoftwareVersion": "6-2013",
    "EchoTime": 0.025,
    "FlipAngle": 75.0,
    "ImageType": "ORIGINAL_PRIMARY_EPI_NONE",
    "MagneticFieldStrength": 3.0,
    "Manufacturer": "GE MEDICAL SYSTEMS",
    "ProcedureStepDescription": "Mattfeld_WMAZE",
    "ProtocolName": "Mattfeld_WMAZE",
    "RepetitionTime": 2.0,
    "ScanningSequence": "EP_GR",
    "SequenceVariant": "S_S",
    "SliceTiming": [
      0.0,
      1.0,
      0.047619047619047616,
      1.0476190476190477,
      0.09523809523809523,
      1.0952380952380953,
      0.14285714285714285,
      1.1428571428571428,
      0.19047619047619047,
      1.1904761904761905,
      0.23809523809523808,
      1.2380952380952381,
      0.2857142857142857,
      1.2857142857142858,
      0.3333333333333333,
      1.3333333333333333,
      0.38095238095238093,
      1.380952380952381,
      0.42857142857142855,
      1.4285714285714286,
      0.47619047619047616,
      1.4761904761904763,
      0.5238095238095238,
      1.5238095238095237,
      0.5714285714285714,
      1.5714285714285714,
      0.6190476190476191,
      1.619047619047619,
      0.6666666666666666,
      1.6666666666666667,
      0.7142857142857143,
      1.7142857142857142,
      0.7619047619047619,
      1.7619047619047619,
      0.8095238095238095,
      1.8095238095238095,
      0.8571428571428571,
      1.8571428571428572,
      0.9047619047619048,
      1.9047619047619047,
      0.9523809523809523,
      1.9523809523809523
    ],
    "TaskName": "TODO: full task name for condassoc",
    "modality": "bold",
    "run_id": "03",
    "subject_id": "026",
    "task_id": "condassoc"
  },
  "dummy_trs": 0,
  "dvars_nstd": 18.192886194371848,
  "dvars_std": 1.1849614071356789,
  "dvars_vstd": 0.9897521070351759,
  "efc": 0.44559856088370764,
  "fber": 70029.359375,
  "fd_mean": 0.03999478101020646,
  "fd_num": 0,
  "fd_perc": 0.0,
  "fwhm_avg": 3.0681475622882934,
  "fwhm_x": 2.9904520000000003,
  "fwhm_y": 3.326951682717163,
  "fwhm_z": 2.8870390041477156,
  "gcor": 0.0173884,
  "gsr_x": -0.01614074595272541,
  "gsr_y": 0.026483656838536263,
  "provenance": {
    "md5sum": "9093ce79dcdcd5430af54b087afd7177",
    "settings": {
      "fd_thres": 0.2,
      "hmc_fsl": false
    },
    "software": "mriqc",
    "version": "0.11.0",
    "webapi_port": null,
    "webapi_url": null
  },
  "size_t": 200,
  "size_x": 96,
  "size_y": 96,
  "size_z": 42,
  "snr": 3.2546522327655785,
  "spacing_tr": 2.0,
  "spacing_x": 2.5,
  "spacing_y": 2.500000238418579,
  "spacing_z": 3.000267744064331,
  "summary_bg_k": 35.56885221404707,
  "summary_bg_mad": 10.233661651611328,
  "summary_bg_mean": 57.697181701660156,
  "summary_bg_median": 7.242499828338623,
  "summary_bg_n": 250524.0,
  "summary_bg_p05": 0.04999999701976776,
  "summary_bg_p95": 327.4442565917968,
  "summary_bg_stdv": 175.037353515625,
  "summary_fg_k": 1.2859749998095795,
  "summary_fg_mad": 493.8475341796875,
  "summary_fg_mean": 2087.848876953125,
  "summary_fg_median": 1989.699951171875,
  "summary_fg_n": 76036.0,
  "summary_fg_p05": 1271.3487548828125,
  "summary_fg_p95": 3254.3612670898438,
  "summary_fg_stdv": 611.3362426757812,
  "tsnr": 97.30380249023438
}