{
  "aor": 0.0012874999999999998,
  "aqi": 0.0012943151749999998,
  "bids_meta": {
    "AcquisitionDateTime": "2015-09-21T17:25:52",
    "BodyPartExamined": "BRAIN",
    "ConversionSoftware": "dcm2nii",
    "ConversionSoftwareVersion": "6-2013",
    "EchoTime": 0.025,
    "FlipAngle": 75.0,
    "ImageType": "ORIGINAL_PRIMARY_EPI_NONE",
    "MagneticFieldStrength": 3.0,
    "Manufacturer": "GE MEDICAL SYSTEMS",
    "ProcedureStepDescription": "Mattfeld_WMAZE",
    "ProtocolName": "Mattfeld_WMAZE",
    "RepetitionTime": 2.0,
    "ScanningSequence": "EP_GR",
    "SequenceVariant": "S_S",
    "SliceTiming": [
      0.0,
      1.0,
      0.047619047619047616,
      1.0476190476190477,
      0.09523809523809523,
      1.0952380952380953,
      0.14285714285714285,
      1.1428571428571428,
      0.19047619047619047,
      1.1904761904761905,
      0.23809523809523808,
      1.2380952380952381,
      0.2857142857142857,
      1.2857142857142858,
      0.3333333333333333,
      1.3333333333333333,
      0.38095238095238093,
      1.380952380952381,
      0.42857142857142855,
      1.4285714285714286,
      0.47619047619047616,
      1.4761904761904763,
      0.5238095238095238,
      1.5238095238095237,
      0.5714285714285714,
      1.5714285714285714,
      0.6190476190476191,
      1.619047619047619,
      0.6666666666666666,
      1.6666666666666667,
      0.7142857142857143,
      1.7142857142857142,
      0.7619047619047619,
      1.7619047619047619,
      0.8095238095238095,
      1.8095238095238095,
      0.8571428571428571,
      1.8571428571428572,
      0.9047619047619048,
      1.9047619047619047,
      0.9523809523809523,
      1.9523809523809523
    ],
    "TaskName": "TODO: full task name for condassoc",
    "modality": "bold",
    "run_id": "02",
    "subject_id": "005",
    "task_id": "condassoc"
  },
  "dummy_trs": 0,
  "dvars_nstd": 18.131361908643225,
  "dvars_std": 1.1825982032663318,
  "dvars_vstd": 0.9951655493969849,
  "efc": 0.45488486205144074,
  "fber": 79464.796875,
  "fd_mean": 0.051695556442964315,
  "fd_num": 0,
  "fd_perc": 0.0,
  "fwhm_avg": 3.16844112619782,
  "fwhm_x": 3.050172,
  "fwhm_y": 3.413192,
  "fwhm_z": 3.0419593785934587,
  "gcor": 0.0110732,
  "gsr_x": -0.006212082225829363,
  "gsr_y": 0.0180136077105999,
  "provenance": {
    "md5sum": "63bb1d3466dcd9235e34ac7b6c7078dc",
    "settings": {
      "fd_thres": 0.2,
      "hmc_fsl": false
    },
    "software": "mriqc",
    "version": "0.11.0",
    "webapi_port": null,
    "webapi_url": null
  },
  "size_t": 200,
  "size_x": 96,
  "size_y": 96,
  "size_z": 42,
  "snr": 3.1662774893690924,
  "spacing_tr": 2.0,
  "spacing_x": 2.5,
  "spacing_y": 2.5,
  "spacing_z": 2.9997146129608154,
  "summary_bg_k": 28.920482690893515,
  "summary_bg_mad": 9.384872436523438,
  "summary_bg_mean": 65.39057159423828,
  "summary_bg_median": 6.644999980926514,
  "summary_bg_n": 250414.0,
  "summary_bg_p05": 0.07999999821186066,
  "summary_bg_p95": 407.47598571777206,
  "summary_bg_stdv": 190.73239135742188,
  "summary_fg_k": 1.0073960280686274,
  "summary_fg_mad": 521.5645751953125,
  "summary_fg_mean": 2051.739501953125,
  "summary_fg_median": 1957.68994140625,
  "summary_fg_n": 77144.0,
  "summary_fg_p05": 1199.5782043457032,
  "summary_fg_p95": 3223.159716796872,
  "summary_fg_stdv": 618.2898559570312,
  "tsnr": 98.00745391845703
}