{
  "aor": 0.0119465,
  "aqi": 0.0032445257000000005,
  "bids_meta": {
    "AcquisitionDateTime": "2015-10-12T14:17:45",
    "BodyPartExamined": "BRAIN",
    "ConversionSoftware": "dcm2nii",
    "ConversionSoftwareVersion": "6-2013",
    "EchoTime": 0.025,
    "FlipAngle": 75.0,
    "ImageType": "ORIGINAL_PRIMARY_EPI_NONE",
    "MagneticFieldStrength": 3.0,
    "Manufacturer": "GE MEDICAL SYSTEMS",
    "ProcedureStepDescription": "Mattfeld_WMAZE",
    "ProtocolName": "Mattfeld_WMAZE",
    "RepetitionTime": 2.0,
    "ScanningSequence": "EP_GR",
    "SequenceVariant": "S_S",
    "SliceTiming": [
      0.0,
      1.0,
      0.047619047619047616,
      1.0476190476190477,
      0.09523809523809523,
      1.0952380952380953,
      0.14285714285714285,
      1.1428571428571428,
      0.19047619047619047,
      1.1904761904761905,
      0.23809523809523808,
      1.2380952380952381,
      0.2857142857142857,
      1.2857142857142858,
      0.3333333333333333,
      1.3333333333333333,
      0.38095238095238093,
      1.380952380952381,
      0.42857142857142855,
      1.4285714285714286,
      0.47619047619047616,
      1.4761904761904763,
      0.5238095238095238,
      1.5238095238095237,
      0.5714285714285714,
      1.5714285714285714,
      0.6190476190476191,
      1.619047619047619,
      0.6666666666666666,
      1.6666666666666667,
      0.7142857142857143,
      1.7142857142857142,
      0.7619047619047619,
      1.7619047619047619,
      0.8095238095238095,
      1.8095238095238095,
      0.8571428571428571,
      1.8571428571428572,
      0.9047619047619048,
      1.9047619047619047,
      0.9523809523809523,
      1.9523809523809523
    ],
    "TaskName": "TODO: full task name for condassoc",
    "modality": "bold",
    "run_id": "04",
    "subject_id": "017",
    "task_id": "condassoc"
  },
  "dummy_trs": 0,
  "dvars_nstd": 17.429224249346728,
  "dvars_std": 1.237777985527638,
  "dvars_vstd": 1.1192684329648253,
  "efc": 0.4236140449214875,
  "fber": 63503.33984375,
  "fd_mean": 0.07833365333570795,
  "fd_num": 6,
  "fd_perc": 3.0,
  "fwhm_avg": 3.10109957178574,
  "fwhm_x": 3.028236,
  "fwhm_y": 3.3994,
  "fwhm_z": 2.8756627153572207,
  "gcor": 0.0214901,
  "gsr_x": -0.011092135682702065,
  "gsr_y": 0.017083190381526947,
  "provenance": {
    "md5sum": "7d453125835d53be806bd1641d3a78db",
    "settings": {
      "fd_thres": 0.2,
      "hmc_fsl": false
    },
    "software": "mriqc",
    "version": "0.11.0",
    "webapi_port": null,
    "webapi_url": null
  },
  "size_t": 200,
  "size_x": 96,
  "size_y": 96,
  "size_z": 42,
  "snr": 3.661146063308355,
  "spacing_tr": 2.0,
  "spacing_x": 2.5,
  "spacing_y": 2.5,
  "spacing_z": 3.0000736713409424,
  "summary_bg_k": 32.97110700308813,
  "summary_bg_mad": 10.93419075012207,
  "summary_bg_mean": 70.6268310546875,
  "summary_bg_median": 7.799999713897705,
  "summary_bg_n": 263883.0,
  "summary_bg_p05": 0.0949999988079071,
  "summary_bg_p95": 393.85948486328124,
  "summary_bg_stdv": 211.9431610107422,
  "summary_fg_k": 0.7619994036299662,
  "summary_fg_mad": 480.4967041015625,
  "summary_fg_mean": 2082.227294921875,
  "summary_fg_median": 2023.75,
  "summary_fg_n": 64205.0,
  "summary_fg_p05": 1270.17392578125,
  "summary_fg_p95": 3098.103955078125,
  "summary_fg_stdv": 552.759765625,
  "tsnr": 67.640380859375
}