{
  "bids_meta": {
    "AcquisitionDateTime": "2015-10-12T13:39:52",
    "BodyPartExamined": "BRAIN",
    "ConversionSoftware": "dcm2nii",
    "ConversionSoftwareVersion": "6-2013",
    "EchoTime": 0.00368,
    "FlipAngle": 12.0,
    "ImageType": "ORIGINAL_PRIMARY_OTHER",
    "InversionTime": 0.65,
    "MagneticFieldStrength": 3.0,
    "Manufacturer": "GE MEDICAL SYSTEMS",
    "ProcedureStepDescription": "Mattfeld_WMAZE",
    "ProtocolName": "Mattfeld_WMAZE",
    "RepetitionTime": 0.009184,
    "ScanningSequence": "G_R",
    "SequenceVariant": "SS_SK",
    "modality": "T1w",
    "run_id": "01",
    "subject_id": "017"
  },
  "cjv": 0.4563603667367692,
  "cnr": 2.979151324140137,
  "efc": 0.5785996668370058,
  "fber": 228.46299743652344,
  "fwhm_avg": 3.541913333333333,
  "fwhm_x": 3.64816,
  "fwhm_y": 3.72841,
  "fwhm_z": 3.24917,
  "icvs_csf": 0.14315550160712165,
  "icvs_gm": 0.4287890357996155,
  "icvs_wm": 0.4280554625932628,
  "inu_med": 1.0995639562606812,
  "inu_range": 0.24000449180603023,
  "provenance": {
    "md5sum": "71d23605c595804eda0a7bd2ecd0649b",
    "settings": {
      "testing": false
    },
    "software": "mriqc",
    "version": "0.11.0",
    "warnings": {
      "large_rot_frame": true,
      "small_air_mask": false
    },
    "webapi_port": null,
    "webapi_url": "https://mriqc.nimh.nih.gov/api/v1"
  },
  "qi_1": 0.0001370964474849509,
  "qi_2": 0.00088321447778881,
  "rpve_csf": 41.78404606282672,
  "rpve_gm": 15.110047390150434,
  "rpve_wm": 16.92735995741641,
  "size_x": 186,
  "size_y": 256,
  "size_z": 256,
  "snr_csf": 1.9187709276011449,
  "snr_gm": 20.065993856207665,
  "snr_total": 14.048855814628814,
  "snr_wm": 20.161802660077633,
  "snrd_csf": 39.12418692941896,
  "snrd_gm": 70.78898341771342,
  "snrd_total": 65.97721284402688,
  "snrd_wm": 88.01846818494822,
  "spacing_x": 1.0,
  "spacing_y": 1.0,
  "spacing_z": 1.0,
  "summary_bg_k": 127.9527897401766,
  "summary_bg_mad": 7.44331169128418,
  "summary_bg_mean": 48.85306167602539,
  "summary_bg_median": 45.962608337402344,
  "summary_bg_n": 3487806.0,
  "summary_bg_p05": 34.17728042602539,
  "summary_bg_p95": 76.59912300109863,
  "summary_bg_stdv": 15.839861869812012,
  "summary_csf_k": 5.298589876528531,
  "summary_csf_mad": 110.55068969726562,
  "summary_csf_mean": 512.19384765625,
  "summary_csf_median": 444.50823974609375,
  "summary_csf_n": 12055.0,
  "summary_csf_p05": 298.8046447753906,
  "summary_csf_p95": 1199.64248046875,
  "summary_csf_stdv": 231.6533966064453,
  "summary_gm_k": 0.11855330323803326,
  "summary_gm_mad": 39.78683853149414,
  "summary_gm_mean": 803.7289428710938,
  "summary_gm_median": 804.266845703125,
  "summary_gm_n": 33151.0,
  "summary_gm_p05": 737.4411926269531,
  "summary_gm_p95": 868.6415710449219,
  "summary_gm_stdv": 40.080482482910156,
  "summary_wm_k": 0.2903067637358072,
  "summary_wm_mad": 49.54673385620117,
  "summary_wm_mean": 1004.61767578125,
  "summary_wm_median": 1000.0191040039062,
  "summary_wm_n": 173901.0,
  "summary_wm_p05": 933.1954956054688,
  "summary_wm_p95": 1092.728271484375,
  "summary_wm_stdv": 49.599544525146484,
  "tpm_overlap_csf": 0.21208570897579193,
  "tpm_overlap_gm": 0.4990161061286926,
  "tpm_overlap_wm": 0.5269217491149902,
  "wm2max": 0.511171040066503
}