{
  "aor": 0.003011050000000001,
  "aqi": 0.001927570845,
  "bids_meta": {
    "AcquisitionDateTime": "2015-11-02T14:36:05",
    "BodyPartExamined": "BRAIN",
    "ConversionSoftware": "dcm2nii",
    "ConversionSoftwareVersion": "6-2013",
    "EchoTime": 0.025,
    "FlipAngle": 75.0,
    "ImageType": "ORIGINAL_PRIMARY_EPI_NONE",
    "MagneticFieldStrength": 3.0,
    "Manufacturer": "GE MEDICAL SYSTEMS",
    "ProcedureStepDescription": "Mattfeld_WMAZE",
    "ProtocolName": "Mattfeld_WMAZE",
    "RepetitionTime": 2.0,
    "ScanningSequence": "EP_GR",
    "SequenceVariant": "S_S",
    "SliceTiming": [
      0.0,
      1.0,
      0.047619047619047616,
      1.0476190476190477,
      0.09523809523809523,
      1.0952380952380953,
      0.14285714285714285,
      1.1428571428571428,
      0.19047619047619047,
      1.1904761904761905,
      0.23809523809523808,
      1.2380952380952381,
      0.2857142857142857,
      1.2857142857142858,
      0.3333333333333333,
      1.3333333333333333,
      0.38095238095238093,
      1.380952380952381,
      0.42857142857142855,
      1.4285714285714286,
      0.47619047619047616,
      1.4761904761904763,
      0.5238095238095238,
      1.5238095238095237,
      0.5714285714285714,
      1.5714285714285714,
      0.6190476190476191,
      1.619047619047619,
      0.6666666666666666,
      1.6666666666666667,
      0.7142857142857143,
      1.7142857142857142,
      0.7619047619047619,
      1.7619047619047619,
      0.8095238095238095,
      1.8095238095238095,
      0.8571428571428571,
      1.8571428571428572,
      0.9047619047619048,
      1.9047619047619047,
      0.9523809523809523,
      1.9523809523809523
    ],
    "TaskName": "TODO: full task name for condassoc",
    "modality": "bold",
    "run_id": "05",
    "subject_id": "023",
    "task_id": "condassoc"
  },
  "dummy_trs": 0,
  "dvars_nstd": 16.283506187386934,
  "dvars_std": 1.1520876934673365,
  "dvars_vstd": 0.9980279507537688,
  "efc": 0.40574820026216724,
  "fber": 66232.6015625,
  "fd_mean": 0.05542444900233536,
  "fd_num": 0,
  "fd_perc": 0.0,
  "fwhm_avg": 3.198799249667888,
  "fwhm_x": 3.153516,
  "fwhm_y": 3.437048,
  "fwhm_z": 3.0058337490036626,
  "gcor": 0.0161942,
  "gsr_x": -0.015416664071381092,
  "gsr_y": 0.01671246998012066,
  "provenance": {
    "md5sum": "730a2baf9b03346e44b4f69161b23d7d",
    "settings": {
      "fd_thres": 0.2,
      "hmc_fsl": false
    },
    "software": "mriqc",
    "version": "0.11.0",
    "webapi_port": null,
    "webapi_url": null
  },
  "size_t": 200,
  "size_x": 96,
  "size_y": 96,
  "size_z": 42,
  "snr": 3.075883676780927,
  "spacing_tr": 2.0,
  "spacing_x": 2.5,
  "spacing_y": 2.5,
  "spacing_z": 3.0001626014709473,
  "summary_bg_k": 37.375764050240335,
  "summary_bg_mad": 10.348564147949219,
  "summary_bg_mean": 54.2518196105957,
  "summary_bg_median": 7.539999961853027,
  "summary_bg_n": 267273.0,
  "summary_bg_p05": 0.13499999046325684,
  "summary_bg_p95": 280.2820007324218,
  "summary_bg_stdv": 172.32177734375,
  "summary_fg_k": 1.1153553788750417,
  "summary_fg_mad": 517.17236328125,
  "summary_fg_mean": 2099.653076171875,
  "summary_fg_median": 1999.2049560546875,
  "summary_fg_n": 62040.0,
  "summary_fg_p05": 1178.443200683594,
  "summary_fg_p95": 3366.9139160156246,
  "summary_fg_stdv": 649.9559326171875,
  "tsnr": 85.79438018798828
}