{
  "bids_meta": {
    "AcquisitionDateTime": "2015-10-15T12:25:28",
    "BodyPartExamined": "BRAIN",
    "ConversionSoftware": "dcm2nii",
    "ConversionSoftwareVersion": "6-2013",
    "EchoTime": 0.00368,
    "FlipAngle": 12.0,
    "ImageType": "ORIGINAL_PRIMARY_OTHER",
    "InversionTime": 0.65,
    "MagneticFieldStrength": 3.0,
    "Manufacturer": "GE MEDICAL SYSTEMS",
    "ProcedureStepDescription": "Mattfeld_WMAZE",
    "ProtocolName": "Mattfeld_WMAZE",
    "RepetitionTime": 0.009184,
    "ScanningSequence": "G_R",
    "SequenceVariant": "SS_SK",
    "modality": "T1w",
    "run_id": "01",
    "subject_id": "018"
  },
  "cjv": 0.4711038981389416,
  "cnr": 2.750589049515161,
  "efc": 0.586160398183447,
  "fber": 254.62425231933594,
  "fwhm_avg": 3.504383333333333,
  "fwhm_x": 3.67815,
  "fwhm_y": 3.55473,
  "fwhm_z": 3.28027,
  "icvs_csf": 0.1580289620380665,
  "icvs_gm": 0.42208299224156676,
  "icvs_wm": 0.41988804572036675,
  "inu_med": 1.0522751808166504,
  "inu_range": 0.32697617113590227,
  "provenance": {
    "md5sum": "d77672d6cc8c2d6b926bb3dd709e6377",
    "settings": {
      "testing": false
    },
    "software": "mriqc",
    "version": "0.11.0",
    "warnings": {
      "large_rot_frame": true,
      "small_air_mask": false
    },
    "webapi_port": null,
    "webapi_url": "https://mriqc.nimh.nih.gov/api/v1"
  },
  "qi_1": 0.0004941765238342588,
  "qi_2": 0.001479812694486008,
  "rpve_csf": 38.66576887279589,
  "rpve_gm": 15.051761874591492,
  "rpve_wm": 17.009162928588026,
  "size_x": 186,
  "size_y": 256,
  "size_z": 256,
  "snr_csf": 3.1016771351572934,
  "snr_gm": 18.043549594162446,
  "snr_total": 13.019720429729881,
  "snr_wm": 17.913934559869908,
  "snrd_csf": 34.15497912952024,
  "snrd_gm": 64.96171242829926,
  "snrd_total": 60.09333749209128,
  "snrd_wm": 81.16332091845435,
  "spacing_x": 1.0,
  "spacing_y": 1.0,
  "spacing_z": 1.0,
  "summary_bg_k": 6.5470233157403825,
  "summary_bg_mad": 8.072028160095215,
  "summary_bg_mean": 47.04609298706055,
  "summary_bg_median": 44.17809295654297,
  "summary_bg_n": 3667801.0,
  "summary_bg_p05": 33.09091567993164,
  "summary_bg_p95": 73.9720687866211,
  "summary_bg_stdv": 13.53104019165039,
  "summary_csf_k": 14.827754813881544,
  "summary_csf_mad": 74.63890075683594,
  "summary_csf_mean": 446.9447021484375,
  "summary_csf_median": 420.8283386230469,
  "summary_csf_n": 18678.0,
  "summary_csf_p05": 310.55064086914064,
  "summary_csf_p95": 637.7095275878906,
  "summary_csf_stdv": 135.67404174804688,
  "summary_gm_k": 0.44539427983059143,
  "summary_gm_mad": 41.86962127685547,
  "summary_gm_mean": 800.8851928710938,
  "summary_gm_median": 800.4024658203125,
  "summary_gm_n": 21586.0,
  "summary_gm_p05": 729.1574859619141,
  "summary_gm_p95": 874.9073333740234,
  "summary_gm_stdv": 44.35845184326172,
  "summary_wm_k": 0.8024857674952166,
  "summary_wm_mad": 52.1732292175293,
  "summary_wm_mean": 1006.2960205078125,
  "summary_wm_median": 1000.0247802734375,
  "summary_wm_n": 143168.0,
  "summary_wm_p05": 927.0458709716797,
  "summary_wm_p95": 1107.3672119140624,
  "summary_wm_stdv": 55.82365417480469,
  "tpm_overlap_csf": 0.21550853550434113,
  "tpm_overlap_gm": 0.4777785539627075,
  "tpm_overlap_wm": 0.49413159489631653,
  "wm2max": 0.6301085187754486
}