{
  "bids_meta": {
    "AcquisitionDateTime": "2015-10-01T14:47:10",
    "BodyPartExamined": "BRAIN",
    "ConversionSoftware": "dcm2nii",
    "ConversionSoftwareVersion": "6-2013",
    "EchoTime": 0.00368,
    "FlipAngle": 12.0,
    "ImageType": "ORIGINAL_PRIMARY_OTHER",
    "InversionTime": 0.65,
    "MagneticFieldStrength": 3.0,
    "Manufacturer": "GE MEDICAL SYSTEMS",
    "ProcedureStepDescription": "Mattfeld_WMAZE",
    "ProtocolName": "Mattfeld_WMAZE",
    "RepetitionTime": 0.009184,
    "ScanningSequence": "G_R",
    "SequenceVariant": "SS_SK",
    "modality": "T1w",
    "run_id": "01",
    "subject_id": "012"
  },
  "cjv": 0.44090438710798097,
  "cnr": 2.9938936311564777,
  "efc": 0.5711049126697447,
  "fber": 269.64349365234375,
  "fwhm_avg": 3.6921733333333333,
  "fwhm_x": 3.79536,
  "fwhm_y": 3.79398,
  "fwhm_z": 3.48718,
  "icvs_csf": 0.1788541305530271,
  "icvs_gm": 0.38711585996204806,
  "icvs_wm": 0.4340300094849249,
  "inu_med": 1.0796184539794922,
  "inu_range": 0.30111926794052124,
  "provenance": {
    "md5sum": "c8e9ae002494246e60db2d5c9580c5b0",
    "settings": {
      "testing": false
    },
    "software": "mriqc",
    "version": "0.11.0",
    "warnings": {
      "large_rot_frame": true,
      "small_air_mask": false
    },
    "webapi_port": null,
    "webapi_url": "https://mriqc.nimh.nih.gov/api/v1"
  },
  "qi_1": 0.0037328428480647613,
  "qi_2": 0.0018503541180035403,
  "rpve_csf": 31.643778414577493,
  "rpve_gm": 14.242986097931297,
  "rpve_wm": 14.902832658302875,
  "size_x": 186,
  "size_y": 256,
  "size_z": 256,
  "snr_csf": 2.1817581330233637,
  "snr_gm": 17.40083551460128,
  "snr_total": 14.038740123157856,
  "snr_wm": 22.53362672184892,
  "snrd_csf": 36.78521226114849,
  "snrd_gm": 72.69809044190471,
  "snrd_total": 66.6368917657474,
  "snrd_wm": 90.42737259418895,
  "spacing_x": 1.0,
  "spacing_y": 1.0,
  "spacing_z": 1.0,
  "summary_bg_k": 4.712437850753107,
  "summary_bg_mad": 7.2450714111328125,
  "summary_bg_mean": 45.78020095825195,
  "summary_bg_median": 42.4713134765625,
  "summary_bg_n": 3072014.0,
  "summary_bg_p05": 32.18682804107666,
  "summary_bg_p95": 74.67004127502443,
  "summary_bg_stdv": 13.590658187866211,
  "summary_csf_k": 10.187777673383877,
  "summary_csf_mad": 71.6944580078125,
  "summary_csf_mean": 454.31549072265625,
  "summary_csf_median": 406.8030700683594,
  "summary_csf_n": 32203.0,
  "summary_csf_p05": 307.25670166015624,
  "summary_csf_p95": 751.0280517578105,
  "summary_csf_stdv": 186.45364379882812,
  "summary_gm_k": 0.2108020396006487,
  "summary_gm_mad": 43.75581359863281,
  "summary_gm_mean": 802.0645751953125,
  "summary_gm_median": 803.9591064453125,
  "summary_gm_n": 19534.0,
  "summary_gm_p05": 721.0167083740234,
  "summary_gm_p95": 874.7753356933594,
  "summary_gm_stdv": 46.20114517211914,
  "summary_wm_k": 0.6989778778261693,
  "summary_wm_mad": 42.69050979614258,
  "summary_wm_mean": 1003.8722534179688,
  "summary_wm_median": 1000.0250244140625,
  "summary_wm_n": 186930.0,
  "summary_wm_p05": 940.4184478759765,
  "summary_wm_p95": 1083.349432373047,
  "summary_wm_stdv": 44.379112243652344,
  "tpm_overlap_csf": 0.22375139594078064,
  "tpm_overlap_gm": 0.46224159002304077,
  "tpm_overlap_wm": 0.5130959749221802,
  "wm2max": 0.5380832588141373
}