{
  "aor": 0.004287849999999999,
  "aqi": 0.0050798195,
  "bids_meta": {
    "AcquisitionDateTime": "2015-09-29T18:01:33",
    "BodyPartExamined": "BRAIN",
    "ConversionSoftware": "dcm2nii",
    "ConversionSoftwareVersion": "6-2013",
    "EchoTime": 0.025,
    "FlipAngle": 75.0,
    "ImageType": "ORIGINAL_PRIMARY_EPI_NONE",
    "MagneticFieldStrength": 3.0,
    "Manufacturer": "GE MEDICAL SYSTEMS",
    "ProcedureStepDescription": "Mattfeld_WMAZE",
    "ProtocolName": "Mattfeld_WMAZE",
    "RepetitionTime": 2.0,
    "ScanningSequence": "EP_GR",
    "SequenceVariant": "S_S",
    "SliceTiming": [
      0.0,
      1.0,
      0.047619047619047616,
      1.0476190476190477,
      0.09523809523809523,
      1.0952380952380953,
      0.14285714285714285,
      1.1428571428571428,
      0.19047619047619047,
      1.1904761904761905,
      0.23809523809523808,
      1.2380952380952381,
      0.2857142857142857,
      1.2857142857142858,
      0.3333333333333333,
      1.3333333333333333,
      0.38095238095238093,
      1.380952380952381,
      0.42857142857142855,
      1.4285714285714286,
      0.47619047619047616,
      1.4761904761904763,
      0.5238095238095238,
      1.5238095238095237,
      0.5714285714285714,
      1.5714285714285714,
      0.6190476190476191,
      1.619047619047619,
      0.6666666666666666,
      1.6666666666666667,
      0.7142857142857143,
      1.7142857142857142,
      0.7619047619047619,
      1.7619047619047619,
      0.8095238095238095,
      1.8095238095238095,
      0.8571428571428571,
      1.8571428571428572,
      0.9047619047619048,
      1.9047619047619047,
      0.9523809523809523,
      1.9523809523809523
    ],
    "TaskName": "TODO: full task name for condassoc",
    "modality": "bold",
    "run_id": "06",
    "subject_id": "009",
    "task_id": "condassoc"
  },
  "dummy_trs": 0,
  "dvars_nstd": 17.270541957788943,
  "dvars_std": 1.0493996945226132,
  "dvars_vstd": 0.9596034749246236,
  "efc": 0.4313520853257515,
  "fber": 44410.73828125,
  "fd_mean": 0.04999204832700288,
  "fd_num": 2,
  "fd_perc": 1.0,
  "fwhm_avg": 3.2161009133967036,
  "fwhm_x": 3.188280304058104,
  "fwhm_y": 3.4272080000000003,
  "fwhm_z": 3.032814436132006,
  "gcor": 0.00551262,
  "gsr_x": -0.024008281528949738,
  "gsr_y": 0.03228512406349182,
  "provenance": {
    "md5sum": "68067c5c6ac62c3272b10c70e6533e6e",
    "settings": {
      "fd_thres": 0.2,
      "hmc_fsl": false
    },
    "software": "mriqc",
    "version": "0.11.0",
    "webapi_port": null,
    "webapi_url": null
  },
  "size_t": 200,
  "size_x": 96,
  "size_y": 96,
  "size_z": 42,
  "snr": 3.4238353508399553,
  "spacing_tr": 2.0,
  "spacing_x": 2.499999761581421,
  "spacing_y": 2.5,
  "spacing_z": 2.999929666519165,
  "summary_bg_k": 30.805463676521782,
  "summary_bg_mad": 12.868986129760742,
  "summary_bg_mean": 73.1392822265625,
  "summary_bg_median": 9.114999771118164,
  "summary_bg_n": 262032.0,
  "summary_bg_p05": 0.11999999731779099,
  "summary_bg_p95": 392.37623748779254,
  "summary_bg_stdv": 202.93943786621094,
  "summary_fg_k": 1.0564611056716835,
  "summary_fg_mad": 460.6961975097656,
  "summary_fg_mean": 2043.73046875,
  "summary_fg_median": 1977.614990234375,
  "summary_fg_n": 66451.0,
  "summary_fg_p05": 1174.1649780273438,
  "summary_fg_p95": 3105.659912109375,
  "summary_fg_stdv": 577.597900390625,
  "tsnr": 61.474212646484375
}