{
  "aor": 0.0015431,
  "aqi": 0.00349048805,
  "bids_meta": {
    "AcquisitionDateTime": "2015-10-21T16:10:08",
    "BodyPartExamined": "BRAIN",
    "ConversionSoftware": "dcm2nii",
    "ConversionSoftwareVersion": "6-2013",
    "EchoTime": 0.025,
    "FlipAngle": 75.0,
    "ImageType": "ORIGINAL_PRIMARY_EPI_NONE",
    "MagneticFieldStrength": 3.0,
    "Manufacturer": "GE MEDICAL SYSTEMS",
    "ProcedureStepDescription": "Mattfeld_WMAZE",
    "ProtocolName": "Mattfeld_WMAZE",
    "RepetitionTime": 2.0,
    "ScanningSequence": "EP_GR",
    "SequenceVariant": "S_S",
    "SliceTiming": [
      0.0,
      1.0,
      0.047619047619047616,
      1.0476190476190477,
      0.09523809523809523,
      1.0952380952380953,
      0.14285714285714285,
      1.1428571428571428,
      0.19047619047619047,
      1.1904761904761905,
      0.23809523809523808,
      1.2380952380952381,
      0.2857142857142857,
      1.2857142857142858,
      0.3333333333333333,
      1.3333333333333333,
      0.38095238095238093,
      1.380952380952381,
      0.42857142857142855,
      1.4285714285714286,
      0.47619047619047616,
      1.4761904761904763,
      0.5238095238095238,
      1.5238095238095237,
      0.5714285714285714,
      1.5714285714285714,
      0.6190476190476191,
      1.619047619047619,
      0.6666666666666666,
      1.6666666666666667,
      0.7142857142857143,
      1.7142857142857142,
      0.7619047619047619,
      1.7619047619047619,
      0.8095238095238095,
      1.8095238095238095,
      0.8571428571428571,
      1.8571428571428572,
      0.9047619047619048,
      1.9047619047619047,
      0.9523809523809523,
      1.9523809523809523
    ],
    "TaskName": "TODO: full task name for condassoc",
    "modality": "bold",
    "run_id": "06",
    "subject_id": "021",
    "task_id": "condassoc"
  },
  "dummy_trs": 0,
  "dvars_nstd": 16.959232747688446,
  "dvars_std": 1.155977636834171,
  "dvars_vstd": 0.9764989952261303,
  "efc": 0.41796959075643997,
  "fber": 71375.59375,
  "fd_mean": 0.06170004009719432,
  "fd_num": 0,
  "fd_perc": 0.0,
  "fwhm_avg": 3.125923716659409,
  "fwhm_x": 3.121296,
  "fwhm_y": 3.31666,
  "fwhm_z": 2.9398151499782266,
  "gcor": 0.0260835,
  "gsr_x": -0.022102780640125275,
  "gsr_y": 0.020469246432185173,
  "provenance": {
    "md5sum": "c30af0dc65b869280113743ea47365eb",
    "settings": {
      "fd_thres": 0.2,
      "hmc_fsl": false
    },
    "software": "mriqc",
    "version": "0.11.0",
    "webapi_port": null,
    "webapi_url": null
  },
  "size_t": 200,
  "size_x": 96,
  "size_y": 96,
  "size_z": 42,
  "snr": 3.4241689891440554,
  "spacing_tr": 2.0,
  "spacing_x": 2.5,
  "spacing_y": 2.5,
  "spacing_z": 3.0002498626708984,
  "summary_bg_k": 27.057027795389004,
  "summary_bg_mad": 10.44493293762207,
  "summary_bg_mean": 67.59262084960938,
  "summary_bg_median": 7.579999923706055,
  "summary_bg_n": 266840.0,
  "summary_bg_p05": 0.16499999165534973,
  "summary_bg_p95": 406.64173431396443,
  "summary_bg_stdv": 201.425048828125,
  "summary_fg_k": 1.4484726614738177,
  "summary_fg_mad": 470.86358642578125,
  "summary_fg_mean": 2146.402099609375,
  "summary_fg_median": 2049.142578125,
  "summary_fg_n": 62784.0,
  "summary_fg_p05": 1329.5310119628907,
  "summary_fg_p95": 3293.407092285156,
  "summary_fg_stdv": 598.4302368164062,
  "tsnr": 78.62001037597656
}