{
  "aor": 0.0015926000000000002,
  "aqi": 0.002021860855,
  "bids_meta": {
    "AcquisitionDateTime": "2015-11-02T14:20:07",
    "BodyPartExamined": "BRAIN",
    "ConversionSoftware": "dcm2nii",
    "ConversionSoftwareVersion": "6-2013",
    "EchoTime": 0.025,
    "FlipAngle": 75.0,
    "ImageType": "ORIGINAL_PRIMARY_EPI_NONE",
    "MagneticFieldStrength": 3.0,
    "Manufacturer": "GE MEDICAL SYSTEMS",
    "ProcedureStepDescription": "Mattfeld_WMAZE",
    "ProtocolName": "Mattfeld_WMAZE",
    "RepetitionTime": 2.0,
    "ScanningSequence": "EP_GR",
    "SequenceVariant": "S_S",
    "SliceTiming": [
      0.0,
      1.0,
      0.047619047619047616,
      1.0476190476190477,
      0.09523809523809523,
      1.0952380952380953,
      0.14285714285714285,
      1.1428571428571428,
      0.19047619047619047,
      1.1904761904761905,
      0.23809523809523808,
      1.2380952380952381,
      0.2857142857142857,
      1.2857142857142858,
      0.3333333333333333,
      1.3333333333333333,
      0.38095238095238093,
      1.380952380952381,
      0.42857142857142855,
      1.4285714285714286,
      0.47619047619047616,
      1.4761904761904763,
      0.5238095238095238,
      1.5238095238095237,
      0.5714285714285714,
      1.5714285714285714,
      0.6190476190476191,
      1.619047619047619,
      0.6666666666666666,
      1.6666666666666667,
      0.7142857142857143,
      1.7142857142857142,
      0.7619047619047619,
      1.7619047619047619,
      0.8095238095238095,
      1.8095238095238095,
      0.8571428571428571,
      1.8571428571428572,
      0.9047619047619048,
      1.9047619047619047,
      0.9523809523809523,
      1.9523809523809523
    ],
    "TaskName": "TODO: full task name for condassoc",
    "modality": "bold",
    "run_id": "03",
    "subject_id": "023",
    "task_id": "condassoc"
  },
  "dummy_trs": 0,
  "dvars_nstd": 17.098074275477394,
  "dvars_std": 1.1792065418090456,
  "dvars_vstd": 0.9920139104522615,
  "efc": 0.40665070172485374,
  "fber": 65823.75,
  "fd_mean": 0.05496204506438795,
  "fd_num": 0,
  "fd_perc": 0.0,
  "fwhm_avg": 3.183907140477673,
  "fwhm_x": 3.134144,
  "fwhm_y": 3.418,
  "fwhm_z": 2.999577421433018,
  "gcor": 0.0215721,
  "gsr_x": -0.015792446210980415,
  "gsr_y": 0.014932839199900627,
  "provenance": {
    "md5sum": "e5bc529b696107abec4d7ce3c243f504",
    "settings": {
      "fd_thres": 0.2,
      "hmc_fsl": false
    },
    "software": "mriqc",
    "version": "0.11.0",
    "webapi_port": null,
    "webapi_url": null
  },
  "size_t": 200,
  "size_x": 96,
  "size_y": 96,
  "size_z": 42,
  "snr": 3.096079165013347,
  "spacing_tr": 2.0,
  "spacing_x": 2.5,
  "spacing_y": 2.5,
  "spacing_z": 3.0001626014709473,
  "summary_bg_k": 38.19507495975063,
  "summary_bg_mad": 10.385628700256348,
  "summary_bg_mean": 54.11363220214844,
  "summary_bg_median": 7.565000057220459,
  "summary_bg_n": 267319.0,
  "summary_bg_p05": 0.13499999046325684,
  "summary_bg_p95": 282.63648071289026,
  "summary_bg_stdv": 171.17398071289062,
  "summary_fg_k": 1.0460663736191131,
  "summary_fg_mad": 515.9383544921875,
  "summary_fg_mean": 2082.3193359375,
  "summary_fg_median": 1990.52490234375,
  "summary_fg_n": 62061.0,
  "summary_fg_p05": 1160.4849853515625,
  "summary_fg_p95": 3318.544921875,
  "summary_fg_stdv": 642.9127807617188,
  "tsnr": 85.43251037597656
}