{
  "aor": 0.0028209,
  "aqi": 0.001665993905,
  "bids_meta": {
    "AcquisitionDateTime": "2015-10-01T15:41:45",
    "BodyPartExamined": "BRAIN",
    "ConversionSoftware": "dcm2nii",
    "ConversionSoftwareVersion": "6-2013",
    "EchoTime": 0.025,
    "FlipAngle": 75.0,
    "ImageType": "ORIGINAL_PRIMARY_EPI_NONE",
    "MagneticFieldStrength": 3.0,
    "Manufacturer": "GE MEDICAL SYSTEMS",
    "ProcedureStepDescription": "Mattfeld_WMAZE",
    "ProtocolName": "Mattfeld_WMAZE",
    "RepetitionTime": 2.0,
    "ScanningSequence": "EP_GR",
    "SequenceVariant": "S_S",
    "SliceTiming": [
      0.0,
      1.0,
      0.047619047619047616,
      1.0476190476190477,
      0.09523809523809523,
      1.0952380952380953,
      0.14285714285714285,
      1.1428571428571428,
      0.19047619047619047,
      1.1904761904761905,
      0.23809523809523808,
      1.2380952380952381,
      0.2857142857142857,
      1.2857142857142858,
      0.3333333333333333,
      1.3333333333333333,
      0.38095238095238093,
      1.380952380952381,
      0.42857142857142855,
      1.4285714285714286,
      0.47619047619047616,
      1.4761904761904763,
      0.5238095238095238,
      1.5238095238095237,
      0.5714285714285714,
      1.5714285714285714,
      0.6190476190476191,
      1.619047619047619,
      0.6666666666666666,
      1.6666666666666667,
      0.7142857142857143,
      1.7142857142857142,
      0.7619047619047619,
      1.7619047619047619,
      0.8095238095238095,
      1.8095238095238095,
      0.8571428571428571,
      1.8571428571428572,
      0.9047619047619048,
      1.9047619047619047,
      0.9523809523809523,
      1.9523809523809523
    ],
    "TaskName": "TODO: full task name for condassoc",
    "modality": "bold",
    "run_id": "06",
    "subject_id": "012",
    "task_id": "condassoc"
  },
  "dummy_trs": 0,
  "dvars_nstd": 16.199795737336682,
  "dvars_std": 1.1115750144221104,
  "dvars_vstd": 0.9897002514572867,
  "efc": 0.43405882723411887,
  "fber": 95514.90625,
  "fd_mean": 0.06370949697832144,
  "fd_num": 9,
  "fd_perc": 4.5,
  "fwhm_avg": 3.1315165636128293,
  "fwhm_x": 3.1086400000000003,
  "fwhm_y": 3.37288,
  "fwhm_z": 2.9130296908384885,
  "gcor": 0.0169838,
  "gsr_x": -0.003191933501511812,
  "gsr_y": 0.016048653051257133,
  "provenance": {
    "md5sum": "79fe80026290b2f46c343b7d7bfc8638",
    "settings": {
      "fd_thres": 0.2,
      "hmc_fsl": false
    },
    "software": "mriqc",
    "version": "0.11.0",
    "webapi_port": null,
    "webapi_url": null
  },
  "size_t": 200,
  "size_x": 96,
  "size_y": 96,
  "size_z": 42,
  "snr": 3.1853250243537863,
  "spacing_tr": 2.0,
  "spacing_x": 2.5,
  "spacing_y": 2.5,
  "spacing_z": 2.999859571456909,
  "summary_bg_k": 39.50181433194459,
  "summary_bg_mad": 8.717700958251953,
  "summary_bg_mean": 62.072845458984375,
  "summary_bg_median": 6.190000057220459,
  "summary_bg_n": 255879.0,
  "summary_bg_p05": 0.05999999865889549,
  "summary_bg_p95": 345.7974792480451,
  "summary_bg_stdv": 203.31668090820312,
  "summary_fg_k": 0.9354616359724277,
  "summary_fg_mad": 511.894287109375,
  "summary_fg_mean": 2073.79931640625,
  "summary_fg_median": 1994.260009765625,
  "summary_fg_n": 71112.0,
  "summary_fg_p05": 1154.188494873047,
  "summary_fg_p95": 3254.7934204101557,
  "summary_fg_stdv": 626.072998046875,
  "tsnr": 90.31456756591797
}