{
  "aor": 0.0009289999999999999,
  "aqi": 0.0019603346,
  "bids_meta": {
    "AcquisitionDateTime": "2015-10-22T16:19:05",
    "BodyPartExamined": "BRAIN",
    "ConversionSoftware": "dcm2nii",
    "ConversionSoftwareVersion": "6-2013",
    "EchoTime": 0.025,
    "FlipAngle": 75.0,
    "ImageType": "ORIGINAL_PRIMARY_EPI_NONE",
    "MagneticFieldStrength": 3.0,
    "Manufacturer": "GE MEDICAL SYSTEMS",
    "ProcedureStepDescription": "Mattfeld_WMAZE",
    "ProtocolName": "Mattfeld_WMAZE",
    "RepetitionTime": 2.0,
    "ScanningSequence": "EP_GR",
    "SequenceVariant": "S_S",
    "SliceTiming": [
      0.0,
      1.0,
      0.047619047619047616,
      1.0476190476190477,
      0.09523809523809523,
      1.0952380952380953,
      0.14285714285714285,
      1.1428571428571428,
      0.19047619047619047,
      1.1904761904761905,
      0.23809523809523808,
      1.2380952380952381,
      0.2857142857142857,
      1.2857142857142858,
      0.3333333333333333,
      1.3333333333333333,
      0.38095238095238093,
      1.380952380952381,
      0.42857142857142855,
      1.4285714285714286,
      0.47619047619047616,
      1.4761904761904763,
      0.5238095238095238,
      1.5238095238095237,
      0.5714285714285714,
      1.5714285714285714,
      0.6190476190476191,
      1.619047619047619,
      0.6666666666666666,
      1.6666666666666667,
      0.7142857142857143,
      1.7142857142857142,
      0.7619047619047619,
      1.7619047619047619,
      0.8095238095238095,
      1.8095238095238095,
      0.8571428571428571,
      1.8571428571428572,
      0.9047619047619048,
      1.9047619047619047,
      0.9523809523809523,
      1.9523809523809523
    ],
    "TaskName": "TODO: full task name for condassoc",
    "modality": "bold",
    "run_id": "01",
    "subject_id": "022",
    "task_id": "condassoc"
  },
  "dummy_trs": 0,
  "dvars_nstd": 16.61823478271356,
  "dvars_std": 1.1050625158291458,
  "dvars_vstd": 0.9633618181407039,
  "efc": 0.4127108903171893,
  "fber": 59834.375,
  "fd_mean": 0.06668212356215876,
  "fd_num": 5,
  "fd_perc": 2.5,
  "fwhm_avg": 3.0783726026052833,
  "fwhm_x": 3.01362,
  "fwhm_y": 3.3300759999999996,
  "fwhm_z": 2.891421807815851,
  "gcor": 0.0265278,
  "gsr_x": -0.027720097452402115,
  "gsr_y": 0.02039671689271927,
  "provenance": {
    "md5sum": "e50e631bd6688738a64ba3321f41eaa2",
    "settings": {
      "fd_thres": 0.2,
      "hmc_fsl": false
    },
    "software": "mriqc",
    "version": "0.11.0",
    "webapi_port": null,
    "webapi_url": null
  },
  "size_t": 200,
  "size_x": 96,
  "size_y": 96,
  "size_z": 42,
  "snr": 3.5443611893179114,
  "spacing_tr": 2.0,
  "spacing_x": 2.5,
  "spacing_y": 2.5,
  "spacing_z": 2.9996349811553955,
  "summary_bg_k": 39.45346216109091,
  "summary_bg_mad": 10.570954322814941,
  "summary_bg_mean": 61.59196853637695,
  "summary_bg_median": 7.619999885559082,
  "summary_bg_n": 269225.0,
  "summary_bg_p05": 0.08999999612569809,
  "summary_bg_p95": 335.29198608398417,
  "summary_bg_stdv": 182.50820922851562,
  "summary_fg_k": 0.9556712981290958,
  "summary_fg_mad": 447.44189453125,
  "summary_fg_mean": 1979.2283935546875,
  "summary_fg_median": 1917.117431640625,
  "summary_fg_n": 60438.0,
  "summary_fg_p05": 1172.0391845703125,
  "summary_fg_p95": 2977.9233520507782,
  "summary_fg_stdv": 540.8877563476562,
  "tsnr": 89.5328598022461
}