{
  "aor": 0.00120725,
  "aqi": 0.0021479876,
  "bids_meta": {
    "AcquisitionDateTime": "2015-09-24T16:11:25",
    "BodyPartExamined": "BRAIN",
    "ConversionSoftware": "dcm2nii",
    "ConversionSoftwareVersion": "6-2013",
    "EchoTime": 0.025,
    "FlipAngle": 75.0,
    "ImageType": "ORIGINAL_PRIMARY_EPI_NONE",
    "MagneticFieldStrength": 3.0,
    "Manufacturer": "GE MEDICAL SYSTEMS",
    "ProcedureStepDescription": "Mattfeld_WMAZE",
    "ProtocolName": "Mattfeld_WMAZE",
    "RepetitionTime": 2.0,
    "ScanningSequence": "EP_GR",
    "SequenceVariant": "S_S",
    "SliceTiming": [
      0.0,
      1.0,
      0.047619047619047616,
      1.0476190476190477,
      0.09523809523809523,
      1.0952380952380953,
      0.14285714285714285,
      1.1428571428571428,
      0.19047619047619047,
      1.1904761904761905,
      0.23809523809523808,
      1.2380952380952381,
      0.2857142857142857,
      1.2857142857142858,
      0.3333333333333333,
      1.3333333333333333,
      0.38095238095238093,
      1.380952380952381,
      0.42857142857142855,
      1.4285714285714286,
      0.47619047619047616,
      1.4761904761904763,
      0.5238095238095238,
      1.5238095238095237,
      0.5714285714285714,
      1.5714285714285714,
      0.6190476190476191,
      1.619047619047619,
      0.6666666666666666,
      1.6666666666666667,
      0.7142857142857143,
      1.7142857142857142,
      0.7619047619047619,
      1.7619047619047619,
      0.8095238095238095,
      1.8095238095238095,
      0.8571428571428571,
      1.8571428571428572,
      0.9047619047619048,
      1.9047619047619047,
      0.9523809523809523,
      1.9523809523809523
    ],
    "TaskName": "TODO: full task name for condassoc",
    "modality": "bold",
    "run_id": "04",
    "subject_id": "006",
    "task_id": "condassoc"
  },
  "dummy_trs": 0,
  "dvars_nstd": 18.249188437487444,
  "dvars_std": 1.198832108241206,
  "dvars_vstd": 0.9893301552763815,
  "efc": 0.4638746196173456,
  "fber": 40921.76171875,
  "fd_mean": 0.039015688531906026,
  "fd_num": 0,
  "fd_perc": 0.0,
  "fwhm_avg": 2.9001832036329716,
  "fwhm_x": 2.846388,
  "fwhm_y": 3.165744,
  "fwhm_z": 2.6884176108989135,
  "gcor": 0.00700563,
  "gsr_x": -0.017270425334572792,
  "gsr_y": 0.035017259418964386,
  "provenance": {
    "md5sum": "ac168c33e20c6a6b245fcb94bc400a42",
    "settings": {
      "fd_thres": 0.2,
      "hmc_fsl": false
    },
    "software": "mriqc",
    "version": "0.11.0",
    "webapi_port": null,
    "webapi_url": null
  },
  "size_t": 200,
  "size_x": 96,
  "size_y": 96,
  "size_z": 42,
  "snr": 3.864443782584258,
  "spacing_tr": 2.0,
  "spacing_x": 2.5,
  "spacing_y": 2.5,
  "spacing_z": 3.0000510215759277,
  "summary_bg_k": 13.92776487770982,
  "summary_bg_mad": 12.194402694702148,
  "summary_bg_mean": 120.17481231689453,
  "summary_bg_median": 8.894999504089355,
  "summary_bg_n": 263009.0,
  "summary_bg_p05": 0.2199999988079071,
  "summary_bg_p95": 829.0569824218728,
  "summary_bg_stdv": 309.6369323730469,
  "summary_fg_k": 0.9018381130446795,
  "summary_fg_mad": 421.53350830078125,
  "summary_fg_mean": 1890.12646484375,
  "summary_fg_median": 1856.21240234375,
  "summary_fg_n": 65376.0,
  "summary_fg_p05": 1164.5449523925781,
  "summary_fg_p95": 2725.6187133789062,
  "summary_fg_stdv": 480.327392578125,
  "tsnr": 89.67431640625
}