{
  "aor": 0.00100745,
  "aqi": 0.0027062794,
  "bids_meta": {
    "AcquisitionDateTime": "2015-11-12T16:55:52",
    "BodyPartExamined": "BRAIN",
    "ConversionSoftware": "dcm2nii",
    "ConversionSoftwareVersion": "6-2013",
    "EchoTime": 0.025,
    "FlipAngle": 75.0,
    "ImageType": "ORIGINAL_PRIMARY_EPI_NONE",
    "MagneticFieldStrength": 3.0,
    "Manufacturer": "GE MEDICAL SYSTEMS",
    "ProcedureStepDescription": "Mattfeld_WMAZE",
    "ProtocolName": "Mattfeld_WMAZE",
    "RepetitionTime": 2.0,
    "ScanningSequence": "EP_GR",
    "SequenceVariant": "S_S",
    "SliceTiming": [
      0.0,
      1.0,
      0.047619047619047616,
      1.0476190476190477,
      0.09523809523809523,
      1.0952380952380953,
      0.14285714285714285,
      1.1428571428571428,
      0.19047619047619047,
      1.1904761904761905,
      0.23809523809523808,
      1.2380952380952381,
      0.2857142857142857,
      1.2857142857142858,
      0.3333333333333333,
      1.3333333333333333,
      0.38095238095238093,
      1.380952380952381,
      0.42857142857142855,
      1.4285714285714286,
      0.47619047619047616,
      1.4761904761904763,
      0.5238095238095238,
      1.5238095238095237,
      0.5714285714285714,
      1.5714285714285714,
      0.6190476190476191,
      1.619047619047619,
      0.6666666666666666,
      1.6666666666666667,
      0.7142857142857143,
      1.7142857142857142,
      0.7619047619047619,
      1.7619047619047619,
      0.8095238095238095,
      1.8095238095238095,
      0.8571428571428571,
      1.8571428571428572,
      0.9047619047619048,
      1.9047619047619047,
      0.9523809523809523,
      1.9523809523809523
    ],
    "TaskName": "TODO: full task name for condassoc",
    "modality": "bold",
    "run_id": "06",
    "subject_id": "026",
    "task_id": "condassoc"
  },
  "dummy_trs": 0,
  "dvars_nstd": 17.05396345964824,
  "dvars_std": 1.084496245025126,
  "dvars_vstd": 0.9528112897989949,
  "efc": 0.4472405456509224,
  "fber": 70204.09375,
  "fd_mean": 0.04206083267105455,
  "fd_num": 0,
  "fd_perc": 0.0,
  "fwhm_avg": 3.079445383760167,
  "fwhm_x": 2.9871,
  "fwhm_y": 3.3507516804474182,
  "fwhm_z": 2.9004844708330833,
  "gcor": 0.0128889,
  "gsr_x": -0.016212208196520805,
  "gsr_y": 0.02664729580283165,
  "provenance": {
    "md5sum": "16ed1cf37e60e7f399a4d7ae009ef739",
    "settings": {
      "fd_thres": 0.2,
      "hmc_fsl": false
    },
    "software": "mriqc",
    "version": "0.11.0",
    "webapi_port": null,
    "webapi_url": null
  },
  "size_t": 200,
  "size_x": 96,
  "size_y": 96,
  "size_z": 42,
  "snr": 3.263055947803298,
  "spacing_tr": 2.0,
  "spacing_x": 2.5,
  "spacing_y": 2.500000238418579,
  "spacing_z": 3.000267744064331,
  "summary_bg_k": 34.09998801971121,
  "summary_bg_mad": 10.103934288024902,
  "summary_bg_mean": 58.28001022338867,
  "summary_bg_median": 7.170000076293945,
  "summary_bg_n": 250313.0,
  "summary_bg_p05": 0.06499999761581421,
  "summary_bg_p95": 331.1729858398436,
  "summary_bg_stdv": 174.2621612548828,
  "summary_fg_k": 1.2716942067376484,
  "summary_fg_mad": 490.674560546875,
  "summary_fg_mean": 2078.7998046875,
  "summary_fg_median": 1981.0699462890625,
  "summary_fg_n": 76225.0,
  "summary_fg_p05": 1266.5059814453125,
  "summary_fg_p95": 3239.2009765625,
  "summary_fg_stdv": 607.1170654296875,
  "tsnr": 75.82267761230469
}