{
  "bids_meta": {
    "AcquisitionDateTime": "2015-10-15T13:53:21",
    "BodyPartExamined": "BRAIN",
    "ConversionSoftware": "dcm2nii",
    "ConversionSoftwareVersion": "6-2013",
    "EchoTime": 0.00368,
    "FlipAngle": 12.0,
    "ImageType": "ORIGINAL_PRIMARY_OTHER",
    "InversionTime": 0.65,
    "MagneticFieldStrength": 3.0,
    "Manufacturer": "GE MEDICAL SYSTEMS",
    "ProcedureStepDescription": "Mattfeld_WMAZE",
    "ProtocolName": "Mattfeld_WMAZE",
    "RepetitionTime": 0.009184,
    "ScanningSequence": "G_R",
    "SequenceVariant": "SS_SK",
    "modality": "T1w",
    "run_id": "01",
    "subject_id": "019"
  },
  "cjv": 0.4785843785185681,
  "cnr": 2.7036039246766603,
  "efc": 0.6219431047542399,
  "fber": 235.74070739746094,
  "fwhm_avg": 3.565803333333333,
  "fwhm_x": 3.70801,
  "fwhm_y": 3.63035,
  "fwhm_z": 3.35905,
  "icvs_csf": 0.1796163844380421,
  "icvs_gm": 0.4058777587715896,
  "icvs_wm": 0.4145058567903683,
  "inu_med": 1.0893356800079346,
  "inu_range": 0.3130263626575469,
  "provenance": {
    "md5sum": "8c1156954206610e6396016eff8dc5f1",
    "settings": {
      "testing": false
    },
    "software": "mriqc",
    "version": "0.11.0",
    "warnings": {
      "large_rot_frame": true,
      "small_air_mask": false
    },
    "webapi_port": null,
    "webapi_url": "https://mriqc.nimh.nih.gov/api/v1"
  },
  "qi_1": 6.689464777478844e-05,
  "qi_2": 0.0010094863335129388,
  "rpve_csf": 27.269430180124406,
  "rpve_gm": 12.061434766717246,
  "rpve_wm": 13.47552223919349,
  "size_x": 186,
  "size_y": 256,
  "size_z": 256,
  "snr_csf": 3.6048863457580436,
  "snr_gm": 17.25009496839577,
  "snr_total": 13.124447305121064,
  "snr_wm": 18.518360601209377,
  "snrd_csf": 29.196909875663135,
  "snrd_gm": 56.42075513952325,
  "snrd_total": 51.95651628120919,
  "snrd_wm": 70.25188382844117,
  "spacing_x": 1.0,
  "spacing_y": 1.0,
  "spacing_z": 1.0,
  "summary_bg_k": 16.50370220777014,
  "summary_bg_mad": 9.325756072998047,
  "summary_bg_mean": 46.03609085083008,
  "summary_bg_median": 43.416954040527344,
  "summary_bg_n": 2967561.0,
  "summary_bg_p05": 29.992023468017578,
  "summary_bg_p95": 73.5964126586914,
  "summary_bg_stdv": 14.810760498046875,
  "summary_csf_k": 15.962045530032078,
  "summary_csf_mad": 75.01160430908203,
  "summary_csf_mean": 438.16961669921875,
  "summary_csf_median": 415.61309814453125,
  "summary_csf_n": 34502.0,
  "summary_csf_p05": 312.3430770874023,
  "summary_csf_p95": 623.0578674316406,
  "summary_csf_stdv": 115.28992462158203,
  "summary_gm_k": 0.5905592061928391,
  "summary_gm_mad": 44.054931640625,
  "summary_gm_mean": 804.9736938476562,
  "summary_gm_median": 803.1399536132812,
  "summary_gm_n": 25448.0,
  "summary_gm_p05": 731.7168884277344,
  "summary_gm_p95": 884.8379821777344,
  "summary_gm_stdv": 46.55766677856445,
  "summary_wm_k": 0.6233244856086961,
  "summary_wm_mad": 50.17057418823242,
  "summary_wm_mean": 1006.4879760742188,
  "summary_wm_median": 1000.0237426757812,
  "summary_wm_n": 197637.0,
  "summary_wm_p05": 931.2098632812499,
  "summary_wm_p95": 1107.7706298828123,
  "summary_wm_stdv": 54.00160598754883,
  "tpm_overlap_csf": 0.20003294944763184,
  "tpm_overlap_gm": 0.4588080644607544,
  "tpm_overlap_wm": 0.4779653549194336,
  "wm2max": 0.6180388336986115
}