{
  "bids_meta": {
    "AcquisitionDateTime": "2015-09-29T15:23:34",
    "BodyPartExamined": "BRAIN",
    "ConversionSoftware": "dcm2nii",
    "ConversionSoftwareVersion": "6-2013",
    "EchoTime": 0.00368,
    "FlipAngle": 12.0,
    "ImageType": "ORIGINAL_PRIMARY_OTHER",
    "InversionTime": 0.65,
    "MagneticFieldStrength": 3.0,
    "Manufacturer": "GE MEDICAL SYSTEMS",
    "ProcedureStepDescription": "Mattfeld_WMAZE",
    "ProtocolName": "Mattfeld_WMAZE",
    "RepetitionTime": 0.009184,
    "ScanningSequence": "G_R",
    "SequenceVariant": "SS_SK",
    "modality": "T1w",
    "run_id": "01",
    "subject_id": "008"
  },
  "cjv": 0.4327363363163919,
  "cnr": 3.0071815984731094,
  "efc": 0.5650308331860716,
  "fber": 265.1499938964844,
  "fwhm_avg": 3.60584,
  "fwhm_x": 3.67868,
  "fwhm_y": 3.70795,
  "fwhm_z": 3.43089,
  "icvs_csf": 0.16340912909594607,
  "icvs_gm": 0.39588262727498447,
  "icvs_wm": 0.44070824362906946,
  "inu_med": 1.069642186164856,
  "inu_range": 0.2619970172643661,
  "provenance": {
    "md5sum": "4eee4fb6e78e021416295e7efa07c205",
    "settings": {
      "testing": false
    },
    "software": "mriqc",
    "version": "0.11.0",
    "warnings": {
      "large_rot_frame": true,
      "small_air_mask": false
    },
    "webapi_port": null,
    "webapi_url": "https://mriqc.nimh.nih.gov/api/v1"
  },
  "qi_1": 0.004011848348935718,
  "qi_2": 0.0015129606498947318,
  "rpve_csf": 35.859596583703116,
  "rpve_gm": 15.25246544821893,
  "rpve_wm": 15.967354122156467,
  "size_x": 186,
  "size_y": 256,
  "size_z": 256,
  "snr_csf": 3.158461916815058,
  "snr_gm": 18.743181516310226,
  "snr_total": 14.65448082110557,
  "snr_wm": 22.061799030191423,
  "snrd_csf": 33.79058979421979,
  "snrd_gm": 66.55647714353027,
  "snrd_total": 60.908461544457886,
  "snrd_wm": 82.37831769562361,
  "spacing_x": 1.0,
  "spacing_y": 1.0,
  "spacing_z": 1.0,
  "summary_bg_k": 9.185918153568757,
  "summary_bg_mad": 7.953077793121338,
  "summary_bg_mean": 44.86262893676758,
  "summary_bg_median": 42.23563003540039,
  "summary_bg_n": 3421943.0,
  "summary_bg_p05": 31.50819797515869,
  "summary_bg_p95": 69.8294448852539,
  "summary_bg_stdv": 12.907133102416992,
  "summary_csf_k": 20.757356270702996,
  "summary_csf_mad": 62.993446350097656,
  "summary_csf_mean": 437.4752502441406,
  "summary_csf_median": 410.20343017578125,
  "summary_csf_n": 21667.0,
  "summary_csf_p05": 314.6865692138672,
  "summary_csf_p95": 626.94248046875,
  "summary_csf_stdv": 129.87142944335938,
  "summary_gm_k": 0.31968817320256315,
  "summary_gm_mad": 41.280799865722656,
  "summary_gm_mean": 808.3379516601562,
  "summary_gm_median": 807.9674072265625,
  "summary_gm_n": 22648.0,
  "summary_gm_p05": 738.0958740234375,
  "summary_gm_p95": 880.7508087158203,
  "summary_gm_stdv": 43.106319427490234,
  "summary_wm_k": 0.8482139050370439,
  "summary_wm_mad": 41.83505630493164,
  "summary_wm_mean": 1005.927978515625,
  "summary_wm_median": 1000.037841796875,
  "summary_wm_n": 203548.0,
  "summary_wm_p05": 943.7088348388672,
  "summary_wm_p95": 1090.8513732910155,
  "summary_wm_stdv": 45.32882308959961,
  "tpm_overlap_csf": 0.2195625603199005,
  "tpm_overlap_gm": 0.48011475801467896,
  "tpm_overlap_wm": 0.5352734327316284,
  "wm2max": 0.5378179737880461
}