{
  "aor": 0.0008643,
  "aqi": 0.0017191412,
  "bids_meta": {
    "AcquisitionDateTime": "2015-10-15T13:20:40",
    "BodyPartExamined": "BRAIN",
    "ConversionSoftware": "dcm2nii",
    "ConversionSoftwareVersion": "6-2013",
    "EchoTime": 0.025,
    "FlipAngle": 75.0,
    "ImageType": "ORIGINAL_PRIMARY_EPI_NONE",
    "MagneticFieldStrength": 3.0,
    "Manufacturer": "GE MEDICAL SYSTEMS",
    "ProcedureStepDescription": "Mattfeld_WMAZE",
    "ProtocolName": "Mattfeld_WMAZE",
    "RepetitionTime": 2.0,
    "ScanningSequence": "EP_GR",
    "SequenceVariant": "S_S",
    "SliceTiming": [
      0.0,
      1.0,
      0.047619047619047616,
      1.0476190476190477,
      0.09523809523809523,
      1.0952380952380953,
      0.14285714285714285,
      1.1428571428571428,
      0.19047619047619047,
      1.1904761904761905,
      0.23809523809523808,
      1.2380952380952381,
      0.2857142857142857,
      1.2857142857142858,
      0.3333333333333333,
      1.3333333333333333,
      0.38095238095238093,
      1.380952380952381,
      0.42857142857142855,
      1.4285714285714286,
      0.47619047619047616,
      1.4761904761904763,
      0.5238095238095238,
      1.5238095238095237,
      0.5714285714285714,
      1.5714285714285714,
      0.6190476190476191,
      1.619047619047619,
      0.6666666666666666,
      1.6666666666666667,
      0.7142857142857143,
      1.7142857142857142,
      0.7619047619047619,
      1.7619047619047619,
      0.8095238095238095,
      1.8095238095238095,
      0.8571428571428571,
      1.8571428571428572,
      0.9047619047619048,
      1.9047619047619047,
      0.9523809523809523,
      1.9523809523809523
    ],
    "TaskName": "TODO: full task name for condassoc",
    "modality": "bold",
    "run_id": "06",
    "subject_id": "018",
    "task_id": "condassoc"
  },
  "dummy_trs": 0,
  "dvars_nstd": 17.283450610653254,
  "dvars_std": 1.1786850816582919,
  "dvars_vstd": 0.9919577685929654,
  "efc": 0.4407282371003946,
  "fber": 69473.5078125,
  "fd_mean": 0.022395309907071063,
  "fd_num": 0,
  "fd_perc": 0.0,
  "fwhm_avg": 3.0521431856177528,
  "fwhm_x": 3.029836,
  "fwhm_y": 3.332432,
  "fwhm_z": 2.7941615568532585,
  "gcor": 0.0235034,
  "gsr_x": -0.007658008951693773,
  "gsr_y": 0.01885071210563183,
  "provenance": {
    "md5sum": "4a708cb392a84737bc8045a41c6497d6",
    "settings": {
      "fd_thres": 0.2,
      "hmc_fsl": false
    },
    "software": "mriqc",
    "version": "0.11.0",
    "webapi_port": null,
    "webapi_url": null
  },
  "size_t": 200,
  "size_x": 96,
  "size_y": 96,
  "size_z": 42,
  "snr": 3.3448811542662766,
  "spacing_tr": 2.0,
  "spacing_x": 2.5,
  "spacing_y": 2.5,
  "spacing_z": 3.000001907348633,
  "summary_bg_k": 18.328527987088947,
  "summary_bg_mad": 10.08910846710205,
  "summary_bg_mean": 102.34481048583984,
  "summary_bg_median": 7.21999979019165,
  "summary_bg_n": 263739.0,
  "summary_bg_p05": 0.11999999731779099,
  "summary_bg_p95": 741.0714965820287,
  "summary_bg_stdv": 298.69647216796875,
  "summary_fg_k": 0.9460197827156103,
  "summary_fg_mad": 468.613525390625,
  "summary_fg_mean": 2019.35791015625,
  "summary_fg_median": 1942.364990234375,
  "summary_fg_n": 65092.0,
  "summary_fg_p05": 1186.7254638671875,
  "summary_fg_p95": 3120.957775878906,
  "summary_fg_stdv": 580.6932983398438,
  "tsnr": 91.13755798339844
}