{
  "aor": 0.00083655,
  "aqi": 0.0021461348,
  "bids_meta": {
    "AcquisitionDateTime": "2015-10-01T12:03:52",
    "BodyPartExamined": "BRAIN",
    "ConversionSoftware": "dcm2nii",
    "ConversionSoftwareVersion": "6-2013",
    "EchoTime": 0.025,
    "FlipAngle": 75.0,
    "ImageType": "ORIGINAL_PRIMARY_EPI_NONE",
    "MagneticFieldStrength": 3.0,
    "Manufacturer": "GE MEDICAL SYSTEMS",
    "ProcedureStepDescription": "Mattfeld_WMAZE",
    "ProtocolName": "Mattfeld_WMAZE",
    "RepetitionTime": 2.0,
    "ScanningSequence": "EP_GR",
    "SequenceVariant": "S_S",
    "SliceTiming": [
      0.0,
      1.0,
      0.047619047619047616,
      1.0476190476190477,
      0.09523809523809523,
      1.0952380952380953,
      0.14285714285714285,
      1.1428571428571428,
      0.19047619047619047,
      1.1904761904761905,
      0.23809523809523808,
      1.2380952380952381,
      0.2857142857142857,
      1.2857142857142858,
      0.3333333333333333,
      1.3333333333333333,
      0.38095238095238093,
      1.380952380952381,
      0.42857142857142855,
      1.4285714285714286,
      0.47619047619047616,
      1.4761904761904763,
      0.5238095238095238,
      1.5238095238095237,
      0.5714285714285714,
      1.5714285714285714,
      0.6190476190476191,
      1.619047619047619,
      0.6666666666666666,
      1.6666666666666667,
      0.7142857142857143,
      1.7142857142857142,
      0.7619047619047619,
      1.7619047619047619,
      0.8095238095238095,
      1.8095238095238095,
      0.8571428571428571,
      1.8571428571428572,
      0.9047619047619048,
      1.9047619047619047,
      0.9523809523809523,
      1.9523809523809523
    ],
    "TaskName": "TODO: full task name for condassoc",
    "modality": "bold",
    "run_id": "04",
    "subject_id": "010",
    "task_id": "condassoc"
  },
  "dummy_trs": 0,
  "dvars_nstd": 17.082526513618095,
  "dvars_std": 1.1096457919597997,
  "dvars_vstd": 0.9733659977889446,
  "efc": 0.4062830645165396,
  "fber": 55718.9140625,
  "fd_mean": 0.04913486120076972,
  "fd_num": 0,
  "fd_perc": 0.0,
  "fwhm_avg": 3.0448661949986477,
  "fwhm_x": 2.969856,
  "fwhm_y": 3.1972639999999997,
  "fwhm_z": 2.9674785849959444,
  "gcor": 0.0190094,
  "gsr_x": -0.01575954630970955,
  "gsr_y": 0.015055685304105282,
  "provenance": {
    "md5sum": "b8f62e843a769856ae0863ee5aa69060",
    "settings": {
      "fd_thres": 0.2,
      "hmc_fsl": false
    },
    "software": "mriqc",
    "version": "0.11.0",
    "webapi_port": null,
    "webapi_url": null
  },
  "size_t": 200,
  "size_x": 96,
  "size_y": 96,
  "size_z": 42,
  "snr": 3.5930581177043224,
  "spacing_tr": 2.0,
  "spacing_x": 2.5,
  "spacing_y": 2.5,
  "spacing_z": 3.0000014305114746,
  "summary_bg_k": 50.86982015528985,
  "summary_bg_mad": 11.519819259643555,
  "summary_bg_mean": 52.57371520996094,
  "summary_bg_median": 8.295000076293945,
  "summary_bg_n": 269868.0,
  "summary_bg_p05": 0.11499999463558197,
  "summary_bg_p95": 264.1697433471679,
  "summary_bg_stdv": 159.0067138671875,
  "summary_fg_k": 1.0094397471327428,
  "summary_fg_mad": 466.9753723144531,
  "summary_fg_mean": 2071.336669921875,
  "summary_fg_median": 2008.7049560546875,
  "summary_fg_n": 60485.0,
  "summary_fg_p05": 1245.1439697265625,
  "summary_fg_p95": 3092.1109863281245,
  "summary_fg_stdv": 559.0469970703125,
  "tsnr": 86.08460998535156
}