{
  "bids_meta": {
    "AcquisitionDateTime": "2015-11-11T15:14:56",
    "BodyPartExamined": "BRAIN",
    "ConversionSoftware": "dcm2nii",
    "ConversionSoftwareVersion": "6-2013",
    "EchoTime": 0.00368,
    "FlipAngle": 12.0,
    "ImageType": "ORIGINAL_PRIMARY_OTHER",
    "InversionTime": 0.65,
    "MagneticFieldStrength": 3.0,
    "Manufacturer": "GE MEDICAL SYSTEMS",
    "ProcedureStepDescription": "Mattfeld_WMAZE",
    "ProtocolName": "Mattfeld_WMAZE",
    "RepetitionTime": 0.009184,
    "ScanningSequence": "G_R",
    "SequenceVariant": "SS_SK",
    "modality": "T1w",
    "run_id": "01",
    "subject_id": "024"
  },
  "cjv": 0.40219549009089955,
  "cnr": 3.2568100157287914,
  "efc": 0.6838503756701417,
  "fber": 31996.423828125,
  "fwhm_avg": 3.90517,
  "fwhm_x": 4.08909,
  "fwhm_y": 3.92635,
  "fwhm_z": 3.70007,
  "icvs_csf": 0.18665681077302784,
  "icvs_gm": 0.4544229653350565,
  "icvs_wm": 0.35892022389191564,
  "inu_med": 0.8035795092582703,
  "inu_range": 0.1716071635484695,
  "provenance": {
    "md5sum": "70c1fd0c6705153c19ec57a297d0e0da",
    "settings": {
      "testing": false
    },
    "software": "mriqc",
    "version": "0.11.0",
    "warnings": {
      "large_rot_frame": true,
      "small_air_mask": false
    },
    "webapi_port": null,
    "webapi_url": "https://mriqc.nimh.nih.gov/api/v1"
  },
  "qi_1": 0.0,
  "qi_2": 0.0023635606431683664,
  "rpve_csf": 32.30587203505947,
  "rpve_gm": 14.816051742674174,
  "rpve_wm": 21.268833325725684,
  "size_x": 186,
  "size_y": 256,
  "size_z": 256,
  "snr_csf": 4.091760769544301,
  "snr_gm": 13.519300214712402,
  "snr_total": 13.697763532021023,
  "snr_wm": 23.482229611806364,
  "snrd_csf": 69.01830810486061,
  "snrd_gm": 145.4465548424126,
  "snrd_total": 134.88899549519962,
  "snrd_wm": 190.20212353832562,
  "spacing_x": 1.0,
  "spacing_y": 1.0,
  "spacing_z": 1.0,
  "summary_bg_k": 4.1530460142363514,
  "summary_bg_mad": 3.4444236755371094,
  "summary_bg_mean": 10.097555160522461,
  "summary_bg_median": 3.17958927154541,
  "summary_bg_n": 799822.0,
  "summary_bg_p05": 0.7296043545007705,
  "summary_bg_p95": 43.743893432617185,
  "summary_bg_stdv": 14.397903442382812,
  "summary_csf_k": 1.7191120375073048,
  "summary_csf_mad": 64.2938461303711,
  "summary_csf_mean": 383.90228271484375,
  "summary_csf_median": 362.868408203125,
  "summary_csf_n": 22761.0,
  "summary_csf_p05": 274.92242431640625,
  "summary_csf_p95": 563.9124755859375,
  "summary_csf_stdv": 88.68075561523438,
  "summary_gm_k": 0.08861412702007287,
  "summary_gm_mad": 55.14838790893555,
  "summary_gm_mean": 765.7623901367188,
  "summary_gm_median": 764.695068359375,
  "summary_gm_n": 31267.0,
  "summary_gm_p05": 674.013818359375,
  "summary_gm_p95": 862.1084472656248,
  "summary_gm_stdv": 56.56230926513672,
  "summary_wm_k": 0.5172142799880284,
  "summary_wm_mad": 39.49039077758789,
  "summary_wm_mean": 999.0196533203125,
  "summary_wm_median": 1000.00048828125,
  "summary_wm_n": 186211.0,
  "summary_wm_p05": 926.8139343261719,
  "summary_wm_p95": 1067.8699340820312,
  "summary_wm_stdv": 42.58530044555664,
  "tpm_overlap_csf": 0.2510460317134857,
  "tpm_overlap_gm": 0.5399341583251953,
  "tpm_overlap_wm": 0.5774787068367004,
  "wm2max": 0.6114972463278017
}