{
  "aor": 0.0011895500000000002,
  "aqi": 0.0014612428399999999,
  "bids_meta": {
    "AcquisitionDateTime": "2015-11-12T16:48:01",
    "BodyPartExamined": "BRAIN",
    "ConversionSoftware": "dcm2nii",
    "ConversionSoftwareVersion": "6-2013",
    "EchoTime": 0.025,
    "FlipAngle": 75.0,
    "ImageType": "ORIGINAL_PRIMARY_EPI_NONE",
    "MagneticFieldStrength": 3.0,
    "Manufacturer": "GE MEDICAL SYSTEMS",
    "ProcedureStepDescription": "Mattfeld_WMAZE",
    "ProtocolName": "Mattfeld_WMAZE",
    "RepetitionTime": 2.0,
    "ScanningSequence": "EP_GR",
    "SequenceVariant": "S_S",
    "SliceTiming": [
      0.0,
      1.0,
      0.047619047619047616,
      1.0476190476190477,
      0.09523809523809523,
      1.0952380952380953,
      0.14285714285714285,
      1.1428571428571428,
      0.19047619047619047,
      1.1904761904761905,
      0.23809523809523808,
      1.2380952380952381,
      0.2857142857142857,
      1.2857142857142858,
      0.3333333333333333,
      1.3333333333333333,
      0.38095238095238093,
      1.380952380952381,
      0.42857142857142855,
      1.4285714285714286,
      0.47619047619047616,
      1.4761904761904763,
      0.5238095238095238,
      1.5238095238095237,
      0.5714285714285714,
      1.5714285714285714,
      0.6190476190476191,
      1.619047619047619,
      0.6666666666666666,
      1.6666666666666667,
      0.7142857142857143,
      1.7142857142857142,
      0.7619047619047619,
      1.7619047619047619,
      0.8095238095238095,
      1.8095238095238095,
      0.8571428571428571,
      1.8571428571428572,
      0.9047619047619048,
      1.9047619047619047,
      0.9523809523809523,
      1.9523809523809523
    ],
    "TaskName": "TODO: full task name for condassoc",
    "modality": "bold",
    "run_id": "05",
    "subject_id": "026",
    "task_id": "condassoc"
  },
  "dummy_trs": 0,
  "dvars_nstd": 17.123990509195984,
  "dvars_std": 1.1642754622110556,
  "dvars_vstd": 0.9987187346733669,
  "efc": 0.447364921338288,
  "fber": 72391.21875,
  "fd_mean": 0.03905755706456743,
  "fd_num": 0,
  "fd_perc": 0.0,
  "fwhm_avg": 3.0628088564025924,
  "fwhm_x": 2.9779679999999997,
  "fwhm_y": 3.3370516817539517,
  "fwhm_z": 2.8734068874538257,
  "gcor": 0.0150866,
  "gsr_x": -0.016459552571177483,
  "gsr_y": 0.026683522388339043,
  "provenance": {
    "md5sum": "a81db1ae856a34de89a4fe566fc6adc4",
    "settings": {
      "fd_thres": 0.2,
      "hmc_fsl": false
    },
    "software": "mriqc",
    "version": "0.11.0",
    "webapi_port": null,
    "webapi_url": null
  },
  "size_t": 200,
  "size_x": 96,
  "size_y": 96,
  "size_z": 42,
  "snr": 3.275572035673226,
  "spacing_tr": 2.0,
  "spacing_x": 2.5,
  "spacing_y": 2.500000238418579,
  "spacing_z": 3.000267744064331,
  "summary_bg_k": 34.71083028126411,
  "summary_bg_mad": 9.970499992370605,
  "summary_bg_mean": 58.001434326171875,
  "summary_bg_median": 7.074999809265137,
  "summary_bg_n": 250026.0,
  "summary_bg_p05": 0.06499999761581421,
  "summary_bg_p95": 332.03873443603516,
  "summary_bg_stdv": 174.80792236328125,
  "summary_fg_k": 1.3105080814434587,
  "summary_fg_mad": 489.4884033203125,
  "summary_fg_mean": 2076.202880859375,
  "summary_fg_median": 1978.74755859375,
  "summary_fg_n": 76356.0,
  "summary_fg_p05": 1266.6537780761719,
  "summary_fg_p95": 3225.7337036132812,
  "summary_fg_stdv": 604.0882568359375,
  "tsnr": 97.02900695800781
}