{
  "bids_meta": {
    "AcquisitionDateTime": "2015-09-24T17:07:33",
    "BodyPartExamined": "BRAIN",
    "ConversionSoftware": "dcm2nii",
    "ConversionSoftwareVersion": "6-2013",
    "EchoTime": 0.00368,
    "FlipAngle": 12.0,
    "ImageType": "ORIGINAL_PRIMARY_OTHER",
    "InversionTime": 0.65,
    "MagneticFieldStrength": 3.0,
    "Manufacturer": "GE MEDICAL SYSTEMS",
    "ProcedureStepDescription": "Mattfeld_WMAZE",
    "ProtocolName": "Mattfeld_WMAZE",
    "RepetitionTime": 0.009184,
    "ScanningSequence": "G_R",
    "SequenceVariant": "SS_SK",
    "modality": "T1w",
    "run_id": "01",
    "subject_id": "007"
  },
  "cjv": 0.5208045912499984,
  "cnr": 2.505648410063506,
  "efc": 0.6174027794794559,
  "fber": 216.37840270996094,
  "fwhm_avg": 3.55981,
  "fwhm_x": 3.72678,
  "fwhm_y": 3.63662,
  "fwhm_z": 3.31603,
  "icvs_csf": 0.21083038847246907,
  "icvs_gm": 0.3948527073599587,
  "icvs_wm": 0.39431690416757226,
  "inu_med": 1.0999717712402344,
  "inu_range": 0.2805155396461486,
  "provenance": {
    "md5sum": "66352400abe639d00f579c4c132052b7",
    "settings": {
      "testing": false
    },
    "software": "mriqc",
    "version": "0.11.0",
    "warnings": {
      "large_rot_frame": true,
      "small_air_mask": false
    },
    "webapi_port": null,
    "webapi_url": "https://mriqc.nimh.nih.gov/api/v1"
  },
  "qi_1": 0.0013610684737817577,
  "qi_2": 0.0010508378003770958,
  "rpve_csf": 25.344660946002513,
  "rpve_gm": 13.192309721904628,
  "rpve_wm": 15.422694551821104,
  "size_x": 186,
  "size_y": 256,
  "size_z": 256,
  "snr_csf": 4.79645461365376,
  "snr_gm": 16.69184576161294,
  "snr_total": 13.030352475663143,
  "snr_wm": 17.602757051722733,
  "snrd_csf": 28.624876407063827,
  "snrd_gm": 59.85089698346603,
  "snrd_total": 54.14768939597693,
  "snrd_wm": 73.96729479740094,
  "spacing_x": 1.0,
  "spacing_y": 1.0,
  "spacing_z": 1.0,
  "summary_bg_k": 11.0857909622963,
  "summary_bg_mad": 8.857446670532227,
  "summary_bg_mean": 48.183067321777344,
  "summary_bg_median": 45.616127014160156,
  "summary_bg_n": 2896856.0,
  "summary_bg_p05": 32.48208045959473,
  "summary_bg_p95": 74.3214111328125,
  "summary_bg_stdv": 14.975918769836426,
  "summary_csf_k": 5.287290166921467,
  "summary_csf_mad": 58.61396026611328,
  "summary_csf_mean": 402.1640930175781,
  "summary_csf_median": 387.0084533691406,
  "summary_csf_n": 41869.0,
  "summary_csf_p05": 300.45184326171875,
  "summary_csf_p95": 563.6073120117186,
  "summary_csf_stdv": 80.68539428710938,
  "summary_gm_k": 0.2544406991197863,
  "summary_gm_mad": 47.81220245361328,
  "summary_gm_mean": 810.77490234375,
  "summary_gm_median": 809.1843872070312,
  "summary_gm_n": 19133.0,
  "summary_gm_p05": 734.3274536132812,
  "summary_gm_p95": 892.5347167968749,
  "summary_gm_stdv": 48.476558685302734,
  "summary_wm_k": 1.1339185172411952,
  "summary_wm_mad": 51.58531188964844,
  "summary_wm_mean": 1008.2413940429688,
  "summary_wm_median": 1000.0381469726562,
  "summary_wm_n": 192551.0,
  "summary_wm_p05": 931.3851623535156,
  "summary_wm_p95": 1115.6732177734375,
  "summary_wm_stdv": 56.811302185058594,
  "tpm_overlap_csf": 0.22176234424114227,
  "tpm_overlap_gm": 0.4652262032032013,
  "tpm_overlap_wm": 0.5170867443084717,
  "wm2max": 0.5376800259375197
}