{
  "aor": 0.0018660999999999999,
  "aqi": 0.0016404007200000001,
  "bids_meta": {
    "AcquisitionDateTime": "2015-09-21T17:33:54",
    "BodyPartExamined": "BRAIN",
    "ConversionSoftware": "dcm2nii",
    "ConversionSoftwareVersion": "6-2013",
    "EchoTime": 0.025,
    "FlipAngle": 75.0,
    "ImageType": "ORIGINAL_PRIMARY_EPI_NONE",
    "MagneticFieldStrength": 3.0,
    "Manufacturer": "GE MEDICAL SYSTEMS",
    "ProcedureStepDescription": "Mattfeld_WMAZE",
    "ProtocolName": "Mattfeld_WMAZE",
    "RepetitionTime": 2.0,
    "ScanningSequence": "EP_GR",
    "SequenceVariant": "S_S",
    "SliceTiming": [
      0.0,
      1.0,
      0.047619047619047616,
      1.0476190476190477,
      0.09523809523809523,
      1.0952380952380953,
      0.14285714285714285,
      1.1428571428571428,
      0.19047619047619047,
      1.1904761904761905,
      0.23809523809523808,
      1.2380952380952381,
      0.2857142857142857,
      1.2857142857142858,
      0.3333333333333333,
      1.3333333333333333,
      0.38095238095238093,
      1.380952380952381,
      0.42857142857142855,
      1.4285714285714286,
      0.47619047619047616,
      1.4761904761904763,
      0.5238095238095238,
      1.5238095238095237,
      0.5714285714285714,
      1.5714285714285714,
      0.6190476190476191,
      1.619047619047619,
      0.6666666666666666,
      1.6666666666666667,
      0.7142857142857143,
      1.7142857142857142,
      0.7619047619047619,
      1.7619047619047619,
      0.8095238095238095,
      1.8095238095238095,
      0.8571428571428571,
      1.8571428571428572,
      0.9047619047619048,
      1.9047619047619047,
      0.9523809523809523,
      1.9523809523809523
    ],
    "TaskName": "TODO: full task name for condassoc",
    "modality": "bold",
    "run_id": "03",
    "subject_id": "005",
    "task_id": "condassoc"
  },
  "dummy_trs": 0,
  "dvars_nstd": 18.146755170552773,
  "dvars_std": 1.1583302902512567,
  "dvars_vstd": 0.9935735692462321,
  "efc": 0.4538511225841603,
  "fber": 79908.859375,
  "fd_mean": 0.06657691319837471,
  "fd_num": 6,
  "fd_perc": 3.0,
  "fwhm_avg": 3.173281808276005,
  "fwhm_x": 3.0614999999999997,
  "fwhm_y": 3.4088920000000003,
  "fwhm_z": 3.0494534248280143,
  "gcor": 0.00850559,
  "gsr_x": -0.005710757337510586,
  "gsr_y": 0.017361829057335854,
  "provenance": {
    "md5sum": "c03f374561b368860f564a62e4667c1c",
    "settings": {
      "fd_thres": 0.2,
      "hmc_fsl": false
    },
    "software": "mriqc",
    "version": "0.11.0",
    "webapi_port": null,
    "webapi_url": null
  },
  "size_t": 200,
  "size_x": 96,
  "size_y": 96,
  "size_z": 42,
  "snr": 3.1586045645485332,
  "spacing_tr": 2.0,
  "spacing_x": 2.5,
  "spacing_y": 2.5,
  "spacing_z": 2.9997146129608154,
  "summary_bg_k": 28.0555331591203,
  "summary_bg_mad": 9.370046615600586,
  "summary_bg_mean": 65.8356704711914,
  "summary_bg_median": 6.62999963760376,
  "summary_bg_n": 250938.0,
  "summary_bg_p05": 0.07499999552965164,
  "summary_bg_p95": 414.0709991455076,
  "summary_bg_stdv": 191.55215454101562,
  "summary_fg_k": 1.0337910017817018,
  "summary_fg_mad": 524.8413696289062,
  "summary_fg_mean": 2060.986572265625,
  "summary_fg_median": 1967.1649169921875,
  "summary_fg_n": 76663.0,
  "summary_fg_p05": 1205.0050048828125,
  "summary_fg_p95": 3242.5435302734368,
  "summary_fg_stdv": 622.79150390625,
  "tsnr": 89.23587036132812
}