{
  "aor": 0.0011087,
  "aqi": 0.0018464703899999998,
  "bids_meta": {
    "AcquisitionDateTime": "2015-11-02T14:04:03",
    "BodyPartExamined": "BRAIN",
    "ConversionSoftware": "dcm2nii",
    "ConversionSoftwareVersion": "6-2013",
    "EchoTime": 0.025,
    "FlipAngle": 75.0,
    "ImageType": "ORIGINAL_PRIMARY_EPI_NONE",
    "MagneticFieldStrength": 3.0,
    "Manufacturer": "GE MEDICAL SYSTEMS",
    "ProcedureStepDescription": "Mattfeld_WMAZE",
    "ProtocolName": "Mattfeld_WMAZE",
    "RepetitionTime": 2.0,
    "ScanningSequence": "EP_GR",
    "SequenceVariant": "S_S",
    "SliceTiming": [
      0.0,
      1.0,
      0.047619047619047616,
      1.0476190476190477,
      0.09523809523809523,
      1.0952380952380953,
      0.14285714285714285,
      1.1428571428571428,
      0.19047619047619047,
      1.1904761904761905,
      0.23809523809523808,
      1.2380952380952381,
      0.2857142857142857,
      1.2857142857142858,
      0.3333333333333333,
      1.3333333333333333,
      0.38095238095238093,
      1.380952380952381,
      0.42857142857142855,
      1.4285714285714286,
      0.47619047619047616,
      1.4761904761904763,
      0.5238095238095238,
      1.5238095238095237,
      0.5714285714285714,
      1.5714285714285714,
      0.6190476190476191,
      1.619047619047619,
      0.6666666666666666,
      1.6666666666666667,
      0.7142857142857143,
      1.7142857142857142,
      0.7619047619047619,
      1.7619047619047619,
      0.8095238095238095,
      1.8095238095238095,
      0.8571428571428571,
      1.8571428571428572,
      0.9047619047619048,
      1.9047619047619047,
      0.9523809523809523,
      1.9523809523809523
    ],
    "TaskName": "TODO: full task name for condassoc",
    "modality": "bold",
    "run_id": "01",
    "subject_id": "023",
    "task_id": "condassoc"
  },
  "dummy_trs": 0,
  "dvars_nstd": 16.534031863316585,
  "dvars_std": 1.1654322325125628,
  "dvars_vstd": 0.976418907236181,
  "efc": 0.40497852276183416,
  "fber": 64673.68359375,
  "fd_mean": 0.03993831675974532,
  "fd_num": 0,
  "fd_perc": 0.0,
  "fwhm_avg": 3.167133332878985,
  "fwhm_x": 3.124936,
  "fwhm_y": 3.387536,
  "fwhm_z": 2.9889279986369552,
  "gcor": 0.0209922,
  "gsr_x": -0.015673529356718063,
  "gsr_y": 0.01469687931239605,
  "provenance": {
    "md5sum": "b26858f9f69410b8b733ff170f0c87b1",
    "settings": {
      "fd_thres": 0.2,
      "hmc_fsl": false
    },
    "software": "mriqc",
    "version": "0.11.0",
    "webapi_port": null,
    "webapi_url": null
  },
  "size_t": 200,
  "size_x": 96,
  "size_y": 96,
  "size_z": 42,
  "snr": 3.120215645089839,
  "spacing_tr": 2.0,
  "spacing_x": 2.5,
  "spacing_y": 2.5,
  "spacing_z": 3.0001626014709473,
  "summary_bg_k": 37.560655936732005,
  "summary_bg_mad": 10.541301727294922,
  "summary_bg_mean": 53.88189697265625,
  "summary_bg_median": 7.679999828338623,
  "summary_bg_n": 268057.0,
  "summary_bg_p05": 0.14999999105930328,
  "summary_bg_p95": 280.90198974609314,
  "summary_bg_stdv": 169.81256103515625,
  "summary_fg_k": 1.042492418487556,
  "summary_fg_mad": 518.087890625,
  "summary_fg_mean": 2088.88134765625,
  "summary_fg_median": 1999.639892578125,
  "summary_fg_n": 61510.0,
  "summary_fg_p05": 1167.5729492187502,
  "summary_fg_p95": 3322.1443847656237,
  "summary_fg_stdv": 640.8607177734375,
  "tsnr": 89.72511291503906
}