{
  "aor": 0.0015648499999999998,
  "aqi": 0.00193930736,
  "bids_meta": {
    "AcquisitionDateTime": "2015-10-21T14:18:49",
    "BodyPartExamined": "BRAIN",
    "ConversionSoftware": "dcm2nii",
    "ConversionSoftwareVersion": "6-2013",
    "EchoTime": 0.025,
    "FlipAngle": 75.0,
    "ImageType": "ORIGINAL_PRIMARY_EPI_NONE",
    "MagneticFieldStrength": 3.0,
    "Manufacturer": "GE MEDICAL SYSTEMS",
    "ProcedureStepDescription": "Mattfeld_WMAZE",
    "ProtocolName": "Mattfeld_WMAZE",
    "RepetitionTime": 2.0,
    "ScanningSequence": "EP_GR",
    "SequenceVariant": "S_S",
    "SliceTiming": [
      0.0,
      1.0,
      0.047619047619047616,
      1.0476190476190477,
      0.09523809523809523,
      1.0952380952380953,
      0.14285714285714285,
      1.1428571428571428,
      0.19047619047619047,
      1.1904761904761905,
      0.23809523809523808,
      1.2380952380952381,
      0.2857142857142857,
      1.2857142857142858,
      0.3333333333333333,
      1.3333333333333333,
      0.38095238095238093,
      1.380952380952381,
      0.42857142857142855,
      1.4285714285714286,
      0.47619047619047616,
      1.4761904761904763,
      0.5238095238095238,
      1.5238095238095237,
      0.5714285714285714,
      1.5714285714285714,
      0.6190476190476191,
      1.619047619047619,
      0.6666666666666666,
      1.6666666666666667,
      0.7142857142857143,
      1.7142857142857142,
      0.7619047619047619,
      1.7619047619047619,
      0.8095238095238095,
      1.8095238095238095,
      0.8571428571428571,
      1.8571428571428572,
      0.9047619047619048,
      1.9047619047619047,
      0.9523809523809523,
      1.9523809523809523
    ],
    "TaskName": "TODO: full task name for condassoc",
    "modality": "bold",
    "run_id": "03",
    "subject_id": "020",
    "task_id": "condassoc"
  },
  "dummy_trs": 0,
  "dvars_nstd": 14.980162079045227,
  "dvars_std": 1.0991673896482408,
  "dvars_vstd": 0.9900647064321617,
  "efc": 0.4269688945680891,
  "fber": 89489.6796875,
  "fd_mean": 0.06609410270529695,
  "fd_num": 6,
  "fd_perc": 3.0,
  "fwhm_avg": 3.1666139493907686,
  "fwhm_x": 3.068752,
  "fwhm_y": 3.470296,
  "fwhm_z": 2.960793848172306,
  "gcor": 0.0309817,
  "gsr_x": -0.0198016669601202,
  "gsr_y": 0.018390441313385963,
  "provenance": {
    "md5sum": "6d23e3f1fa7d5bf680e3addd84d5615e",
    "settings": {
      "fd_thres": 0.2,
      "hmc_fsl": false
    },
    "software": "mriqc",
    "version": "0.11.0",
    "webapi_port": null,
    "webapi_url": null
  },
  "size_t": 200,
  "size_x": 96,
  "size_y": 96,
  "size_z": 42,
  "snr": 3.1690907119949383,
  "spacing_tr": 2.0,
  "spacing_x": 2.5,
  "spacing_y": 2.5,
  "spacing_z": 2.999861001968384,
  "summary_bg_k": 29.051422750109182,
  "summary_bg_mad": 9.384872436523438,
  "summary_bg_mean": 67.82848358154297,
  "summary_bg_median": 6.659999847412109,
  "summary_bg_n": 261632.0,
  "summary_bg_p05": 0.07999999821186066,
  "summary_bg_p95": 414.2672363281249,
  "summary_bg_stdv": 202.25177001953125,
  "summary_fg_k": 1.0451889746868535,
  "summary_fg_mad": 531.6611328125,
  "summary_fg_mean": 2148.53271484375,
  "summary_fg_median": 2045.89990234375,
  "summary_fg_n": 66913.0,
  "summary_fg_p05": 1255.8189697265625,
  "summary_fg_p95": 3390.2439453124994,
  "summary_fg_stdv": 645.5746459960938,
  "tsnr": 86.18919372558594
}