{
  "aor": 0.00625535,
  "aqi": 0.00196250395,
  "bids_meta": {
    "AcquisitionDateTime": "2015-10-01T15:33:52",
    "BodyPartExamined": "BRAIN",
    "ConversionSoftware": "dcm2nii",
    "ConversionSoftwareVersion": "6-2013",
    "EchoTime": 0.025,
    "FlipAngle": 75.0,
    "ImageType": "ORIGINAL_PRIMARY_EPI_NONE",
    "MagneticFieldStrength": 3.0,
    "Manufacturer": "GE MEDICAL SYSTEMS",
    "ProcedureStepDescription": "Mattfeld_WMAZE",
    "ProtocolName": "Mattfeld_WMAZE",
    "RepetitionTime": 2.0,
    "ScanningSequence": "EP_GR",
    "SequenceVariant": "S_S",
    "SliceTiming": [
      0.0,
      1.0,
      0.047619047619047616,
      1.0476190476190477,
      0.09523809523809523,
      1.0952380952380953,
      0.14285714285714285,
      1.1428571428571428,
      0.19047619047619047,
      1.1904761904761905,
      0.23809523809523808,
      1.2380952380952381,
      0.2857142857142857,
      1.2857142857142858,
      0.3333333333333333,
      1.3333333333333333,
      0.38095238095238093,
      1.380952380952381,
      0.42857142857142855,
      1.4285714285714286,
      0.47619047619047616,
      1.4761904761904763,
      0.5238095238095238,
      1.5238095238095237,
      0.5714285714285714,
      1.5714285714285714,
      0.6190476190476191,
      1.619047619047619,
      0.6666666666666666,
      1.6666666666666667,
      0.7142857142857143,
      1.7142857142857142,
      0.7619047619047619,
      1.7619047619047619,
      0.8095238095238095,
      1.8095238095238095,
      0.8571428571428571,
      1.8571428571428572,
      0.9047619047619048,
      1.9047619047619047,
      0.9523809523809523,
      1.9523809523809523
    ],
    "TaskName": "TODO: full task name for condassoc",
    "modality": "bold",
    "run_id": "05",
    "subject_id": "012",
    "task_id": "condassoc"
  },
  "dummy_trs": 0,
  "dvars_nstd": 17.0424066237186,
  "dvars_std": 1.1250346540703522,
  "dvars_vstd": 1.0157082632160792,
  "efc": 0.43436003721166244,
  "fber": 96754.9375,
  "fd_mean": 0.08686168426110408,
  "fd_num": 13,
  "fd_perc": 6.5,
  "fwhm_avg": 3.1388211745735664,
  "fwhm_x": 3.10982,
  "fwhm_y": 3.397184,
  "fwhm_z": 2.909459523720699,
  "gcor": 0.0231944,
  "gsr_x": -0.003005929756909609,
  "gsr_y": 0.016230963170528412,
  "provenance": {
    "md5sum": "959f23b9493037c4159165cac9801626",
    "settings": {
      "fd_thres": 0.2,
      "hmc_fsl": false
    },
    "software": "mriqc",
    "version": "0.11.0",
    "webapi_port": null,
    "webapi_url": null
  },
  "size_t": 200,
  "size_x": 96,
  "size_y": 96,
  "size_z": 42,
  "snr": 3.186117500176918,
  "spacing_tr": 2.0,
  "spacing_x": 2.5,
  "spacing_y": 2.5,
  "spacing_z": 2.999859571456909,
  "summary_bg_k": 39.354510653855314,
  "summary_bg_mad": 8.636157989501953,
  "summary_bg_mean": 61.53775405883789,
  "summary_bg_median": 6.12999963760376,
  "summary_bg_n": 255540.0,
  "summary_bg_p05": 0.05999999865889549,
  "summary_bg_p95": 341.15649871826133,
  "summary_bg_stdv": 201.61636352539062,
  "summary_fg_k": 0.9160177085121899,
  "summary_fg_mad": 511.37164306640625,
  "summary_fg_mean": 2066.6162109375,
  "summary_fg_median": 1988.9149169921875,
  "summary_fg_n": 71379.0,
  "summary_fg_p05": 1144.0394287109375,
  "summary_fg_p95": 3243.585449218749,
  "summary_fg_stdv": 624.2396850585938,
  "tsnr": 82.04387664794922
}