{
  "aor": 0.0028504999999999997,
  "aqi": 0.0026022687,
  "bids_meta": {
    "AcquisitionDateTime": "2015-09-24T16:27:35",
    "BodyPartExamined": "BRAIN",
    "ConversionSoftware": "dcm2nii",
    "ConversionSoftwareVersion": "6-2013",
    "EchoTime": 0.025,
    "FlipAngle": 75.0,
    "ImageType": "ORIGINAL_PRIMARY_EPI_NONE",
    "MagneticFieldStrength": 3.0,
    "Manufacturer": "GE MEDICAL SYSTEMS",
    "ProcedureStepDescription": "Mattfeld_WMAZE",
    "ProtocolName": "Mattfeld_WMAZE",
    "RepetitionTime": 2.0,
    "ScanningSequence": "EP_GR",
    "SequenceVariant": "S_S",
    "SliceTiming": [
      0.0,
      1.0,
      0.047619047619047616,
      1.0476190476190477,
      0.09523809523809523,
      1.0952380952380953,
      0.14285714285714285,
      1.1428571428571428,
      0.19047619047619047,
      1.1904761904761905,
      0.23809523809523808,
      1.2380952380952381,
      0.2857142857142857,
      1.2857142857142858,
      0.3333333333333333,
      1.3333333333333333,
      0.38095238095238093,
      1.380952380952381,
      0.42857142857142855,
      1.4285714285714286,
      0.47619047619047616,
      1.4761904761904763,
      0.5238095238095238,
      1.5238095238095237,
      0.5714285714285714,
      1.5714285714285714,
      0.6190476190476191,
      1.619047619047619,
      0.6666666666666666,
      1.6666666666666667,
      0.7142857142857143,
      1.7142857142857142,
      0.7619047619047619,
      1.7619047619047619,
      0.8095238095238095,
      1.8095238095238095,
      0.8571428571428571,
      1.8571428571428572,
      0.9047619047619048,
      1.9047619047619047,
      0.9523809523809523,
      1.9523809523809523
    ],
    "TaskName": "TODO: full task name for condassoc",
    "modality": "bold",
    "run_id": "06",
    "subject_id": "006",
    "task_id": "condassoc"
  },
  "dummy_trs": 0,
  "dvars_nstd": 17.312154175879396,
  "dvars_std": 1.161013523316583,
  "dvars_vstd": 0.9893524656281409,
  "efc": 0.4638154816924309,
  "fber": 40395.984375,
  "fd_mean": 0.04283071327649611,
  "fd_num": 0,
  "fd_perc": 0.0,
  "fwhm_avg": 2.8933727592074234,
  "fwhm_x": 2.8423760000000002,
  "fwhm_y": 3.1493279999999997,
  "fwhm_z": 2.6884142776222695,
  "gcor": 0.0096364,
  "gsr_x": -0.017343608662486076,
  "gsr_y": 0.03585798293352127,
  "provenance": {
    "md5sum": "380634403c024298247771249708cd87",
    "settings": {
      "fd_thres": 0.2,
      "hmc_fsl": false
    },
    "software": "mriqc",
    "version": "0.11.0",
    "webapi_port": null,
    "webapi_url": null
  },
  "size_t": 200,
  "size_x": 96,
  "size_y": 96,
  "size_z": 42,
  "snr": 3.890632007478689,
  "spacing_tr": 2.0,
  "spacing_x": 2.5,
  "spacing_y": 2.5,
  "spacing_z": 3.0000510215759277,
  "summary_bg_k": 13.553003176446417,
  "summary_bg_mad": 12.335249900817871,
  "summary_bg_mean": 120.77508544921875,
  "summary_bg_median": 9.0,
  "summary_bg_n": 263502.0,
  "summary_bg_p05": 0.22999998927116394,
  "summary_bg_p95": 833.9237365722652,
  "summary_bg_stdv": 309.0068359375,
  "summary_fg_k": 0.8920963317838253,
  "summary_fg_mad": 421.27423095703125,
  "summary_fg_mean": 1894.1539306640625,
  "summary_fg_median": 1863.4049072265625,
  "summary_fg_n": 65043.0,
  "summary_fg_p05": 1162.4569580078125,
  "summary_fg_p95": 2722.9333251953117,
  "summary_fg_stdv": 478.9429016113281,
  "tsnr": 81.91226196289062
}