{
  "aor": 0.0021876000000000005,
  "aqi": 0.00224030085,
  "bids_meta": {
    "AcquisitionDateTime": "2015-09-24T15:46:57",
    "BodyPartExamined": "BRAIN",
    "ConversionSoftware": "dcm2nii",
    "ConversionSoftwareVersion": "6-2013",
    "EchoTime": 0.025,
    "FlipAngle": 75.0,
    "ImageType": "ORIGINAL_PRIMARY_EPI_NONE",
    "MagneticFieldStrength": 3.0,
    "Manufacturer": "GE MEDICAL SYSTEMS",
    "ProcedureStepDescription": "Mattfeld_WMAZE",
    "ProtocolName": "Mattfeld_WMAZE",
    "RepetitionTime": 2.0,
    "ScanningSequence": "EP_GR",
    "SequenceVariant": "S_S",
    "SliceTiming": [
      0.0,
      1.0,
      0.047619047619047616,
      1.0476190476190477,
      0.09523809523809523,
      1.0952380952380953,
      0.14285714285714285,
      1.1428571428571428,
      0.19047619047619047,
      1.1904761904761905,
      0.23809523809523808,
      1.2380952380952381,
      0.2857142857142857,
      1.2857142857142858,
      0.3333333333333333,
      1.3333333333333333,
      0.38095238095238093,
      1.380952380952381,
      0.42857142857142855,
      1.4285714285714286,
      0.47619047619047616,
      1.4761904761904763,
      0.5238095238095238,
      1.5238095238095237,
      0.5714285714285714,
      1.5714285714285714,
      0.6190476190476191,
      1.619047619047619,
      0.6666666666666666,
      1.6666666666666667,
      0.7142857142857143,
      1.7142857142857142,
      0.7619047619047619,
      1.7619047619047619,
      0.8095238095238095,
      1.8095238095238095,
      0.8571428571428571,
      1.8571428571428572,
      0.9047619047619048,
      1.9047619047619047,
      0.9523809523809523,
      1.9523809523809523
    ],
    "TaskName": "TODO: full task name for condassoc",
    "modality": "bold",
    "run_id": "01",
    "subject_id": "006",
    "task_id": "condassoc"
  },
  "dummy_trs": 0,
  "dvars_nstd": 19.40736355648242,
  "dvars_std": 1.2484574948743723,
  "dvars_vstd": 0.9990971476381899,
  "efc": 0.46102800843427033,
  "fber": 41467.05078125,
  "fd_mean": 0.043060059087248595,
  "fd_num": 1,
  "fd_perc": 0.5,
  "fwhm_avg": 2.92614309195431,
  "fwhm_x": 2.865964,
  "fwhm_y": 3.2043480000000004,
  "fwhm_z": 2.7081172758629295,
  "gcor": 0.00991962,
  "gsr_x": -0.015711627900600433,
  "gsr_y": 0.02963181585073471,
  "provenance": {
    "md5sum": "c784770a5f3061233bbb1a0aa52a44f7",
    "settings": {
      "fd_thres": 0.2,
      "hmc_fsl": false
    },
    "software": "mriqc",
    "version": "0.11.0",
    "webapi_port": null,
    "webapi_url": null
  },
  "size_t": 200,
  "size_x": 96,
  "size_y": 96,
  "size_z": 42,
  "snr": 3.8222003715957866,
  "spacing_tr": 2.0,
  "spacing_x": 2.5,
  "spacing_y": 2.5,
  "spacing_z": 3.0000510215759277,
  "summary_bg_k": 16.439157855988757,
  "summary_bg_mad": 12.127685546875,
  "summary_bg_mean": 116.54305267333984,
  "summary_bg_median": 8.84999942779541,
  "summary_bg_n": 263089.0,
  "summary_bg_p05": 0.22499999403953552,
  "summary_bg_p95": 802.9019897460927,
  "summary_bg_stdv": 306.5765686035156,
  "summary_fg_k": 0.8787583495944795,
  "summary_fg_mad": 427.9346923828125,
  "summary_fg_mean": 1890.8209228515625,
  "summary_fg_median": 1856.284912109375,
  "summary_fg_n": 65384.0,
  "summary_fg_p05": 1156.254736328125,
  "summary_fg_p95": 2733.755773925781,
  "summary_fg_stdv": 485.6549987792969,
  "tsnr": 87.99003601074219
}