{"AcquisitionDateTime": "1800-01-01T15:23:34", "BodyPartExamined": "BRAIN", "ConversionSoftware": "dcm2nii", "ConversionSoftwareVersion": "6-2013", "EchoTime": 0.00368, "FlipAngle": 12.0, "ImageType": "ORIGINAL_PRIMARY_OTHER", "InversionTime": 0.65, "MagneticFieldStrength": 3.0, "Manufacturer": "GE MEDICAL SYSTEMS", "ProcedureStepDescription": "Mattfeld_WMAZE", "ProtocolName": "Mattfeld_WMAZE", "RepetitionTime": 0.009184, "ScanningSequence": "G_R", "SequenceVariant": "SS_SK"}